{
  "AcquisitionMatrixPE": 256,
  "AcquisitionNumber": 1,
  "AcquisitionTime": "11:45:59.952500",
  "BaseResolution": 256,
  "ConversionSoftware": "dcm2niix",
  "ConversionSoftwareVersion": "v1.0.20180606 GCC4.8.5",
  "DeviceSerialNumber": "18930",
  "DwellTime": 1.08e-05,
  "EchoTime": 0.00231,
  "FlipAngle": 5,
  "ImageOrientationPatientDICOM": [-0.0454868, 0.945177, -0.323374, 0.0230979, -0.322628, -0.946244],
  "ImageType": [
    "ORIGINAL",
    "PRIMARY",
    "M",
    "ND"
],
  "InPlanePhaseEncodingDirectionDICOM": "ROW",
  "InstitutionAddress": "Oxfordlaan_55_Maastricht_22AAA2_Limburg_NL_6229_EV",
  "InstitutionName": "Scannexus",
  "InstitutionalDepartmentName": "MRI_7T",
  "MRAcquisitionType": "3D",
  "MagneticFieldStrength": 6.98,
  "Manufacturer": "Siemens",
  "ManufacturersModelName": "Investigational_Device_7T",
  "Modality": "MR",
  "ParallelReductionFactorInPlane": 3,
  "PartialFourier": 1,
  "PatientPosition": "HFS",
  "PercentPhaseFOV": 100,
  "PhaseEncodingSteps": 255,
  "PhaseResolution": 1,
  "PixelBandwidth": 181,
  "ProcedureStepDescription": "FeDem_Faruk",
  "ProtocolName": "pd_mprage_iso1_angulated",
  "PulseSequenceDetails": "%SiemensSeq%_tfl",
  "ReceiveCoilName": "32Ch_Head_7T",
  "ReconMatrixPE": 256,
  "RepetitionTime": 1.3,
  "SAR": 0.00857591,
  "ScanningSequence": "GR",
  "SequenceName": "_tfl3d1_ns",
  "SequenceVariant": "SP",
  "SeriesDescription": "pd_mprage_iso1_angulated",
  "SeriesNumber": 6,
  "ShimSetting": [13, -7, 398, 630, -94, 85, -109, 93],
  "SliceThickness": 1,
  "SoftwareVersions": "syngo_MR_B17",
  "StationName": "MRC18930",
  "TxRefAmp": 176.225,
  "dcmmeta_affine": [
    [0.9986978769302368, -0.04548683762550354, 0.023097867146134377, -120.1489028930664],
    [0.05051090568304062, 0.9451773166656494, -0.32262754440307617, -50.010215759277344],
    [-0.0071562728844583035, 0.3233741223812103, 0.9462441205978394, -167.47007751464844],
    [0.0, 0.0, 0.0, 1.0]
],
  "dcmmeta_reorient_transform": [
    [0.0, 0.0, -1.0, 255.0],
    [0.0, -1.0, 0.0, 255.0],
    [-1.0, 0.0, 0.0, 255.0],
    [0.0, 0.0, 0.0, 1.0]
],
  "dcmmeta_shape": [256, 256, 256],
  "dcmmeta_slice_dim": 0,
  "dcmmeta_version": 0.6,
  "global": {
    "const": {
      "AcquisitionMatrix": [0, 256, 256, 0],
      "AcquisitionNumber": 1,
      "AcquisitionTime": "114559.952500",
      "AngioFlag": "N",
      "BitsAllocated": 16,
      "BitsStored": 12,
      "Columns": 256,
      "EchoNumbers": 1,
      "EchoTime": 2.31,
      "EchoTrainLength": 1,
      "FlipAngle": 5.0,
      "HighBit": 11,
      "ImageOrientationPatient": [-0.0454868373763, 0.94517729307309, -0.323374136697, 0.02309786726115, -0.3226275454068, -0.946244131011],
      "ImageType": [
        "ORIGINAL",
        "PRIMARY",
        "M",
        "ND"
],
      "ImagedNucleus": "1H",
      "ImagingFrequency": 297.205591,
      "InPlanePhaseEncodingDirection": "ROW",
      "MRAcquisitionType": "3D",
      "MagneticFieldStrength": 6.98,
      "Manufacturer": "SIEMENS",
      "ManufacturerModelName": "Investigational_Device_7T",
      "Modality": "MR",
      "NumberOfAverages": 1.0,
      "NumberOfPhaseEncodingSteps": 255,
      "PercentPhaseFieldOfView": 100.0,
      "PercentSampling": 100.0,
      "PerformedProcedureStepStartTime": "111801.937000",
      "PhotometricInterpretation": "MONOCHROME2",
      "PixelBandwidth": 181.0,
      "PixelRepresentation": 0,
      "PixelSpacing": [1.0, 1.0],
      "ProtocolName": "pd_mprage_iso1_angulated",
      "RepetitionTime": 1300.0,
      "Rows": 256,
      "SAR": 0.00857591182925,
      "SamplesPerPixel": 1,
      "ScanningSequence": "GR",
      "SequenceName": "*tfl3d1_ns",
      "SequenceVariant": "SP",
      "SeriesDescription": "pd_mprage_iso1_angulated",
      "SeriesNumber": 6,
      "SeriesTime": "114847.781000",
      "SliceThickness": 1.0,
      "SmallestImagePixelValue": 0,
      "SoftwareVersions": "syngo MR B17",
      "SpecificCharacterSet": "ISO_IR 100",
      "StudyID": "1",
      "StudyTime": "111801.890000",
      "TransmitCoilName": "32Ch_Head_7T",
      "VariableFlipAngleFlag": "N",
      "WindowCenterWidthExplanation": "Algo1",
      "dBdt": 0.0},
