{
  "AcquisitionMatrixPE": 188,
  "AcquisitionNumber": 1,
  "AcquisitionTime": "16:28:50.117500",
  "BandwidthPerPixelPhaseEncode": 19.46,
  "BaseResolution": 188,
  "ConversionSoftware": "dcm2niix",
  "ConversionSoftwareVersion": "v1.0.20180606 GCC4.8.5",
  "DerivedVendorReportedEchoSpacing": 0.000820013,
  "DeviceSerialNumber": "18930",
  "DwellTime": 1.9e-06,
  "EchoTime": 0.0338,
  "EffectiveEchoSpacing": 0.000273338,
  "FlipAngle": 90,
  "ImageComments": "Unaliased_MB2_PE2",
  "ImageOrientationPatientDICOM": [0.996545, 0.071392, -0.0424513, -0.059505, 0.257068, -0.96456],
  "ImageType": [
    "ORIGINAL",
    "PRIMARY",
    "M",
    "MB",
    "ND",
    "MOSAIC"
],
  "InPlanePhaseEncodingDirectionDICOM": "COL",
  "InstitutionAddress": "Oxfordlaan_55_Maastricht_12C0A2_Limburg_NL_6229_EV",
  "InstitutionName": "Scannexus",
  "InstitutionalDepartmentName": "MRI_7T",
  "MRAcquisitionType": "2D",
  "MagneticFieldStrength": 6.98,
  "Manufacturer": "Siemens",
  "ManufacturersModelName": "Investigational_Device_7T",
  "Modality": "MR",
  "MultibandAccelerationFactor": 2,
  "ParallelReductionFactorInPlane": 3,
  "PartialFourier": 0.75,
  "PatientPosition": "HFS",
  "PercentPhaseFOV": 100,
  "PhaseEncodingDirection": "j",
  "PhaseEncodingSteps": 141,
  "PhaseResolution": 1,
  "PixelBandwidth": 1400,
  "ProcedureStepDescription": "FeDem_fMRI",
  "ProtocolName": "cmrr_mbep2d_se_AP",
  "PulseSequenceDetails": "%CustomerSeq%_cmrr_mbep2d_se",
  "ReceiveCoilName": "32Ch_Head_7T",
  "ReconMatrixPE": 188,
  "RepetitionTime": 2,
  "SAR": 0.0862028,
  "ScanOptions": "PFP_FS",
  "ScanningSequence": "EP",
  "SequenceName": "epse2d1_188",
  "SequenceVariant": "SK",
  "SeriesDescription": "cmrr_mbep2d_se_AP",
  "SeriesNumber": 25,
  "ShimSetting": [99, -122, 330, 334, 89, 263, -5, 103],
  "SliceThickness": 1.1,
  "SliceTiming": [0, 1.0425, 0.08, 1.1225, 0.16, 1.205, 0.24, 1.285, 0.32, 1.365, 0.4, 1.445, 0.48, 1.525, 0.5625, 1.605, 0.6425, 1.685, 0.7225, 1.765, 0.8025, 1.845, 0.8825, 1.9275, 0.9625, 0, 1.0425, 0.08, 1.1225, 0.16, 1.205, 0.24, 1.285, 0.32, 1.365, 0.4, 1.445, 0.48, 1.525, 0.5625, 1.605, 0.6425, 1.685, 0.7225, 1.765, 0.8025, 1.845, 0.8825, 1.9275, 0.9625],
  "SoftwareVersions": "syngo_MR_B17",
  "SpacingBetweenSlices": 1.1,
  "StationName": "MRC18930",
  "TotalReadoutTime": 0.0511141,
  "TxRefAmp": 205,
  "dcmmeta_affine": [
    [-1.0919584035873413, -0.0652022585272789, 0.06374382227659225, 105.15847778320312],
    [-0.07822737097740173, 0.28168073296546936, -1.0601274967193604, 33.99343490600586],
    [-0.04651574790477753, 1.0569111108779907, 0.2864704132080078, -112.76265716552734],
    [0.0, 0.0, 0.0, 1.0]
],
  "dcmmeta_reorient_transform": [
    [0.0, -1.0, 0.0, 187.0],
    [1.0, 0.0, 0.0, 0.0],
    [0.0, 0.0, 1.0, 0.0],
    [0.0, 0.0, 0.0, 1.0]
],
  "dcmmeta_shape": [188, 188, 50, 5],
  "dcmmeta_slice_dim": 2,
  "dcmmeta_version": 0.6,
  "global": {
    "const": {
      "AcquisitionMatrix": [188, 0, 0, 188],
      "AngioFlag": "N",
      "BitsAllocated": 16,
      "BitsStored": 12,
      "Columns": 1504,
      "EchoNumbers": 1,
      "EchoTime": 33.8,
      "EchoTrainLength": 1,
      "FlipAngle": 90.0,
      "HighBit": 11,
      "ImageOrientationPatient": [0.99654456852406, 0.07139196939102, -0.0424512620739, -0.0595049692782, 0.25706785386247, -0.9645596286087],
      "ImagePositionPatient": [-768.57123455832, -323.48727863962, 810.93460509698],
      "ImageType": [
        "ORIGINAL",
        "PRIMARY",
        "M",
        "MB",
        "ND",
        "MOSAIC"
],
      "ImagedNucleus": "1H",
      "ImagingFrequency": 297.205863,
      "InPlanePhaseEncodingDirection": "COL",
      "MRAcquisitionType": "2D",
      "MagneticFieldStrength": 6.98,
      "Manufacturer": "SIEMENS",
      "ManufacturerModelName": "Investigational_Device_7T",
      "Modality": "MR",
      "NumberOfAverages": 1.0,
      "NumberOfPhaseEncodingSteps": 141,
      "PercentPhaseFieldOfView": 100.0,
      "PercentSampling": 100.0,
      "PerformedProcedureStepStartTime": "140749.156000",
      "PhotometricInterpretation": "MONOCHROME2",
      "PixelBandwidth": 1400.0,
      "PixelRepresentation": 0,
      "PixelSpacing": [1.0957447290421, 1.0957447290421],
      "ProtocolName": "cmrr_mbep2d_se_AP",
      "RepetitionTime": 2000.0,
      "Rows": 1504,
      "SAR": 0.08620278676222,
      "SamplesPerPixel": 1,
      "ScanOptions": [
        "PFP",
        "FS"
],
      "ScanningSequence": "EP",
      "SequenceName": "epse2d1_188",
      "SequenceVariant": "SK",
      "SeriesDescription": "cmrr_mbep2d_se_AP",
      "SeriesNumber": 25,
      "SeriesTime": "162900.875000",
      "SliceLocation": -56.033968537328,
      "SliceThickness": 1.1000000238419,
      "SmallestImagePixelValue": 0,
      "SoftwareVersions": "syngo MR B17",
      "SpacingBetweenSlices": 1.0999995212157,
      "SpecificCharacterSet": "ISO_IR 100",
      "StudyID": "1",
      "StudyTime": "140749.109000",
      "TransmitCoilName": "32Ch_Head_7T",
      "VariableFlipAngleFlag": "N",
      "WindowCenterWidthExplanation": "Algo1",
      "dBdt": 0.0},
    "slices": {}
  },
  "time": {
    "samples": {
      "AcquisitionNumber": [1, 2, 3, 4, 5],
      "AcquisitionTime": ["162850.117500", "162852.125000", "162854.132500", "162856.140000", "162858.150000"],
      "ContentTime": ["162900.875000", "162901.375000", "162901.875000", "162902.375000", "162902.640000"],
      "InstanceCreationTime": ["162900.875000", "162901.375000", "162901.875000", "162902.375000", "162902.640000"],
      "InstanceNumber": [1, 2, 3, 4, 5],
      "LargestImagePixelValue": [3322, 3247, 3359, 3299, 3309],
      "WindowCenter": [558.0, 557.0, 557.0, 557.0, 556.0],
      "WindowWidth": [1197.0, 1195.0, 1197.0, 1196.0, 1194.0]
    },
    "slices": {}
  }
}