{
  "AcquisitionMatrixPE": 188,
  "AcquisitionNumber": 1,
  "AcquisitionTime": "14:46:13.177500",
  "BandwidthPerPixelPhaseEncode": 19.46,
  "BaseResolution": 188,
  "ConversionSoftware": "dcm2niix",
  "ConversionSoftwareVersion": "v1.0.20180606 GCC4.8.5",
  "DelayTime": 1.2,
  "DerivedVendorReportedEchoSpacing": 0.000820013,
  "DeviceSerialNumber": "18930",
  "DwellTime": 1.9e-06,
  "EchoTime": 0.02,
  "EffectiveEchoSpacing": 0.000273338,
  "FlipAngle": 80,
  "ImageComments": "Unaliased_MB2_PE2",
  "ImageOrientationPatientDICOM": [0.997146, 0.0655968, -0.0373852, -0.0554599, 0.300366, -0.95221],
  "ImageType": [
    "ORIGINAL",
    "PRIMARY",
    "M",
    "MB",
    "ND",
    "MOSAIC"
],
  "InPlanePhaseEncodingDirectionDICOM": "COL",
  "InstitutionAddress": "Oxfordlaan_55_Maastricht_Limburg_NL_6229_EV",
  "InstitutionName": "Scannexus",
  "InstitutionalDepartmentName": "MRI_7T",
  "MRAcquisitionType": "2D",
  "MagneticFieldStrength": 6.98,
  "Manufacturer": "Siemens",
  "ManufacturersModelName": "Investigational_Device_7T",
  "Modality": "MR",
  "MultibandAccelerationFactor": 2,
  "ParallelReductionFactorInPlane": 3,
  "PartialFourier": 0.75,
  "PatientPosition": "HFS",
  "PercentPhaseFOV": 100,
  "PhaseEncodingDirection": "j",
  "PhaseEncodingSteps": 141,
  "PhaseResolution": 1,
  "PixelBandwidth": 1400,
  "ProcedureStepDescription": "FeDem_Faruk",
  "ProtocolName": "cmrr_mbep2d_bold_AP",
  "PulseSequenceDetails": "%CustomerSeq%_cmrr_mbep2d_bold",
  "ReceiveCoilName": "32Ch_Head_7T",
  "ReconMatrixPE": 188,
  "RepetitionTime": 2.6,
  "SAR": 0.0291405,
  "ScanOptions": "PFP_FS",
  "ScanningSequence": "EP",
  "SequenceName": "epfid2d1_188",
  "SequenceVariant": "SK_SS",
  "SeriesDescription": "cmrr_mbep2d_bold_AP",
  "SeriesNumber": 8,
  "ShimSetting": [70, -194, 546, 562, -84, -161, 15, 129],
  "SliceThickness": 1.1,
  "SliceTiming": [0, 0.735, 0.0625, 0.795, 0.1225, 0.855, 0.185, 0.9175, 0.245, 0.9775, 0.305, 1.04, 0.3675, 1.1, 0.4275, 1.1625, 0.49, 1.2225, 0.55, 1.285, 0.6125, 1.345, 0.6725, 0, 0.735, 0.0625, 0.795, 0.1225, 0.855, 0.185, 0.9175, 0.245, 0.9775, 0.305, 1.04, 0.3675, 1.1, 0.4275, 1.1625, 0.49, 1.2225, 0.55, 1.285, 0.6125, 1.345, 0.6725],
  "SoftwareVersions": "syngo_MR_B17",
  "SpacingBetweenSlices": 1.1,
  "StationName": "MRC18930",
  "TotalReadoutTime": 0.0511141,
  "TxRefAmp": 250,
  "dcmmeta_affine": [
    [-1.0926170349121094, -0.06076992675662041, 0.05635593459010124, 105.78306579589844],
    [-0.07187733054161072, 0.3291241228580475, -1.0467216968536377, 13.95902156829834],
    [-0.04096466675400734, 1.043379545211792, 0.3334607481956482, -109.1678466796875],
    [0.0, 0.0, 0.0, 1.0]
],
  "dcmmeta_reorient_transform": [
    [0.0, -1.0, 0.0, 187.0],
    [1.0, 0.0, 0.0, 0.0],
    [0.0, 0.0, 1.0, 0.0],
    [0.0, 0.0, 0.0, 1.0]
],
  "dcmmeta_shape": [188, 188, 46, 5],
  "dcmmeta_slice_dim": 2,
  "dcmmeta_version": 0.6,
  "global": {
    "const": {
      "AcquisitionMatrix": [188, 0, 0, 188],
      "AngioFlag": "N",
      "BitsAllocated": 16,
      "BitsStored": 12,
      "Columns": 1316,
      "EchoNumbers": 1,
      "EchoTime": 20.0,
      "EchoTrainLength": 1,
      "FlipAngle": 80.0,
      "HighBit": 11,
      "ImageOrientationPatient": [0.99714562963932, 0.06559678296431, -0.0373852291144, -0.0554599301747, 0.30036568996081, -0.9522104013501],
      "ImagePositionPatient": [-676.38087808259, -301.67005077497, 697.51424994947],
      "ImageType": [
        "ORIGINAL",
        "PRIMARY",
        "M",
        "MB",
        "ND",
        "MOSAIC"
],
      "ImagedNucleus": "1H",
      "ImagingFrequency": 297.205412,
      "InPlanePhaseEncodingDirection": "COL",
      "LargestImagePixelValue": 4095,
      "MRAcquisitionType": "2D",
      "MagneticFieldStrength": 6.98,
      "Manufacturer": "SIEMENS",
      "ManufacturerModelName": "Investigational_Device_7T",
      "Modality": "MR",
      "NumberOfAverages": 1.0,
      "NumberOfPhaseEncodingSteps": 141,
      "PercentPhaseFieldOfView": 100.0,
      "PercentSampling": 100.0,
      "PerformedProcedureStepStartTime": "141500.968000",
      "PhotometricInterpretation": "MONOCHROME2",
      "PixelBandwidth": 1400.0,
      "PixelRepresentation": 0,
      "PixelSpacing": [1.0957447290421, 1.0957447290421],
      "ProtocolName": "cmrr_mbep2d_bold_AP",
      "RepetitionTime": 2600.0,
      "Rows": 1316,
      "SAR": 0.02914049049383,
      "SamplesPerPixel": 1,
      "ScanOptions": [
        "PFP",
        "FS"
],
      "ScanningSequence": "EP",
      "SequenceName": "epfid2d1_188",
      "SequenceVariant": [
        "SK",
        "SS"
],
      "SeriesDescription": "cmrr_mbep2d_bold_AP",
      "SeriesNumber": 8,
      "SeriesTime": "144629.234000",
      "SliceLocation": -40.957208464512,
      "SliceThickness": 1.1000000238419,
      "SmallestImagePixelValue": 0,
      "SoftwareVersions": "syngo MR B17",
      "SpacingBetweenSlices": 1.0999993098325,
      "SpecificCharacterSet": "ISO_IR 100",
      "StudyID": "1",
      "StudyTime": "141500.890000",
      "TransmitCoilName": "32Ch_Head_7T",
      "VariableFlipAngleFlag": "N",
      "WindowCenterWidthExplanation": "Algo1",
      "dBdt": 0.0},
    "slices": {}
  },
  "time": {
    "samples": {
      "AcquisitionNumber": [1, 2, 3, 4, 5],
      "AcquisitionTime": ["144613.177500", "144615.787500", "144618.400000", "144621.010000", "144623.620000"],
      "ContentTime": ["144629.234000", "144629.234000", "144629.234000", "144629.234000", "144632.734000"],
      "InstanceCreationTime": ["144629.234000", "144629.234000", "144629.234000", "144629.234000", "144632.734000"],
      "InstanceNumber": [1, 2, 3, 4, 5],
      "WindowCenter": [976.0, 974.0, 974.0, 975.0, 975.0],
      "WindowWidth": [2221.0, 2216.0, 2215.0, 2219.0, 2219.0]
    },
    "slices": {}
  }
}