{
  "AcquisitionMatrixPE": 200,
  "AcquisitionNumber": 1,
  "AcquisitionTime": "15:15:23.765000",
  "BandwidthPerPixelPhaseEncode": 18.293,
  "BaseResolution": 200,
  "ConversionSoftware": "dcm2niix",
  "ConversionSoftwareVersion": "v1.0.20180606 GCC4.8.5",
  "DerivedVendorReportedEchoSpacing": 0.000819986,
  "DeviceSerialNumber": "18930",
  "DwellTime": 1.8e-06,
  "EchoTime": 0.0756,
  "EffectiveEchoSpacing": 0.000273329,
  "FlipAngle": 90,
  "ImageComments": "Unaliased_MB2_PE4_SENSE1",
  "ImageOrientationPatientDICOM": [0.998681, 0.0499806, -0.0117156, -0.0497999, 0.887844, -0.457441],
  "ImageType": [
    "ORIGINAL",
    "PRIMARY",
    "DIFFUSION",
    "NONE",
    "MB",
    "ND",
    "MOSAIC"
],
  "InPlanePhaseEncodingDirectionDICOM": "COL",
  "InstitutionAddress": "Oxfordlaan_55_Maastricht_12C0A2_Limburg_NL_6229_EV",
  "InstitutionName": "Scannexus",
  "InstitutionalDepartmentName": "MRI_7T",
  "MRAcquisitionType": "2D",
  "MagneticFieldStrength": 6.98,
  "Manufacturer": "Siemens",
  "ManufacturersModelName": "Investigational_Device_7T",
  "Modality": "MR",
  "MultibandAccelerationFactor": 2,
  "ParallelReductionFactorInPlane": 3,
  "PartialFourier": 0.75,
  "PatientPosition": "HFS",
  "PercentPhaseFOV": 100,
  "PhaseEncodingDirection": "j",
  "PhaseEncodingSteps": 150,
  "PhaseResolution": 1,
  "PixelBandwidth": 1389,
  "ProcedureStepDescription": "FeDem_fMRI",
  "ProtocolName": "DWI_PA_dir76",
  "PulseSequenceDetails": "%CustomerSeq%_eja_ep2d_diff",
  "ReceiveCoilName": "32Ch_Head_7T",
  "ReconMatrixPE": 200,
  "RepetitionTime": 7.08,
  "SAR": 0.110147,
  "ScanOptions": "PFP",
  "ScanningSequence": "EP",
  "SequenceName": "ep_b65#1",
  "SequenceVariant": "SK_SS",
  "SeriesDescription": "DWI_PA_dir76",
  "SeriesNumber": 12,
  "ShimSetting": [99, -122, 330, 334, 89, 263, -5, 103],
  "SliceThickness": 1.05,
  "SliceTiming": [0, 5.2775, 3.445, 1.615, 6.8925, 5.06, 3.23, 1.4, 6.6775, 4.845, 3.015, 1.185, 6.46, 4.63, 2.8, 0.97, 6.245, 4.415, 2.585, 0.7525, 6.03, 4.2, 2.37, 0.5375, 5.815, 3.985, 2.1525, 0.3225, 5.6, 3.77, 1.9375, 0.1075, 5.385, 3.5525, 1.7225, 7, 5.17, 3.3375, 1.5075, 6.785, 4.9525, 3.1225, 1.2925, 6.57, 4.7375, 2.9075, 1.0775, 6.3525, 4.5225, 2.6925, 0.8625, 6.1375, 4.3075, 2.4775, 0.645, 5.9225, 4.0925, 2.2625, 0.43, 5.7075, 3.8775, 2.045, 0.215, 5.4925, 3.66, 1.83, 0, 5.2775, 3.445, 1.615, 6.8925, 5.06, 3.23, 1.4, 6.6775, 4.845, 3.015, 1.185, 6.46, 4.63, 2.8, 0.97, 6.245, 4.415, 2.585, 0.7525, 6.03, 4.2, 2.37, 0.5375, 5.815, 3.985, 2.1525, 0.3225, 5.6, 3.77, 1.9375, 0.1075, 5.385, 3.5525, 1.7225, 7, 5.17, 3.3375, 1.5075, 6.785, 4.9525, 3.1225, 1.2925, 6.57, 4.7375, 2.9075, 1.0775, 6.3525, 4.5225, 2.6925, 0.8625, 6.1375, 4.3075, 2.4775, 0.645, 5.9225, 4.0925, 2.2625, 0.43, 5.7075, 3.8775, 2.045, 0.215, 5.4925, 3.66, 1.83],
  "SoftwareVersions": "syngo_MR_B17",
  "SpacingBetweenSlices": 1.05,
  "StationName": "MRC18930",
  "TotalReadoutTime": 0.0543924,
  "TxRefAmp": 205,
  "dcmmeta_affine": [
    [-1.0486154556274414, -0.052289895713329315, 0.013084660284221172, 109.09134674072266],
    [-0.05247967690229416, 0.93223637342453, -0.4802931547164917, -52.28600311279297],
    [-0.012301403097808361, 0.4803134799003601, 0.933621346950531, -113.88436889648438],
    [0.0, 0.0, 0.0, 1.0]
],
  "dcmmeta_reorient_transform": [
    [0.0, -1.0, 0.0, 199.0],
    [1.0, 0.0, 0.0, 0.0],
    [0.0, 0.0, 1.0, 0.0],
    [0.0, 0.0, 0.0, 1.0]
],
  "dcmmeta_shape": [200, 200, 132, 76],
  "dcmmeta_slice_dim": 2,
  "dcmmeta_version": 0.6,
  "global": {
    "const": {
      "AcquisitionMatrix": [200, 0, 0, 200],
      "AngioFlag": "N",
      "BitsAllocated": 16,
      "BitsStored": 12,
      "Columns": 2400,
      "EchoNumbers": 1,
      "EchoTime": 75.6,
      "EchoTrainLength": 1,
      "FlipAngle": 90.0,
      "HighBit": 11,
      "ImageOrientationPatient": [0.99868147022872, 0.04998064846348, -0.0117156220903, -0.0497999019168, 0.8878441886289, -0.4574414350351],
      "ImagePositionPatient": [-1194.643817774, -1216.4166682892, 523.57438857009],
      "ImageType": [
        "ORIGINAL",
        "PRIMARY",
        "DIFFUSION",
        "NONE",
        "MB",
        "ND",
        "MOSAIC"
],
      "ImagedNucleus": "1H",
      "ImagingFrequency": 297.205773,
      "InPlanePhaseEncodingDirection": "COL",
      "MRAcquisitionType": "2D",
      "MagneticFieldStrength": 6.98,
      "Manufacturer": "SIEMENS",
      "ManufacturerModelName": "Investigational_Device_7T",
      "Modality": "MR",
      "NumberOfAverages": 1.0,
      "NumberOfPhaseEncodingSteps": 150,
      "PercentPhaseFieldOfView": 100.0,
      "PercentSampling": 100.0,
      "PerformedProcedureStepStartTime": "140749.156000",
      "PhotometricInterpretation": "MONOCHROME2",
      "PixelBandwidth": 1389.0,
      "PixelRepresentation": 0,
      "PixelSpacing": [1.0499999523163, 1.0499999523163],
      "ProtocolName": "DWI_PA_dir76",
      "RepetitionTime": 7080.0,
      "Rows": 2400,
      "SAR": 0.1101469717129,
      "SamplesPerPixel": 1,
      "ScanOptions": "PFP",
      "ScanningSequence": "EP",
      "SequenceVariant": [
        "SK",
        "SS"
],
      "SeriesDescription": "DWI_PA_dir76",
      "SeriesNumber": 12,
      "SeriesTime": "151545.359000",
      "SliceLocation": -75.985516640012,
      "SliceThickness": 1.0499999523163,
      "SmallestImagePixelValue": 0,
      "SoftwareVersions": "syngo MR B17",
      "SpacingBetweenSlices": 1.0500007442151,
      "SpecificCharacterSet": "ISO_IR 100",
      "StudyID": "1",
      "StudyTime": "140749.109000",
      "TransmitCoilName": "32Ch_Head_7T",
      "VariableFlipAngleFlag": "N",
      "WindowCenterWidthExplanation": "Algo1",
      "dBdt": 0.0},
