{
  "AcquisitionMatrixPE": 256,
  "AcquisitionNumber": 1,
  "AcquisitionTime": "17:34:56.090000",
  "BaseResolution": 256,
  "ConversionSoftware": "dcm2niix",
  "ConversionSoftwareVersion": "v1.0.20180606 GCC4.8.5",
  "DeviceSerialNumber": "18930",
  "DwellTime": 1.08e-05,
  "EchoTime": 0.00231,
  "FlipAngle": 5,
  "ImageOrientationPatientDICOM": [0.0432547, 0.902425, -0.428671, 0.0594698, -0.430637, -0.900564],
  "ImageType": [
    "ORIGINAL",
    "PRIMARY",
    "M",
    "ND"
],
  "InPlanePhaseEncodingDirectionDICOM": "ROW",
  "InstitutionAddress": "Oxfordlaan_55_Maastricht_753AAF_Limburg_NL_6229_EV",
  "InstitutionName": "Scannexus",
  "InstitutionalDepartmentName": "MRI_7T",
  "InversionTime": 1.5,
  "MRAcquisitionType": "3D",
  "MagneticFieldStrength": 6.98,
  "Manufacturer": "Siemens",
  "ManufacturersModelName": "Investigational_Device_7T",
  "Modality": "MR",
  "ParallelReductionFactorInPlane": 3,
  "PartialFourier": 1,
  "PatientPosition": "HFS",
  "PercentPhaseFOV": 100,
  "PhaseEncodingSteps": 255,
  "PhaseResolution": 1,
  "PixelBandwidth": 181,
  "ProcedureStepDescription": "FeDem_Faruk",
  "ProtocolName": "t1_mprage_iso1_angulated",
  "PulseSequenceDetails": "%SiemensSeq%_tfl",
  "ReceiveCoilName": "32Ch_Head_7T",
  "ReconMatrixPE": 256,
  "RepetitionTime": 2.37,
  "SAR": 0.0497552,
  "ScanOptions": "IR",
  "ScanningSequence": "GR_IR",
  "SequenceName": "_tfl3d1_ns",
  "SequenceVariant": "SP_MP",
  "SeriesDescription": "t1_mprage_iso1_angulated",
  "SeriesNumber": 5,
  "ShimSetting": [99, -96, 385, 439, -181, 19, 196, 170],
  "SliceThickness": 1,
  "SoftwareVersions": "syngo_MR_B17",
  "StationName": "MRC18930",
  "TxRefAmp": 188,
  "dcmmeta_affine": [
    [0.9972925186157227, 0.04325466230511665, 0.059469837695360184, -137.15621948242188],
    [-0.013460595160722733, 0.9024247527122498, -0.4306372106075287, -23.587665557861328],
    [-0.07229412347078323, 0.4286707937717438, 0.900563657283783, -175.83998107910156],
    [0.0, 0.0, 0.0, 1.0]
],
  "dcmmeta_reorient_transform": [
    [0.0, 0.0, -1.0, 255.0],
    [0.0, -1.0, 0.0, 255.0],
    [-1.0, 0.0, 0.0, 255.0],
    [0.0, 0.0, 0.0, 1.0]
],
  "dcmmeta_shape": [256, 256, 256],
  "dcmmeta_slice_dim": 0,
  "dcmmeta_version": 0.6,
  "global": {
    "const": {
      "AcquisitionMatrix": [0, 256, 256, 0],
      "AcquisitionNumber": 1,
      "AcquisitionTime": "173456.090000",
      "AngioFlag": "N",
      "BitsAllocated": 16,
      "BitsStored": 12,
      "Columns": 256,
      "EchoNumbers": 1,
      "EchoTime": 2.31,
      "EchoTrainLength": 1,
      "FlipAngle": 5.0,
      "HighBit": 11,
      "ImageOrientationPatient": [0.04325466209443, 0.90242472994178, -0.4286707839317, 0.05946983817333, -0.4306372245548, -0.9005636674747],
      "ImageType": [
        "ORIGINAL",
        "PRIMARY",
        "M",
        "ND"
],
      "ImagedNucleus": "1H",
      "ImagingFrequency": 297.205598,
      "InPlanePhaseEncodingDirection": "ROW",
      "InversionTime": 1500.0,
      "MRAcquisitionType": "3D",
      "MagneticFieldStrength": 6.98,
      "Manufacturer": "SIEMENS",
      "ManufacturerModelName": "Investigational_Device_7T",
      "Modality": "MR",
      "NumberOfAverages": 1.0,
      "NumberOfPhaseEncodingSteps": 255,
      "PercentPhaseFieldOfView": 100.0,
      "PercentSampling": 100.0,
      "PerformedProcedureStepStartTime": "172433.343000",
      "PhotometricInterpretation": "MONOCHROME2",
      "PixelBandwidth": 181.0,
      "PixelRepresentation": 0,
      "PixelSpacing": [1.0, 1.0],
      "ProtocolName": "t1_mprage_iso1_angulated",
      "RepetitionTime": 2370.0,
      "Rows": 256,
      "SAR": 0.04975522040529,
      "SamplesPerPixel": 1,
      "ScanOptions": "IR",
      "ScanningSequence": [
        "GR",
        "IR"
],
      "SequenceName": "*tfl3d1_ns",
      "SequenceVariant": [
        "SP",
        "MP"
],
      "SeriesDescription": "t1_mprage_iso1_angulated",
      "SeriesNumber": 5,
      "SeriesTime": "174000.390000",
      "SliceThickness": 1.0,
      "SmallestImagePixelValue": 0,
      "SoftwareVersions": "syngo MR B17",
      "SpecificCharacterSet": "ISO_IR 100",
      "StudyID": "1",
      "StudyTime": "172433.281000",
      "TransmitCoilName": "32Ch_Head_7T",
      "VariableFlipAngleFlag": "N",
      "WindowCenterWidthExplanation": "Algo1",
      "dBdt": 0.0},
