{
  "AcquisitionMatrixPE": 320,
  "AcquisitionNumber": 1,
  "AcquisitionTime": "17:44:55.077500",
  "BaseResolution": 320,
  "ConversionSoftware": "dcm2niix",
  "ConversionSoftwareVersion": "v1.0.20180606 GCC4.8.5",
  "DeviceSerialNumber": "18930",
  "DwellTime": 8.6e-06,
  "EchoTime": 0.00242,
  "FlipAngle": 5,
  "ImageOrientationPatientDICOM": [-0.0335327, 0.956721, -0.289069, 0.0391088, -0.287754, -0.956905],
  "ImageType": [
    "ORIGINAL",
    "PRIMARY",
    "M",
    "ND"
],
  "InPlanePhaseEncodingDirectionDICOM": "ROW",
  "InstitutionAddress": "Oxfordlaan_55_Maastricht_753AAF_Limburg_NL_6229_EV",
  "InstitutionName": "Scannexus",
  "InstitutionalDepartmentName": "MRI_7T",
  "MRAcquisitionType": "3D",
  "MagneticFieldStrength": 6.98,
  "Manufacturer": "Siemens",
  "ManufacturersModelName": "Investigational_Device_7T",
  "Modality": "MR",
  "ParallelReductionFactorInPlane": 3,
  "PartialFourier": 1,
  "PatientPosition": "HFS",
  "PercentPhaseFOV": 100,
  "PhaseEncodingSteps": 320,
  "PhaseResolution": 1,
  "PixelBandwidth": 182,
  "ProcedureStepDescription": "FeDem_Faruk",
  "ProtocolName": "pd_mprage_iso0.7_angulated",
  "PulseSequenceDetails": "%SiemensSeq%_tfl",
  "ReceiveCoilName": "32Ch_Head_7T",
  "ReconMatrixPE": 320,
  "RepetitionTime": 1.38,
  "SAR": 0.0114667,
  "ScanningSequence": "GR",
  "SequenceName": "_tfl3d1_ns",
  "SequenceVariant": "SP",
  "SeriesDescription": "pd_mprage_iso0.7_angulated",
  "SeriesNumber": 6,
  "ShimSetting": [91, -80, 286, 436, -198, 101, 639, 104],
  "SliceThickness": 0.7,
  "SoftwareVersions": "syngo_MR_B17",
  "StationName": "MRC18930",
  "TxRefAmp": 194.345,
  "dcmmeta_affine": [
    [0.6990705132484436, -0.023472877219319344, 0.027376150712370872, -85.40630340576172],
    [0.0303749218583107, 0.6697045564651489, -0.2014278769493103, -36.07560729980469],
    [-0.01943691447377205, 0.20234833657741547, 0.6698338389396667, -148.61770629882812],
    [0.0, 0.0, 0.0, 1.0]
],
  "dcmmeta_reorient_transform": [
    [0.0, 0.0, -1.0, 319.0],
    [0.0, -1.0, 0.0, 319.0],
    [-1.0, 0.0, 0.0, 255.0],
    [0.0, 0.0, 0.0, 1.0]
],
  "dcmmeta_shape": [256, 320, 320],
  "dcmmeta_slice_dim": 0,
  "dcmmeta_version": 0.6,
  "global": {
    "const": {
      "AcquisitionMatrix": [0, 320, 320, 0],
      "AcquisitionNumber": 1,
      "AcquisitionTime": "174455.077500",
      "AngioFlag": "N",
      "BitsAllocated": 16,
      "BitsStored": 12,
      "Columns": 320,
      "EchoNumbers": 1,
      "EchoTime": 2.42,
      "EchoTrainLength": 1,
      "FlipAngle": 5.0,
      "HighBit": 11,
      "ImageOrientationPatient": [-0.0335326819187, 0.95672077377928, -0.2890690579473, 0.03910878624999, -0.2877541147544, -0.9569054667416],
      "ImageType": [
        "ORIGINAL",
        "PRIMARY",
        "M",
        "ND"
],
      "ImagedNucleus": "1H",
      "ImagingFrequency": 297.205522,
      "InPlanePhaseEncodingDirection": "ROW",
      "MRAcquisitionType": "3D",
      "MagneticFieldStrength": 6.98,
      "Manufacturer": "SIEMENS",
      "ManufacturerModelName": "Investigational_Device_7T",
      "Modality": "MR",
      "NumberOfAverages": 1.0,
      "NumberOfPhaseEncodingSteps": 320,
      "PercentPhaseFieldOfView": 100.0,
      "PercentSampling": 100.0,
      "PerformedProcedureStepStartTime": "171503.781000",
      "PhotometricInterpretation": "MONOCHROME2",
      "PixelBandwidth": 182.0,
      "PixelRepresentation": 0,
      "PixelSpacing": [0.69999998807907, 0.69999998807907],
      "ProtocolName": "pd_mprage_iso0.7_angulated",
      "RepetitionTime": 1380.0,
      "Rows": 320,
      "SAR": 0.01146670279607,
      "SamplesPerPixel": 1,
      "ScanningSequence": "GR",
      "SequenceName": "*tfl3d1_ns",
      "SequenceVariant": "SP",
      "SeriesDescription": "pd_mprage_iso0.7_angulated",
      "SeriesNumber": 6,
      "SeriesTime": "174823.859000",
      "SliceThickness": 0.69999998807907,
      "SmallestImagePixelValue": 0,
      "SoftwareVersions": "syngo MR B17",
      "SpecificCharacterSet": "ISO_IR 100",
      "StudyID": "1",
      "StudyTime": "171503.734000",
      "TransmitCoilName": "32Ch_Head_7T",
      "VariableFlipAngleFlag": "N",
      "WindowCenterWidthExplanation": "Algo1",
      "dBdt": 0.0},
