{
  "AcquisitionMatrixPE": 188,
  "AcquisitionNumber": 1,
  "AcquisitionTime": "18:38:20.802500",
  "BandwidthPerPixelPhaseEncode": 19.46,
  "BaseResolution": 188,
  "ConversionSoftware": "dcm2niix",
  "ConversionSoftwareVersion": "v1.0.20180606 GCC4.8.5",
  "DelayTime": 1.2,
  "DerivedVendorReportedEchoSpacing": 0.000820013,
  "DeviceSerialNumber": "18930",
  "DwellTime": 1.9e-06,
  "EchoTime": 0.02,
  "EffectiveEchoSpacing": 0.000273338,
  "FlipAngle": 80,
  "ImageComments": "Unaliased_MB2_PE2",
  "ImageOrientationPatientDICOM": [0.999286, 0.00236088, 0.0377015, 0.0368885, 0.154005, -0.987381],
  "ImageType": [
    "ORIGINAL",
    "PRIMARY",
    "M",
    "MB",
    "ND",
    "MOSAIC"
],
  "InPlanePhaseEncodingDirectionDICOM": "COL",
  "InstitutionAddress": "Oxfordlaan_55_Maastricht_753AAF_Limburg_NL_6229_EV",
  "InstitutionName": "Scannexus",
  "InstitutionalDepartmentName": "MRI_7T",
  "MRAcquisitionType": "2D",
  "MagneticFieldStrength": 6.98,
  "Manufacturer": "Siemens",
  "ManufacturersModelName": "Investigational_Device_7T",
  "Modality": "MR",
  "MultibandAccelerationFactor": 2,
  "ParallelReductionFactorInPlane": 3,
  "PartialFourier": 0.75,
  "PatientPosition": "HFS",
  "PercentPhaseFOV": 100,
  "PhaseEncodingDirection": "j-",
  "PhaseEncodingSteps": 141,
  "PhaseResolution": 1,
  "PixelBandwidth": 1400,
  "ProcedureStepDescription": "FeDem_Faruk",
  "ProtocolName": "cmrr_mbep2d_bold_PA",
  "PulseSequenceDetails": "%CustomerSeq%_cmrr_mbep2d_bold",
  "ReceiveCoilName": "32Ch_Head_7T",
  "ReconMatrixPE": 188,
  "RepetitionTime": 2.6,
  "SAR": 0.0300235,
  "ScanOptions": "PFP_FS",
  "ScanningSequence": "EP",
  "SequenceName": "epfid2d1_188",
  "SequenceVariant": "SK_SS",
  "SeriesDescription": "cmrr_mbep2d_bold_PA",
  "SeriesNumber": 19,
  "ShimSetting": [99, -96, 385, 439, -181, 19, 196, 170],
  "SliceThickness": 1.1,
  "SliceTiming": [0, 0.7325, 0.06, 0.7925, 0.1225, 0.855, 0.1825, 0.915, 0.2425, 0.9775, 0.305, 1.0375, 0.365, 1.1, 0.4275, 1.16, 0.4875, 1.22, 0.55, 1.2825, 0.61, 1.3425, 0.67, 0, 0.7325, 0.06, 0.7925, 0.1225, 0.855, 0.1825, 0.915, 0.2425, 0.9775, 0.305, 1.0375, 0.365, 1.1, 0.4275, 1.16, 0.4875, 1.22, 0.55, 1.2825, 0.61, 1.3425, 0.67],
  "SoftwareVersions": "syngo_MR_B17",
  "SpacingBetweenSlices": 1.1,
  "StationName": "MRC18930",
  "TotalReadoutTime": 0.0511141,
  "TxRefAmp": 211,
  "dcmmeta_affine": [
    [-1.0949625968933105, 0.040420323610305786, 0.008951017633080482, 97.66874694824219],
    [-0.002586927032098174, 0.1687498539686203, -1.0868732929229736, 28.965606689453125],
    [0.04131116718053818, 1.0819178819656372, 0.16918835043907166, -125.5392074584961],
    [0.0, 0.0, 0.0, 1.0]
],
  "dcmmeta_reorient_transform": [
    [0.0, -1.0, 0.0, 187.0],
    [1.0, 0.0, 0.0, 0.0],
    [0.0, 0.0, 1.0, 0.0],
    [0.0, 0.0, 0.0, 1.0]
],
  "dcmmeta_shape": [188, 188, 46, 5],
  "dcmmeta_slice_dim": 2,
  "dcmmeta_version": 0.6,
  "global": {
    "const": {
      "AcquisitionMatrix": [188, 0, 0, 188],
      "AngioFlag": "N",
      "BitsAllocated": 16,
      "BitsStored": 12,
      "Columns": 1316,
      "EchoNumbers": 1,
      "EchoTime": 20.0,
      "EchoTrainLength": 1,
      "FlipAngle": 80.0,
      "HighBit": 11,
      "ImageOrientationPatient": [0.99928625868659, 0.00236088478569, 0.03770145120789, 0.03688844857755, 0.15400470983213, -0.9873812798059],
      "ImagePositionPatient": [-745.5833429055, -157.15577070534, 663.68158506223],
      "ImageType": [
        "ORIGINAL",
        "PRIMARY",
        "M",
        "MB",
        "ND",
        "MOSAIC"
],
      "ImagedNucleus": "1H",
      "ImagingFrequency": 297.205617,
      "InPlanePhaseEncodingDirection": "COL",
      "LargestImagePixelValue": 4095,
      "MRAcquisitionType": "2D",
      "MagneticFieldStrength": 6.98,
      "Manufacturer": "SIEMENS",
      "ManufacturerModelName": "Investigational_Device_7T",
      "Modality": "MR",
      "NumberOfAverages": 1.0,
      "NumberOfPhaseEncodingSteps": 141,
      "PercentPhaseFieldOfView": 100.0,
      "PercentSampling": 100.0,
      "PerformedProcedureStepStartTime": "172433.343000",
      "PhotometricInterpretation": "MONOCHROME2",
      "PixelBandwidth": 1400.0,
      "PixelRepresentation": 0,
      "PixelSpacing": [1.0957447290421, 1.0957447290421],
      "ProtocolName": "cmrr_mbep2d_bold_PA",
      "RepetitionTime": 2600.0,
      "Rows": 1316,
      "SAR": 0.0300235414907,
      "SamplesPerPixel": 1,
      "ScanOptions": [
        "PFP",
        "FS"
],
      "ScanningSequence": "EP",
      "SequenceName": "epfid2d1_188",
      "SequenceVariant": [
        "SK",
        "SS"
],
      "SeriesDescription": "cmrr_mbep2d_bold_PA",
      "SeriesNumber": 19,
      "SeriesTime": "183829.750000",
      "SliceLocation": -47.134106965826,
      "SliceThickness": 1.1000000238419,
      "SmallestImagePixelValue": 0,
      "SoftwareVersions": "syngo MR B17",
      "SpacingBetweenSlices": 1.0999992311947,
      "SpecificCharacterSet": "ISO_IR 100",
      "StudyID": "1",
      "StudyTime": "172433.281000",
      "TransmitCoilName": "32Ch_Head_7T",
      "VariableFlipAngleFlag": "N",
      "WindowCenterWidthExplanation": "Algo1",
      "dBdt": 0.0},
    "slices": {}
  },
  "time": {
    "samples": {
      "AcquisitionNumber": [1, 2, 3, 4, 5],
      "AcquisitionTime": ["183820.802500", "183823.412500", "183826.022500", "183828.632500", "183831.242500"],
      "ContentTime": ["183829.750000", "183829.750000", "183830.250000", "183832.750000", "183840.187000"],
      "InstanceCreationTime": ["183829.750000", "183829.750000", "183830.250000", "183832.750000", "183840.187000"],
      "InstanceNumber": [1, 2, 3, 4, 5],
      "WindowCenter": [902.0, 901.0, 898.0, 898.0, 898.0],
      "WindowWidth": [2069.0, 2064.0, 2055.0, 2053.0, 2055.0]
    },
    "slices": {}
  }
}