{
  "AcquisitionMatrixPE": 188,
  "AcquisitionNumber": 1,
  "AcquisitionTime": "10:56:16.090000",
  "BandwidthPerPixelPhaseEncode": 19.46,
  "BaseResolution": 188,
  "ConversionSoftware": "dcm2niix",
  "ConversionSoftwareVersion": "v1.0.20180606 GCC4.8.5",
  "DerivedVendorReportedEchoSpacing": 0.000820013,
  "DeviceSerialNumber": "18930",
  "DwellTime": 1.9e-06,
  "EchoTime": 0.02,
  "EffectiveEchoSpacing": 0.000273338,
  "FlipAngle": 75,
  "ImageComments": "Unaliased_MB2_PE2",
  "ImageOrientationPatientDICOM": [0.997004, 0.0061234, -0.0771078, -0.0756998, 0.282095, -0.956395],
  "ImageType": [
    "ORIGINAL",
    "PRIMARY",
    "M",
    "MB",
    "ND",
    "MOSAIC"
],
  "InPlanePhaseEncodingDirectionDICOM": "COL",
  "InstitutionAddress": "Oxfordlaan_55_Maastricht_22AAA2_Limburg_NL_6229_EV",
  "InstitutionName": "Scannexus",
  "InstitutionalDepartmentName": "MRI_7T",
  "MRAcquisitionType": "2D",
  "MagneticFieldStrength": 6.98,
  "Manufacturer": "Siemens",
  "ManufacturersModelName": "Investigational_Device_7T",
  "Modality": "MR",
  "MultibandAccelerationFactor": 2,
  "ParallelReductionFactorInPlane": 3,
  "PartialFourier": 0.75,
  "PatientPosition": "HFS",
  "PercentPhaseFOV": 100,
  "PhaseEncodingDirection": "j",
  "PhaseEncodingSteps": 141,
  "PhaseResolution": 1,
  "PixelBandwidth": 1400,
  "ProcedureStepDescription": "FeDem_Faruk",
  "ProtocolName": "cmrr_mbep2d_bold_AP",
  "PulseSequenceDetails": "%CustomerSeq%_cmrr_mbep2d_bold",
  "ReceiveCoilName": "32Ch_Head_7T",
  "ReconMatrixPE": 188,
  "RepetitionTime": 1.5,
  "SAR": 0.107488,
  "ScanOptions": "PFP_FS",
  "ScanningSequence": "EP",
  "SequenceName": "epfid2d1_188",
  "SequenceVariant": "SK_SS",
  "SeriesDescription": "cmrr_mbep2d_bold_AP",
  "SeriesNumber": 24,
  "ShimSetting": [20, -229, 365, 222, -70, -120, 81, 119],
  "SliceThickness": 1.1,
  "SliceTiming": [0, 0.7825, 0.06, 0.8425, 0.12, 0.9025, 0.18, 0.9625, 0.24, 1.0225, 0.3, 1.085, 0.36, 1.145, 0.4225, 1.205, 0.4825, 1.265, 0.5425, 1.325, 0.6025, 1.385, 0.6625, 1.445, 0.7225, 0, 0.7825, 0.06, 0.8425, 0.12, 0.9025, 0.18, 0.9625, 0.24, 1.0225, 0.3, 1.085, 0.36, 1.145, 0.4225, 1.205, 0.4825, 1.265, 0.5425, 1.325, 0.6025, 1.385, 0.6625, 1.445, 0.7225],
  "SoftwareVersions": "syngo_MR_B17",
  "SpacingBetweenSlices": 1.1,
  "StationName": "MRC18930",
  "TotalReadoutTime": 0.0511141,
  "TxRefAmp": 210,
  "dcmmeta_affine": [
    [-1.0924618244171143, -0.08294761925935745, -0.017484847456216812, 107.10282135009766],
    [-0.006709684617817402, 0.30910369753837585, -1.055303692817688, 22.519765853881836],
    [-0.08449051529169083, 1.047965168952942, 0.30988430976867676, -107.6073989868164],
    [0.0, 0.0, 0.0, 1.0]
],
  "dcmmeta_reorient_transform": [
    [0.0, -1.0, 0.0, 187.0],
    [1.0, 0.0, 0.0, 0.0],
    [0.0, 0.0, 1.0, 0.0],
    [0.0, 0.0, 0.0, 1.0]
],
  "dcmmeta_shape": [188, 188, 50, 400],
  "dcmmeta_slice_dim": 2,
  "dcmmeta_version": 0.6,
  "global": {
    "const": {
      "AcquisitionMatrix": [188, 0, 0, 188],
      "AngioFlag": "N",
      "BitsAllocated": 16,
      "BitsStored": 12,
      "Columns": 1504,
      "EchoNumbers": 1,
      "EchoTime": 20.0,
      "EchoTrainLength": 1,
      "FlipAngle": 75.0,
      "HighBit": 11,
      "ImageOrientationPatient": [0.99700395400325, 0.00612340129913, -0.0771078443378, -0.0756997664295, 0.28209462784422, -0.9563954026991],
      "ImagePositionPatient": [-755.85196721648, -288.12736668486, 833.51796980231],
      "ImageType": [
        "ORIGINAL",
        "PRIMARY",
        "M",
        "MB",
        "ND",
        "MOSAIC"
],
      "ImagedNucleus": "1H",
      "ImagingFrequency": 297.205689,
      "InPlanePhaseEncodingDirection": "COL",
      "MRAcquisitionType": "2D",
      "MagneticFieldStrength": 6.98,
      "Manufacturer": "SIEMENS",
      "ManufacturerModelName": "Investigational_Device_7T",
      "Modality": "MR",
      "NumberOfAverages": 1.0,
      "NumberOfPhaseEncodingSteps": 141,
      "PercentPhaseFieldOfView": 100.0,
      "PercentSampling": 100.0,
      "PerformedProcedureStepStartTime": "085406.250000",
      "PhotometricInterpretation": "MONOCHROME2",
      "PixelBandwidth": 1400.0,
      "PixelRepresentation": 0,
      "PixelSpacing": [1.0957447290421, 1.0957447290421],
      "ProtocolName": "cmrr_mbep2d_bold_AP",
      "RepetitionTime": 1500.0,
      "Rows": 1504,
      "SAR": 0.10748789483696,
      "SamplesPerPixel": 1,
      "ScanOptions": [
        "PFP",
        "FS"
],
      "ScanningSequence": "EP",
      "SequenceName": "epfid2d1_188",
      "SequenceVariant": [
        "SK",
        "SS"
],
      "SeriesDescription": "cmrr_mbep2d_bold_AP",
      "SeriesNumber": 24,
      "SeriesTime": "105625.921000",
      "SliceLocation": -53.62155842062,
      "SliceThickness": 1.1000000238419,
      "SmallestImagePixelValue": 0,
      "SoftwareVersions": "syngo MR B17",
      "SpacingBetweenSlices": 1.0999999941069,
      "SpecificCharacterSet": "ISO_IR 100",
      "StudyID": "1",
      "StudyTime": "085406.203000",
      "TransmitCoilName": "32Ch_Head_7T",
      "VariableFlipAngleFlag": "N",
      "WindowCenterWidthExplanation": "Algo1",
      "dBdt": 0.0},
