{
  "AcquisitionMatrixPE": 188,
  "AcquisitionNumber": 1,
  "AcquisitionTime": "11:07:0.012500",
  "BandwidthPerPixelPhaseEncode": 19.46,
  "BaseResolution": 188,
  "ConversionSoftware": "dcm2niix",
  "ConversionSoftwareVersion": "v1.0.20180606 GCC4.8.5",
  "DelayTime": 1.2,
  "DerivedVendorReportedEchoSpacing": 0.000820013,
  "DeviceSerialNumber": "18930",
  "DwellTime": 1.9e-06,
  "EchoTime": 0.02,
  "EffectiveEchoSpacing": 0.000273338,
  "FlipAngle": 80,
  "ImageComments": "Unaliased_MB2_PE2",
  "ImageOrientationPatientDICOM": [0.996737, 0.0336707, -0.0733536, -0.0801413, 0.304957, -0.948988],
  "ImageType": [
    "ORIGINAL",
    "PRIMARY",
    "M",
    "MB",
    "ND",
    "MOSAIC"
],
  "InPlanePhaseEncodingDirectionDICOM": "COL",
  "InstitutionAddress": "Oxfordlaan_55_Maastricht_22AAA2_Limburg_NL_6229_EV",
  "InstitutionName": "Scannexus",
  "InstitutionalDepartmentName": "MRI_7T",
  "MRAcquisitionType": "2D",
  "MagneticFieldStrength": 6.98,
  "Manufacturer": "Siemens",
  "ManufacturersModelName": "Investigational_Device_7T",
  "Modality": "MR",
  "MultibandAccelerationFactor": 2,
  "ParallelReductionFactorInPlane": 3,
  "PartialFourier": 0.75,
  "PatientPosition": "HFS",
  "PercentPhaseFOV": 100,
  "PhaseEncodingDirection": "j-",
  "PhaseEncodingSteps": 141,
  "PhaseResolution": 1,
  "PixelBandwidth": 1400,
  "ProcedureStepDescription": "FeDem_Faruk",
  "ProtocolName": "cmrr_mbep2d_bold_PA",
  "PulseSequenceDetails": "%CustomerSeq%_cmrr_mbep2d_bold",
  "ReceiveCoilName": "32Ch_Head_7T",
  "ReconMatrixPE": 188,
  "RepetitionTime": 2.6,
  "SAR": 0.0252454,
  "ScanOptions": "PFP_FS",
  "ScanningSequence": "EP",
  "SequenceName": "epfid2d1_188",
  "SequenceVariant": "SK_SS",
  "SeriesDescription": "cmrr_mbep2d_bold_PA",
  "SeriesNumber": 26,
  "ShimSetting": [15, -215, 478, 327, -91, -137, 182, 154],
  "SliceThickness": 1.1,
  "SliceTiming": [0, 0.7325, 0.0625, 0.795, 0.1225, 0.855, 0.1825, 0.9175, 0.245, 0.9775, 0.305, 1.04, 0.3675, 1.1, 0.4275, 1.1625, 0.49, 1.2225, 0.55, 1.2825, 0.6125, 1.345, 0.6725, 0, 0.7325, 0.0625, 0.795, 0.1225, 0.855, 0.1825, 0.9175, 0.245, 0.9775, 0.305, 1.04, 0.3675, 1.1, 0.4275, 1.1625, 0.49, 1.2225, 0.55, 1.2825, 0.6125, 1.345, 0.6725],
  "SoftwareVersions": "syngo_MR_B17",
  "SpacingBetweenSlices": 1.1,
  "StationName": "MRC18930",
  "TotalReadoutTime": 0.0511141,
  "TxRefAmp": 195,
  "dcmmeta_affine": [
    [-1.0921697616577148, -0.08781442046165466, 0.010541694238781929, 107.87567138671875],
    [-0.036894477903842926, 0.33415526151657104, -1.0469473600387573, 20.20237159729004],
    [-0.08037685602903366, 1.0398486852645874, 0.33732661604881287, -111.89640045166016],
    [0.0, 0.0, 0.0, 1.0]
],
  "dcmmeta_reorient_transform": [
    [0.0, -1.0, 0.0, 187.0],
    [1.0, 0.0, 0.0, 0.0],
    [0.0, 0.0, 1.0, 0.0],
    [0.0, 0.0, 0.0, 1.0]
],
  "dcmmeta_shape": [188, 188, 46, 5],
  "dcmmeta_slice_dim": 2,
  "dcmmeta_version": 0.6,
  "global": {
    "const": {
      "AcquisitionMatrix": [188, 0, 0, 188],
      "AngioFlag": "N",
      "BitsAllocated": 16,
      "BitsStored": 12,
      "Columns": 1316,
      "EchoNumbers": 1,
      "EchoTime": 20.0,
      "EchoTrainLength": 1,
      "FlipAngle": 80.0,
      "HighBit": 11,
      "ImageOrientationPatient": [0.99673744275019, 0.03367068607985, -0.0733536305764, -0.0801413088553, 0.30495721589976, -0.9489881280004],
      "ImagePositionPatient": [-657.91081092351, -291.96145804555, 714.3625449662],
      "ImageType": [
        "ORIGINAL",
        "PRIMARY",
        "M",
        "MB",
        "ND",
        "MOSAIC"
],
      "ImagedNucleus": "1H",
      "ImagingFrequency": 297.205603,
      "InPlanePhaseEncodingDirection": "COL",
      "LargestImagePixelValue": 4095,
      "MRAcquisitionType": "2D",
      "MagneticFieldStrength": 6.98,
      "Manufacturer": "SIEMENS",
      "ManufacturerModelName": "Investigational_Device_7T",
      "Modality": "MR",
      "NumberOfAverages": 1.0,
      "NumberOfPhaseEncodingSteps": 141,
      "PercentPhaseFieldOfView": 100.0,
      "PercentSampling": 100.0,
      "PerformedProcedureStepStartTime": "085813.937000",
      "PhotometricInterpretation": "MONOCHROME2",
      "PixelBandwidth": 1400.0,
      "PixelRepresentation": 0,
      "PixelSpacing": [1.0957447290421, 1.0957447290421],
      "ProtocolName": "cmrr_mbep2d_bold_PA",
      "RepetitionTime": 2600.0,
      "Rows": 1316,
      "SAR": 0.02524542712132,
      "SamplesPerPixel": 1,
      "ScanOptions": [
        "PFP",
        "FS"
],
      "ScanningSequence": "EP",
      "SequenceName": "epfid2d1_188",
      "SequenceVariant": [
        "SK",
        "SS"
],
      "SeriesDescription": "cmrr_mbep2d_bold_PA",
      "SeriesNumber": 26,
      "SeriesTime": "110708.859000",
      "SliceLocation": -52.508440897619,
      "SliceThickness": 1.1000000238419,
      "SmallestImagePixelValue": 0,
      "SoftwareVersions": "syngo MR B17",
      "SpacingBetweenSlices": 1.0999995674712,
      "SpecificCharacterSet": "ISO_IR 100",
      "StudyID": "1",
      "StudyTime": "085813.875000",
      "TransmitCoilName": "32Ch_Head_7T",
      "VariableFlipAngleFlag": "N",
      "WindowCenterWidthExplanation": "Algo1",
      "dBdt": 0.0},
    "slices": {}
  },
  "time": {
    "samples": {
      "AcquisitionNumber": [1, 2, 3, 4, 5],
      "AcquisitionTime": ["110700.012500", "110702.622500", "110705.235000", "110707.845000", "110710.455000"],
      "ContentTime": ["110708.875000", "110709.359000", "110709.859000", "110712.359000", "110719.562000"],
      "InstanceCreationTime": ["110708.875000", "110709.359000", "110709.859000", "110712.359000", "110719.562000"],
      "InstanceNumber": [1, 2, 3, 4, 5],
      "WindowCenter": [818.0, 816.0, 816.0, 816.0, 817.0],
      "WindowWidth": [1802.0, 1796.0, 1796.0, 1797.0, 1798.0]
    },
    "slices": {}
  }
}