{
  "AcquisitionMatrixPE": 256,
  "AcquisitionNumber": 1,
  "AcquisitionTime": "08:34:30.090000",
  "BaseResolution": 256,
  "ConversionSoftware": "dcm2niix",
  "ConversionSoftwareVersion": "v1.0.20180606 GCC4.8.5",
  "DeviceSerialNumber": "18930",
  "DwellTime": 1.08e-05,
  "EchoTime": 0.00231,
  "FlipAngle": 5,
  "ImageOrientationPatientDICOM": [-0.0266924, 0.947911, -0.317416, 0.0129443, -0.317174, -0.948279],
  "ImageType": [
    "ORIGINAL",
    "PRIMARY",
    "M",
    "ND"
],
  "InPlanePhaseEncodingDirectionDICOM": "ROW",
  "InstitutionAddress": "Oxfordlaan_55_Maastricht_22AAA2_Limburg_NL_6229_EV",
  "InstitutionName": "Scannexus",
  "InstitutionalDepartmentName": "MRI_7T",
  "InversionTime": 1.5,
  "MRAcquisitionType": "3D",
  "MagneticFieldStrength": 6.98,
  "Manufacturer": "Siemens",
  "ManufacturersModelName": "Investigational_Device_7T",
  "Modality": "MR",
  "ParallelReductionFactorInPlane": 3,
  "PartialFourier": 1,
  "PatientPosition": "HFS",
  "PercentPhaseFOV": 100,
  "PhaseEncodingSteps": 255,
  "PhaseResolution": 1,
  "PixelBandwidth": 181,
  "ProcedureStepDescription": "FeDem_Faruk",
  "ProtocolName": "t1_mprage_iso1_angulated",
  "PulseSequenceDetails": "%SiemensSeq%_tfl",
  "ReceiveCoilName": "32Ch_Head_7T",
  "ReconMatrixPE": 256,
  "RepetitionTime": 2.37,
  "SAR": 0.0478313,
  "ScanOptions": "IR",
  "ScanningSequence": "GR_IR",
  "SequenceName": "_tfl3d1_ns",
  "SequenceVariant": "SP_MP",
  "SeriesDescription": "t1_mprage_iso1_angulated",
  "SeriesNumber": 5,
  "ShimSetting": [33, -58, 487, 457, -151, 72, 370, 98],
  "SliceThickness": 1,
  "SoftwareVersions": "syngo_MR_B17",
  "StationName": "MRC18930",
  "TxRefAmp": 181,
  "dcmmeta_affine": [
    [0.9995598793029785, -0.026692381128668785, 0.012944328598678112, -122.43316650390625],
    [0.029420552775263786, 0.9479107856750488, -0.31717440485954285, -44.85517501831055],
    [-0.0038039288483560085, 0.31741565465927124, 0.9482789039611816, -166.52456665039062],
    [0.0, 0.0, 0.0, 1.0]
],
  "dcmmeta_reorient_transform": [
    [0.0, 0.0, -1.0, 255.0],
    [0.0, -1.0, 0.0, 255.0],
    [-1.0, 0.0, 0.0, 255.0],
    [0.0, 0.0, 0.0, 1.0]
],
  "dcmmeta_shape": [256, 256, 256],
  "dcmmeta_slice_dim": 0,
  "dcmmeta_version": 0.6,
  "global": {
    "const": {
      "AcquisitionMatrix": [0, 256, 256, 0],
      "AcquisitionNumber": 1,
      "AcquisitionTime": "083430.090000",
      "AngioFlag": "N",
      "BitsAllocated": 16,
      "BitsStored": 12,
      "Columns": 256,
      "EchoNumbers": 1,
      "EchoTime": 2.31,
      "EchoTrainLength": 1,
      "FlipAngle": 5.0,
      "HighBit": 11,
      "ImageOrientationPatient": [-0.0266923805022, 0.94791076915532, -0.3174156431912, 0.01294432889452, -0.3171744074893, -0.9482788828099],
      "ImageType": [
        "ORIGINAL",
        "PRIMARY",
        "M",
        "ND"
],
      "ImagedNucleus": "1H",
      "ImagingFrequency": 297.205622,
      "InPlanePhaseEncodingDirection": "ROW",
      "InversionTime": 1500.0,
      "MRAcquisitionType": "3D",
      "MagneticFieldStrength": 6.98,
      "Manufacturer": "SIEMENS",
      "ManufacturerModelName": "Investigational_Device_7T",
      "Modality": "MR",
      "NumberOfAverages": 1.0,
      "NumberOfPhaseEncodingSteps": 255,
      "PercentPhaseFieldOfView": 100.0,
      "PercentSampling": 100.0,
      "PerformedProcedureStepStartTime": "082549.906000",
      "PhotometricInterpretation": "MONOCHROME2",
      "PixelBandwidth": 181.0,
      "PixelRepresentation": 0,
      "PixelSpacing": [1.0, 1.0],
      "ProtocolName": "t1_mprage_iso1_angulated",
      "RepetitionTime": 2370.0,
      "Rows": 256,
      "SAR": 0.04783129322756,
      "SamplesPerPixel": 1,
      "ScanOptions": "IR",
      "ScanningSequence": [
        "GR",
        "IR"
],
      "SequenceName": "*tfl3d1_ns",
      "SequenceVariant": [
        "SP",
        "MP"
],
      "SeriesDescription": "t1_mprage_iso1_angulated",
      "SeriesNumber": 5,
      "SeriesTime": "083935.031000",
      "SliceThickness": 1.0,
      "SmallestImagePixelValue": 0,
      "SoftwareVersions": "syngo MR B17",
      "SpecificCharacterSet": "ISO_IR 100",
      "StudyID": "1",
      "StudyTime": "082549.843000",
      "TransmitCoilName": "32Ch_Head_7T",
      "VariableFlipAngleFlag": "N",
      "WindowCenterWidthExplanation": "Algo1",
      "dBdt": 0.0},
