{
  "AcquisitionMatrixPE": 188,
  "AcquisitionNumber": 1,
  "AcquisitionTime": "08:50:50.067500",
  "BandwidthPerPixelPhaseEncode": 19.46,
  "BaseResolution": 188,
  "ConversionSoftware": "dcm2niix",
  "ConversionSoftwareVersion": "v1.0.20180606 GCC4.8.5",
  "DerivedVendorReportedEchoSpacing": 0.000820013,
  "DeviceSerialNumber": "18930",
  "DwellTime": 1.9e-06,
  "EchoTime": 0.0338,
  "EffectiveEchoSpacing": 0.000273338,
  "FlipAngle": 90,
  "ImageComments": "Unaliased_MB2_PE2",
  "ImageOrientationPatientDICOM": [0.999755, 0.0159539, 0.0153238, 0.0114429, 0.219868, -0.975463],
  "ImageType": [
    "ORIGINAL",
    "PRIMARY",
    "M",
    "MB",
    "ND",
    "MOSAIC"
],
  "InPlanePhaseEncodingDirectionDICOM": "COL",
  "InstitutionAddress": "Oxfordlaan_55_Maastricht_12C0A2_Limburg_NL_6229_EV",
  "InstitutionName": "Scannexus",
  "InstitutionalDepartmentName": "MRI_7T",
  "MRAcquisitionType": "2D",
  "MagneticFieldStrength": 6.98,
  "Manufacturer": "Siemens",
  "ManufacturersModelName": "Investigational_Device_7T",
  "Modality": "MR",
  "MultibandAccelerationFactor": 2,
  "ParallelReductionFactorInPlane": 3,
  "PartialFourier": 0.75,
  "PatientPosition": "HFS",
  "PercentPhaseFOV": 100,
  "PhaseEncodingDirection": "j-",
  "PhaseEncodingSteps": 141,
  "PhaseResolution": 1,
  "PixelBandwidth": 1400,
  "ProcedureStepDescription": "FeDem_Faruk",
  "ProtocolName": "cmrr_mbep2d_se_PA",
  "PulseSequenceDetails": "%CustomerSeq%_cmrr_mbep2d_se",
  "ReceiveCoilName": "32Ch_Head_7T",
  "ReconMatrixPE": 188,
  "RepetitionTime": 2,
  "SAR": 0.0643981,
  "ScanOptions": "PFP_FS",
  "ScanningSequence": "EP",
  "SequenceName": "epse2d1_188",
  "SequenceVariant": "SK",
  "SeriesDescription": "cmrr_mbep2d_se_PA",
  "SeriesNumber": 9,
  "ShimSetting": [110, -39, 352, 551, 168, 265, -75, 84],
  "SliceThickness": 1.1,
  "SliceTiming": [0, 1.0475, 0.0875, 1.135, 0.175, 1.2225, 0.2625, 1.31, 0.35, 1.3975, 0.4375, 1.485, 0.525, 1.5725, 0.6125, 1.66, 0.7, 1.7475, 0.785, 1.8325, 0.8725, 1.92, 0.96, 0, 1.0475, 0.0875, 1.135, 0.175, 1.2225, 0.2625, 1.31, 0.35, 1.3975, 0.4375, 1.485, 0.525, 1.5725, 0.6125, 1.66, 0.7, 1.7475, 0.785, 1.8325, 0.8725, 1.92, 0.96],
  "SoftwareVersions": "syngo_MR_B17",
  "SpacingBetweenSlices": 1.1,
  "StationName": "MRC18930",
  "TotalReadoutTime": 0.0511141,
  "TxRefAmp": 185,
  "dcmmeta_affine": [
    [-1.0954766273498535, 0.01253844890743494, 0.020824775099754333, 103.05207061767578],
    [-0.017481371760368347, 0.24091887474060059, -1.072939157485962, 21.7925968170166],
    [0.016790976747870445, 1.068858027458191, 0.24159446358680725, -118.5307388305664],
    [0.0, 0.0, 0.0, 1.0]
],
  "dcmmeta_reorient_transform": [
    [0.0, -1.0, 0.0, 187.0],
    [1.0, 0.0, 0.0, 0.0],
    [0.0, 0.0, 1.0, 0.0],
    [0.0, 0.0, 0.0, 1.0]
],
  "dcmmeta_shape": [188, 188, 46, 5],
  "dcmmeta_slice_dim": 2,
  "dcmmeta_version": 0.6,
  "global": {
    "const": {
      "AcquisitionMatrix": [188, 0, 0, 188],
      "AngioFlag": "N",
      "BitsAllocated": 16,
      "BitsStored": 12,
      "Columns": 1316,
      "EchoNumbers": 1,
      "EchoTime": 33.8,
      "EchoTrainLength": 1,
      "FlipAngle": 90.0,
      "HighBit": 11,
      "ImageOrientationPatient": [0.99975529757439, 0.01595387187901, 0.01532380318392, 0.01144285575767, 0.21986769448517, -0.9754625866602],
      "ImagePositionPatient": [-730.3172498117, -212.58215876731, 674.711499811],
      "ImageType": [
        "ORIGINAL",
        "PRIMARY",
        "M",
        "MB",
        "ND",
        "MOSAIC"
],
      "ImagedNucleus": "1H",
      "ImagingFrequency": 297.205712,
      "InPlanePhaseEncodingDirection": "COL",
      "MRAcquisitionType": "2D",
      "MagneticFieldStrength": 6.98,
      "Manufacturer": "SIEMENS",
      "ManufacturerModelName": "Investigational_Device_7T",
      "Modality": "MR",
      "NumberOfAverages": 1.0,
      "NumberOfPhaseEncodingSteps": 141,
      "PercentPhaseFieldOfView": 100.0,
      "PercentSampling": 100.0,
      "PerformedProcedureStepStartTime": "080807.562000",
      "PhotometricInterpretation": "MONOCHROME2",
      "PixelBandwidth": 1400.0,
      "PixelRepresentation": 0,
      "PixelSpacing": [1.0957447290421, 1.0957447290421],
      "ProtocolName": "cmrr_mbep2d_se_PA",
      "RepetitionTime": 2000.0,
      "Rows": 1316,
      "SAR": 0.06439811427326,
      "SamplesPerPixel": 1,
      "ScanOptions": [
        "PFP",
        "FS"
],
      "ScanningSequence": "EP",
      "SequenceName": "epse2d1_188",
      "SequenceVariant": "SK",
      "SeriesDescription": "cmrr_mbep2d_se_PA",
      "SeriesNumber": 9,
      "SeriesTime": "085059.968000",
      "SliceLocation": -45.33860373539,
      "SliceThickness": 1.1000000238419,
      "SmallestImagePixelValue": 0,
      "SoftwareVersions": "syngo MR B17",
      "SpacingBetweenSlices": 1.0999999744075,
      "SpecificCharacterSet": "ISO_IR 100",
      "StudyID": "1",
      "StudyTime": "080807.515000",
      "TransmitCoilName": "32Ch_Head_7T",
      "VariableFlipAngleFlag": "N",
      "WindowCenterWidthExplanation": "Algo1",
      "dBdt": 0.0},
    "slices": {}
  },
  "time": {
    "samples": {
      "AcquisitionNumber": [1, 2, 3, 4, 5],
      "AcquisitionTime": ["085050.067500", "085052.075000", "085054.085000", "085056.092500", "085058.100000"],
      "ContentTime": ["085059.968000", "085100.468000", "085100.968000", "085101.468000", "085102.218000"],
      "InstanceCreationTime": ["085059.968000", "085100.468000", "085100.968000", "085101.468000", "085102.218000"],
      "InstanceNumber": [1, 2, 3, 4, 5],
      "LargestImagePixelValue": [4040, 4095, 4021, 4095, 4095],
      "WindowCenter": [555.0, 553.0, 551.0, 554.0, 551.0],
      "WindowWidth": [1185.0, 1180.0, 1177.0, 1182.0, 1176.0]
    },
    "slices": {}
  }
}