{
  "AcquisitionMatrixPE": 256,
  "AcquisitionNumber": 1,
  "AcquisitionTime": "12:02:21.580000",
  "BaseResolution": 256,
  "ConversionSoftware": "dcm2niix",
  "ConversionSoftwareVersion": "v1.0.20180606 GCC4.8.5",
  "DeviceSerialNumber": "18930",
  "DwellTime": 1.08e-05,
  "EchoTime": 0.00231,
  "FlipAngle": 5,
  "ImageOrientationPatientDICOM": [0.0152806, 0.924233, -0.381524, 0.00644278, -0.381652, -0.924284],
  "ImageType": [
    "ORIGINAL",
    "PRIMARY",
    "M",
    "ND"
],
  "InPlanePhaseEncodingDirectionDICOM": "ROW",
  "InstitutionAddress": "Oxfordlaan_55_Maastricht_22AAA2_Limburg_NL_6229_EV",
  "InstitutionName": "Scannexus",
  "InstitutionalDepartmentName": "MRI_7T",
  "InversionTime": 1.5,
  "MRAcquisitionType": "3D",
  "MagneticFieldStrength": 6.98,
  "Manufacturer": "Siemens",
  "ManufacturersModelName": "Investigational_Device_7T",
  "Modality": "MR",
  "ParallelReductionFactorInPlane": 3,
  "PartialFourier": 1,
  "PatientPosition": "HFS",
  "PercentPhaseFOV": 100,
  "PhaseEncodingSteps": 255,
  "PhaseResolution": 1,
  "PixelBandwidth": 181,
  "ProcedureStepDescription": "FeDem_Faruk",
  "ProtocolName": "t1_mprage_iso1_angulated",
  "PulseSequenceDetails": "%SiemensSeq%_tfl",
  "ReceiveCoilName": "32Ch_Head_7T",
  "ReconMatrixPE": 256,
  "RepetitionTime": 2.37,
  "SAR": 0.0407512,
  "ScanOptions": "IR",
  "ScanningSequence": "GR_IR",
  "SequenceName": "_tfl3d1_ns",
  "SequenceVariant": "SP_MP",
  "SeriesDescription": "t1_mprage_iso1_angulated",
  "SeriesNumber": 5,
  "ShimSetting": [69, -183, 563, 479, -100, -27, -134, 84],
  "SliceThickness": 1,
  "SoftwareVersions": "syngo_MR_B17",
  "StationName": "MRC18930",
  "TxRefAmp": 185.386,
  "dcmmeta_affine": [
    [0.9998624920845032, 0.015280603431165218, 0.006442776415497065, -129.13075256347656],
    [-0.01166553981602192, 0.9242326021194458, -0.3816516697406769, -32.78683090209961],
    [-0.011786491610109806, 0.3815240263938904, 0.9242837429046631, -174.74876403808594],
    [0.0, 0.0, 0.0, 1.0]
],
  "dcmmeta_reorient_transform": [
    [0.0, 0.0, -1.0, 255.0],
    [0.0, -1.0, 0.0, 255.0],
    [-1.0, 0.0, 0.0, 255.0],
    [0.0, 0.0, 0.0, 1.0]
],
  "dcmmeta_shape": [256, 256, 256],
  "dcmmeta_slice_dim": 0,
  "dcmmeta_version": 0.6,
  "global": {
    "const": {
      "AcquisitionMatrix": [0, 256, 256, 0],
      "AcquisitionNumber": 1,
      "AcquisitionTime": "120221.580000",
      "AngioFlag": "N",
      "BitsAllocated": 16,
      "BitsStored": 12,
      "Columns": 256,
      "EchoNumbers": 1,
      "EchoTime": 2.31,
      "EchoTrainLength": 1,
      "FlipAngle": 5.0,
      "HighBit": 11,
      "ImageOrientationPatient": [0.01528060314977, 0.92423260702602, -0.381524037614, 0.0064427765202, -0.3816516779748, -0.9242837699158],
      "ImageType": [
        "ORIGINAL",
        "PRIMARY",
        "M",
        "ND"
],
      "ImagedNucleus": "1H",
      "ImagingFrequency": 297.205536,
      "InPlanePhaseEncodingDirection": "ROW",
      "InversionTime": 1500.0,
      "MRAcquisitionType": "3D",
      "MagneticFieldStrength": 6.98,
      "Manufacturer": "SIEMENS",
      "ManufacturerModelName": "Investigational_Device_7T",
      "Modality": "MR",
      "NumberOfAverages": 1.0,
      "NumberOfPhaseEncodingSteps": 255,
      "PercentPhaseFieldOfView": 100.0,
      "PercentSampling": 100.0,
      "PerformedProcedureStepStartTime": "115234.593000",
      "PhotometricInterpretation": "MONOCHROME2",
      "PixelBandwidth": 181.0,
      "PixelRepresentation": 0,
      "PixelSpacing": [1.0, 1.0],
      "ProtocolName": "t1_mprage_iso1_angulated",
      "RepetitionTime": 2370.0,
      "Rows": 256,
      "SAR": 0.04075123281139,
      "SamplesPerPixel": 1,
      "ScanOptions": "IR",
      "ScanningSequence": [
        "GR",
        "IR"
],
      "SequenceName": "*tfl3d1_ns",
      "SequenceVariant": [
        "SP",
        "MP"
],
      "SeriesDescription": "t1_mprage_iso1_angulated",
      "SeriesNumber": 5,
      "SeriesTime": "120725.562000",
      "SliceThickness": 1.0,
      "SmallestImagePixelValue": 0,
      "SoftwareVersions": "syngo MR B17",
      "SpecificCharacterSet": "ISO_IR 100",
      "StudyID": "1",
      "StudyTime": "115234.359000",
      "TransmitCoilName": "32Ch_Head_7T",
      "VariableFlipAngleFlag": "N",
      "WindowCenter": 213.0,
      "WindowCenterWidthExplanation": "WINDOW1",
      "WindowWidth": 530.0,
      "dBdt": 0.0},
