{
  "AcquisitionMatrixPE": 188,
  "AcquisitionNumber": 1,
  "AcquisitionTime": "17:15:13.762500",
  "BandwidthPerPixelPhaseEncode": 19.46,
  "BaseResolution": 188,
  "ConversionSoftware": "dcm2niix",
  "ConversionSoftwareVersion": "v1.0.20180606 GCC4.8.5",
  "DerivedVendorReportedEchoSpacing": 0.000820013,
  "DeviceSerialNumber": "18930",
  "DwellTime": 1.9e-06,
  "EchoTime": 0.02,
  "EffectiveEchoSpacing": 0.000273338,
  "FlipAngle": 75,
  "ImageComments": "Unaliased_MB2_PE2",
  "ImageOrientationPatientDICOM": [0.99401, 0.103069, 0.0363532, 0.00127974, 0.321625, -0.946866],
  "ImageType": [
    "ORIGINAL",
    "PRIMARY",
    "M",
    "MB",
    "ND",
    "MOSAIC"
],
  "InPlanePhaseEncodingDirectionDICOM": "COL",
  "InstitutionAddress": "Oxfordlaan_55_Maastricht_22AAA2_Limburg_NL_6229_EV",
  "InstitutionName": "Scannexus",
  "InstitutionalDepartmentName": "MRI_7T",
  "MRAcquisitionType": "2D",
  "MagneticFieldStrength": 6.98,
  "Manufacturer": "Siemens",
  "ManufacturersModelName": "Investigational_Device_7T",
  "Modality": "MR",
  "MultibandAccelerationFactor": 2,
  "ParallelReductionFactorInPlane": 3,
  "PartialFourier": 0.75,
  "PatientPosition": "HFS",
  "PercentPhaseFOV": 100,
  "PhaseEncodingDirection": "j-",
  "PhaseEncodingSteps": 141,
  "PhaseResolution": 1,
  "PixelBandwidth": 1400,
  "ProcedureStepDescription": "FeDem_Faruk",
  "ProtocolName": "cmrr_mbep2d_bold_PA",
  "PulseSequenceDetails": "%CustomerSeq%_cmrr_mbep2d_bold",
  "ReceiveCoilName": "32Ch_Head_7T",
  "ReconMatrixPE": 188,
  "RepetitionTime": 1.5,
  "SAR": 0.0308378,
  "ScanOptions": "PFP_FS",
  "ScanningSequence": "EP",
  "SequenceName": "epfid2d1_188",
  "SequenceVariant": "SK_SS",
  "SeriesDescription": "cmrr_mbep2d_bold_PA",
  "SeriesNumber": 22,
  "ShimSetting": [73, -51, 257, 555, -138, 205, 537, 102],
  "SliceThickness": 1.1,
  "SliceTiming": [0, 0.7825, 0.06, 0.8425, 0.12, 0.9025, 0.18, 0.9625, 0.24, 1.025, 0.3, 1.085, 0.3625, 1.145, 0.4225, 1.205, 0.4825, 1.265, 0.5425, 1.325, 0.6025, 1.385, 0.6625, 1.445, 0.7225, 0, 0.7825, 0.06, 0.8425, 0.12, 0.9025, 0.18, 0.9625, 0.24, 1.025, 0.3, 1.085, 0.3625, 1.145, 0.4225, 1.205, 0.4825, 1.265, 0.5425, 1.325, 0.6025, 1.385, 0.6625, 1.445, 0.7225],
  "SoftwareVersions": "syngo_MR_B17",
  "SpacingBetweenSlices": 1.1,
  "StationName": "MRC18930",
  "TotalReadoutTime": 0.0511141,
  "TxRefAmp": 172.292,
  "dcmmeta_affine": [
    [-1.089180827140808, 0.001402263413183391, 0.1202130988240242, 100.79218292236328],
    [-0.11293729394674301, 0.3524186313152313, -1.0353649854660034, 26.450159072875977],
    [0.039833810180425644, 1.037523865699768, 0.351522833108902, -116.73245239257812],
    [0.0, 0.0, 0.0, 1.0]
],
  "dcmmeta_reorient_transform": [
    [0.0, -1.0, 0.0, 187.0],
    [1.0, 0.0, 0.0, 0.0],
    [0.0, 0.0, 1.0, 0.0],
    [0.0, 0.0, 0.0, 1.0]
],
  "dcmmeta_shape": [188, 188, 50, 5],
  "dcmmeta_slice_dim": 2,
  "dcmmeta_version": 0.6,
  "global": {
    "const": {
      "AcquisitionMatrix": [188, 0, 0, 188],
      "AngioFlag": "N",
      "BitsAllocated": 16,
      "BitsStored": 12,
      "Columns": 1504,
      "EchoNumbers": 1,
      "EchoTime": 20.0,
      "EchoTrainLength": 1,
      "FlipAngle": 75.0,
      "HighBit": 11,
      "ImageOrientationPatient": [0.99400967338002, 0.10306898320871, 0.0363531831792, 0.00127973543332, 0.32162475404025, -0.9468663474143],
      "ImagePositionPatient": [-818.6581051311, -398.55664078476, 733.76452064624],
      "ImageType": [
        "ORIGINAL",
        "PRIMARY",
        "M",
        "MB",
        "ND",
        "MOSAIC"
],
      "ImagedNucleus": "1H",
      "ImagingFrequency": 297.205664,
      "InPlanePhaseEncodingDirection": "COL",
      "MRAcquisitionType": "2D",
      "MagneticFieldStrength": 6.98,
      "Manufacturer": "SIEMENS",
      "ManufacturerModelName": "Investigational_Device_7T",
      "Modality": "MR",
      "NumberOfAverages": 1.0,
      "NumberOfPhaseEncodingSteps": 141,
      "PercentPhaseFieldOfView": 100.0,
      "PercentSampling": 100.0,
      "PerformedProcedureStepStartTime": "150545.421000",
      "PhotometricInterpretation": "MONOCHROME2",
      "PixelBandwidth": 1400.0,
      "PixelRepresentation": 0,
      "PixelSpacing": [1.0957447290421, 1.0957447290421],
      "ProtocolName": "cmrr_mbep2d_bold_PA",
      "RepetitionTime": 1500.0,
      "Rows": 1504,
      "SAR": 0.03083780625046,
      "SamplesPerPixel": 1,
      "ScanOptions": [
        "PFP",
        "FS"
],
      "ScanningSequence": "EP",
      "SequenceName": "epfid2d1_188",
      "SequenceVariant": [
        "SK",
        "SS"
],
      "SeriesDescription": "cmrr_mbep2d_bold_PA",
      "SeriesNumber": 22,
      "SeriesTime": "171524.250000",
      "SliceLocation": -51.184680356994,
      "SliceThickness": 1.1000000238419,
      "SmallestImagePixelValue": 0,
      "SoftwareVersions": "syngo MR B17",
      "SpacingBetweenSlices": 1.1000000259333,
      "SpecificCharacterSet": "ISO_IR 100",
      "StudyID": "1",
      "StudyTime": "150545.375000",
      "TransmitCoilName": "32Ch_Head_7T",
      "VariableFlipAngleFlag": "N",
      "WindowCenterWidthExplanation": "Algo1",
      "dBdt": 0.0},
    "slices": {}
  },
  "time": {
    "samples": {
      "AcquisitionNumber": [1, 2, 3, 4, 5],
      "AcquisitionTime": ["171513.762500", "171515.267500", "171516.775000", "171518.280000", "171519.787500"],
      "ContentTime": ["171524.250000", "171524.734000", "171525.234000", "171526.234000", "171526.328000"],
      "InstanceCreationTime": ["171524.250000", "171524.734000", "171525.234000", "171526.234000", "171526.328000"],
      "InstanceNumber": [1, 2, 3, 4, 5],
      "LargestImagePixelValue": [4084, 4057, 4061, 4090, 4079],
      "WindowCenter": [726.0, 725.0, 724.0, 723.0, 723.0],
      "WindowWidth": [1589.0, 1586.0, 1583.0, 1581.0, 1579.0]
    },
    "slices": {}
  }
}