{
  "AcquisitionMatrixPE": 320,
  "AcquisitionNumber": 1,
  "AcquisitionTime": "14:38:41.050000",
  "BaseResolution": 320,
  "ConversionSoftware": "dcm2niix",
  "ConversionSoftwareVersion": "v1.0.20180606 GCC4.8.5",
  "DeviceSerialNumber": "18930",
  "DwellTime": 8.6e-06,
  "EchoTime": 0.00242,
  "FlipAngle": 5,
  "ImageOrientationPatientDICOM": [0.0071468, 0.936376, -0.350926, -0.00407153, -0.350905, -0.936402],
  "ImageType": [
    "ORIGINAL",
    "PRIMARY",
    "M",
    "ND"
],
  "InPlanePhaseEncodingDirectionDICOM": "ROW",
  "InstitutionAddress": "Oxfordlaan_55_Maastricht_753AAF_Limburg_NL_6229_EV",
  "InstitutionName": "Scannexus",
  "InstitutionalDepartmentName": "MRI_7T",
  "MRAcquisitionType": "3D",
  "MagneticFieldStrength": 6.98,
  "Manufacturer": "Siemens",
  "ManufacturersModelName": "Investigational_Device_7T",
  "Modality": "MR",
  "ParallelReductionFactorInPlane": 3,
  "PartialFourier": 1,
  "PatientPosition": "HFS",
  "PercentPhaseFOV": 100,
  "PhaseEncodingSteps": 320,
  "PhaseResolution": 1,
  "PixelBandwidth": 182,
  "ProcedureStepDescription": "FeDem_Faruk",
  "ProtocolName": "pd_mprage_iso0.7_angulated",
  "PulseSequenceDetails": "%SiemensSeq%_tfl",
  "ReceiveCoilName": "32Ch_Head_7T",
  "ReconMatrixPE": 320,
  "RepetitionTime": 1.38,
  "SAR": 0.0113948,
  "ScanningSequence": "GR",
  "SequenceName": "_tfl3d1_ns",
  "SequenceVariant": "SP",
  "SeriesDescription": "pd_mprage_iso0.7_angulated",
  "SeriesNumber": 6,
  "ShimSetting": [77, -80, 362, 508, -47, 393, 574, 240],
  "SliceThickness": 0.7,
  "SoftwareVersions": "syngo_MR_B17",
  "StationName": "MRC18930",
  "TxRefAmp": 180,
  "dcmmeta_affine": [
    [0.6999763250350952, 0.005002758000046015, -0.0028500696644186974, -88.12308502197266],
    [-0.0056847576051950455, 0.6554631590843201, -0.24563327431678772, -27.12874984741211],
    [0.0009132453706115484, 0.2456481158733368, 0.6554816365242004, -159.56829833984375],
    [0.0, 0.0, 0.0, 1.0]
],
  "dcmmeta_reorient_transform": [
    [0.0, 0.0, -1.0, 319.0],
    [0.0, -1.0, 0.0, 319.0],
    [-1.0, 0.0, 0.0, 255.0],
    [0.0, 0.0, 0.0, 1.0]
],
  "dcmmeta_shape": [256, 320, 320],
  "dcmmeta_slice_dim": 0,
  "dcmmeta_version": 0.6,
  "global": {
    "const": {
      "AcquisitionMatrix": [0, 320, 320, 0],
      "AcquisitionNumber": 1,
      "AcquisitionTime": "143841.050000",
      "AngioFlag": "N",
      "BitsAllocated": 16,
      "BitsStored": 12,
      "Columns": 320,
      "EchoNumbers": 1,
      "EchoTime": 2.42,
      "EchoTrainLength": 1,
      "FlipAngle": 5.0,
      "HighBit": 11,
      "ImageOrientationPatient": [0.00714679740635, 0.93637596341952, -0.3509258873566, -0.0040715280628, -0.3509046924053, -0.9364023277989],
      "ImageType": [
        "ORIGINAL",
        "PRIMARY",
        "M",
        "ND"
],
      "ImagedNucleus": "1H",
      "ImagingFrequency": 297.205649,
      "InPlanePhaseEncodingDirection": "ROW",
      "MRAcquisitionType": "3D",
      "MagneticFieldStrength": 6.98,
      "Manufacturer": "SIEMENS",
      "ManufacturerModelName": "Investigational_Device_7T",
      "Modality": "MR",
      "NumberOfAverages": 1.0,
      "NumberOfPhaseEncodingSteps": 320,
      "PercentPhaseFieldOfView": 100.0,
      "PercentSampling": 100.0,
      "PerformedProcedureStepStartTime": "142100.687000",
      "PhotometricInterpretation": "MONOCHROME2",
      "PixelBandwidth": 182.0,
      "PixelRepresentation": 0,
      "PixelSpacing": [0.69999998807907, 0.69999998807907],
      "ProtocolName": "pd_mprage_iso0.7_angulated",
      "RepetitionTime": 1380.0,
      "Rows": 320,
      "SAR": 0.01139480611078,
      "SamplesPerPixel": 1,
      "ScanningSequence": "GR",
      "SequenceName": "*tfl3d1_ns",
      "SequenceVariant": "SP",
      "SeriesDescription": "pd_mprage_iso0.7_angulated",
      "SeriesNumber": 6,
      "SeriesTime": "144210.328000",
      "SliceThickness": 0.69999998807907,
      "SmallestImagePixelValue": 0,
      "SoftwareVersions": "syngo MR B17",
      "SpecificCharacterSet": "ISO_IR 100",
      "StudyID": "1",
      "StudyTime": "142100.640000",
      "TransmitCoilName": "32Ch_Head_7T",
      "VariableFlipAngleFlag": "N",
      "WindowCenterWidthExplanation": "Algo1",
      "dBdt": 0.0},
