{
  "AcquisitionMatrixPE": 188,
  "AcquisitionNumber": 1,
  "AcquisitionTime": "19:44:59.927500",
  "BandwidthPerPixelPhaseEncode": 19.46,
  "BaseResolution": 188,
  "ConversionSoftware": "dcm2niix",
  "ConversionSoftwareVersion": "v1.0.20180606 GCC4.8.5",
  "DerivedVendorReportedEchoSpacing": 0.000820013,
  "DeviceSerialNumber": "18930",
  "DwellTime": 1.9e-06,
  "EchoTime": 0.0338,
  "EffectiveEchoSpacing": 0.000273338,
  "FlipAngle": 90,
  "ImageComments": "Unaliased_MB2_PE2",
  "ImageOrientationPatientDICOM": [0.999913, -0.0104854, 0.0080246, 0.0100228, 0.207118, -0.978265],
  "ImageType": [
    "ORIGINAL",
    "PRIMARY",
    "M",
    "MB",
    "ND",
    "MOSAIC"
],
  "InPlanePhaseEncodingDirectionDICOM": "COL",
  "InstitutionAddress": "Oxfordlaan_55_Maastricht_753AAF_Limburg_NL_6229_EV",
  "InstitutionName": "Scannexus",
  "InstitutionalDepartmentName": "MRI_7T",
  "MRAcquisitionType": "2D",
  "MagneticFieldStrength": 6.98,
  "Manufacturer": "Siemens",
  "ManufacturersModelName": "Investigational_Device_7T",
  "Modality": "MR",
  "MultibandAccelerationFactor": 2,
  "ParallelReductionFactorInPlane": 3,
  "PartialFourier": 0.75,
  "PatientPosition": "HFS",
  "PercentPhaseFOV": 100,
  "PhaseEncodingDirection": "j",
  "PhaseEncodingSteps": 141,
  "PhaseResolution": 1,
  "PixelBandwidth": 1400,
  "ProcedureStepDescription": "FeDem_Faruk",
  "ProtocolName": "cmrr_mbep2d_se_AP",
  "PulseSequenceDetails": "%CustomerSeq%_cmrr_mbep2d_se",
  "ReceiveCoilName": "32Ch_Head_7T",
  "ReconMatrixPE": 188,
  "RepetitionTime": 3,
  "SAR": 0.0785304,
  "ScanOptions": "PFP_FS",
  "ScanningSequence": "EP",
  "SequenceName": "epse2d1_188",
  "SequenceVariant": "SK",
  "SeriesDescription": "cmrr_mbep2d_se_AP",
  "SeriesNumber": 28,
  "ShimSetting": [112, -93, 409, 471, -90, 78, 246, 177],
  "SliceThickness": 1.1,
  "SliceTiming": [0, 1.57, 0.13, 1.7025, 0.26, 1.8325, 0.3925, 1.9625, 0.5225, 2.095, 0.655, 2.225, 0.785, 2.355, 0.915, 2.4875, 1.0475, 2.6175, 1.1775, 2.75, 1.3075, 2.88, 1.44, 0, 1.57, 0.13, 1.7025, 0.26, 1.8325, 0.3925, 1.9625, 0.5225, 2.095, 0.655, 2.225, 0.785, 2.355, 0.915, 2.4875, 1.0475, 2.6175, 1.1775, 2.75, 1.3075, 2.88, 1.44],
  "SoftwareVersions": "syngo_MR_B17",
  "SpacingBetweenSlices": 1.1,
  "StationName": "MRC18930",
  "TotalReadoutTime": 0.0511141,
  "TxRefAmp": 230,
  "dcmmeta_affine": [
    [-1.095649242401123, 0.010982401669025421, -0.009454995393753052, 102.07183837890625],
    [0.011489318683743477, 0.22694836556911469, -1.0760853290557861, 23.64048194885254],
    [0.008792918175458908, 1.0719283819198608, 0.2279253453016281, -120.88561248779297],
    [0.0, 0.0, 0.0, 1.0]
],
  "dcmmeta_reorient_transform": [
    [0.0, -1.0, 0.0, 187.0],
    [1.0, 0.0, 0.0, 0.0],
    [0.0, 0.0, 1.0, 0.0],
    [0.0, 0.0, 0.0, 1.0]
],
  "dcmmeta_shape": [188, 188, 46, 5],
  "dcmmeta_slice_dim": 2,
  "dcmmeta_version": 0.6,
  "global": {
    "const": {
      "AcquisitionMatrix": [188, 0, 0, 188],
      "AngioFlag": "N",
      "BitsAllocated": 16,
      "BitsStored": 12,
      "Columns": 1316,
      "EchoNumbers": 1,
      "EchoTime": 33.8,
      "EchoTrainLength": 1,
      "FlipAngle": 90.0,
      "HighBit": 11,
      "ImageOrientationPatient": [0.99991282728368, -0.010485397508, 0.00802460420527, 0.01002277392786, 0.20711791172147, -0.9782646444837],
      "ImagePositionPatient": [-728.26578006278, -187.59872439808, 679.17335264491],
      "ImageType": [
        "ORIGINAL",
        "PRIMARY",
        "M",
        "MB",
        "ND",
        "MOSAIC"
],
      "ImagedNucleus": "1H",
      "ImagingFrequency": 297.20561,
      "InPlanePhaseEncodingDirection": "COL",
      "LargestImagePixelValue": 4095,
      "MRAcquisitionType": "2D",
      "MagneticFieldStrength": 6.98,
      "Manufacturer": "SIEMENS",
      "ManufacturerModelName": "Investigational_Device_7T",
      "Modality": "MR",
      "NumberOfAverages": 1.0,
      "NumberOfPhaseEncodingSteps": 141,
      "PercentPhaseFieldOfView": 100.0,
      "PercentSampling": 100.0,
      "PerformedProcedureStepStartTime": "174020.343000",
      "PhotometricInterpretation": "MONOCHROME2",
      "PixelBandwidth": 1400.0,
      "PixelRepresentation": 0,
      "PixelSpacing": [1.0957447290421, 1.0957447290421],
      "ProtocolName": "cmrr_mbep2d_se_AP",
      "RepetitionTime": 3000.0,
      "Rows": 1316,
      "SAR": 0.0785304057795,
      "SamplesPerPixel": 1,
      "ScanOptions": [
        "PFP",
        "FS"
],
      "ScanningSequence": "EP",
      "SequenceName": "epse2d1_188",
      "SequenceVariant": "SK",
      "SeriesDescription": "cmrr_mbep2d_se_AP",
      "SeriesNumber": 28,
      "SeriesTime": "194509.921000",
      "SliceLocation": -49.051984821354,
      "SliceThickness": 1.1000000238419,
      "SmallestImagePixelValue": 0,
      "SoftwareVersions": "syngo MR B17",
      "SpacingBetweenSlices": 1.0999995139051,
      "SpecificCharacterSet": "ISO_IR 100",
      "StudyID": "1",
      "StudyTime": "174020.281000",
      "TransmitCoilName": "32Ch_Head_7T",
      "VariableFlipAngleFlag": "N",
      "WindowCenterWidthExplanation": "Algo1",
      "dBdt": 0.0},
    "slices": {}
  },
  "time": {
    "samples": {
      "AcquisitionNumber": [1, 2, 3, 4, 5],
      "AcquisitionTime": ["194459.927500", "194502.937500", "194505.950000", "194508.962500", "194511.975000"],
      "ContentTime": ["194509.921000", "194510.406000", "194511.406000", "194514.406000", "194517.031000"],
      "InstanceCreationTime": ["194509.921000", "194510.406000", "194511.406000", "194514.406000", "194517.031000"],
      "InstanceNumber": [1, 2, 3, 4, 5],
      "WindowCenter": [727.0, 727.0, 727.0, 726.0, 726.0],
      "WindowWidth": [1602.0, 1601.0, 1601.0, 1599.0, 1600.0]
    },
    "slices": {}
  }
}