{
  "AcquisitionMatrixPE": 320,
  "AcquisitionNumber": 1,
  "AcquisitionTime": "15:37:48.062500",
  "BaseResolution": 320,
  "ConversionSoftware": "dcm2niix",
  "ConversionSoftwareVersion": "v1.0.20180606 GCC4.8.5",
  "DeviceSerialNumber": "18930",
  "DwellTime": 8.6e-06,
  "EchoTime": 0.00242,
  "FlipAngle": 5,
  "ImageOrientationPatientDICOM": [-0.060118, 0.963476, -0.26096, 0.0846508, -0.25557, -0.963077],
  "ImageType": [
    "ORIGINAL",
    "PRIMARY",
    "M",
    "ND"
],
  "InPlanePhaseEncodingDirectionDICOM": "ROW",
  "InstitutionAddress": "Oxfordlaan_55_Maastricht_22AAA2_Limburg_NL_6229_EV",
  "InstitutionName": "Scannexus",
  "InstitutionalDepartmentName": "MRI_7T",
  "MRAcquisitionType": "3D",
  "MagneticFieldStrength": 6.98,
  "Manufacturer": "Siemens",
  "ManufacturersModelName": "Investigational_Device_7T",
  "Modality": "MR",
  "ParallelReductionFactorInPlane": 3,
  "PartialFourier": 1,
  "PatientPosition": "HFS",
  "PercentPhaseFOV": 100,
  "PhaseEncodingSteps": 320,
  "PhaseResolution": 1,
  "PixelBandwidth": 182,
  "ProcedureStepDescription": "FeDem_Faruk",
  "ProtocolName": "pd_mprage_iso0.7_angulated",
  "PulseSequenceDetails": "%SiemensSeq%_tfl",
  "ReceiveCoilName": "32Ch_Head_7T",
  "ReconMatrixPE": 320,
  "RepetitionTime": 1.38,
  "SAR": 0.0118511,
  "ScanningSequence": "GR",
  "SequenceName": "_tfl3d1_ns",
  "SequenceVariant": "SP",
  "SeriesDescription": "pd_mprage_iso0.7_angulated",
  "SeriesNumber": 6,
  "ShimSetting": [62, -170, 305, 555, -138, 205, 537, 102],
  "SliceThickness": 0.7,
  "SoftwareVersions": "syngo_MR_B17",
  "StationName": "MRC18930",
  "TxRefAmp": 172.292,
  "dcmmeta_affine": [
    [0.6962167620658875, -0.04208260029554367, 0.059255558997392654, -88.64881896972656],
    [0.05599212273955345, 0.6744331121444702, -0.17889894545078278, -53.564727783203125],
    [-0.046336255967617035, 0.18267185986042023, 0.6741542220115662, -139.1125946044922],
    [0.0, 0.0, 0.0, 1.0]
],
  "dcmmeta_reorient_transform": [
    [0.0, 0.0, -1.0, 319.0],
    [0.0, -1.0, 0.0, 319.0],
    [-1.0, 0.0, 0.0, 255.0],
    [0.0, 0.0, 0.0, 1.0]
],
  "dcmmeta_shape": [256, 320, 320],
  "dcmmeta_slice_dim": 0,
  "dcmmeta_version": 0.6,
  "global": {
    "const": {
      "AcquisitionMatrix": [0, 320, 320, 0],
      "AcquisitionNumber": 1,
      "AcquisitionTime": "153748.062500",
      "AngioFlag": "N",
      "BitsAllocated": 16,
      "BitsStored": 12,
      "Columns": 320,
      "EchoNumbers": 1,
      "EchoTime": 2.42,
      "EchoTrainLength": 1,
      "FlipAngle": 5.0,
      "HighBit": 11,
      "ImageOrientationPatient": [-0.06011800083, 0.96347589920786, -0.2609598007775, 0.08465079981355, -0.2555699349568, -0.9630774893211],
      "ImageType": [
        "ORIGINAL",
        "PRIMARY",
        "M",
        "ND"
],
      "ImagedNucleus": "1H",
      "ImagingFrequency": 297.205573,
      "InPlanePhaseEncodingDirection": "ROW",
      "MRAcquisitionType": "3D",
      "MagneticFieldStrength": 6.98,
      "Manufacturer": "SIEMENS",
      "ManufacturerModelName": "Investigational_Device_7T",
      "Modality": "MR",
      "NumberOfAverages": 1.0,
      "NumberOfPhaseEncodingSteps": 320,
      "PercentPhaseFieldOfView": 100.0,
      "PercentSampling": 100.0,
      "PerformedProcedureStepStartTime": "150545.421000",
      "PhotometricInterpretation": "MONOCHROME2",
      "PixelBandwidth": 182.0,
      "PixelRepresentation": 0,
      "PixelSpacing": [0.69999998807907, 0.69999998807907],
      "ProtocolName": "pd_mprage_iso0.7_angulated",
      "RepetitionTime": 1380.0,
      "Rows": 320,
      "SAR": 0.01185111126376,
      "SamplesPerPixel": 1,
      "ScanningSequence": "GR",
      "SequenceName": "*tfl3d1_ns",
      "SequenceVariant": "SP",
      "SeriesDescription": "pd_mprage_iso0.7_angulated",
      "SeriesNumber": 6,
      "SeriesTime": "154117.187000",
      "SliceThickness": 0.69999998807907,
      "SmallestImagePixelValue": 0,
      "SoftwareVersions": "syngo MR B17",
      "SpecificCharacterSet": "ISO_IR 100",
      "StudyID": "1",
      "StudyTime": "150545.375000",
      "TransmitCoilName": "32Ch_Head_7T",
      "VariableFlipAngleFlag": "N",
      "WindowCenterWidthExplanation": "Algo1",
      "dBdt": 0.0},
