{
  "AcquisitionMatrixPE": 200,
  "AcquisitionNumber": 1,
  "AcquisitionTime": "17:49:32.940000",
  "BandwidthPerPixelPhaseEncode": 18.293,
  "BaseResolution": 200,
  "ConversionSoftware": "dcm2niix",
  "ConversionSoftwareVersion": "v1.0.20180606 GCC4.8.5",
  "DerivedVendorReportedEchoSpacing": 0.000819986,
  "DeviceSerialNumber": "18930",
  "DwellTime": 1.8e-06,
  "EchoTime": 0.0756,
  "EffectiveEchoSpacing": 0.000273329,
  "FlipAngle": 90,
  "ImageComments": "Unaliased_MB2_PE4_SENSE1",
  "ImageOrientationPatientDICOM": [0.999472, -0.0121669, 0.0301218, 0.0239885, 0.90167, -0.431759],
  "ImageType": [
    "ORIGINAL",
    "PRIMARY",
    "DIFFUSION",
    "NONE",
    "MB",
    "ND",
    "MOSAIC"
],
  "InPlanePhaseEncodingDirectionDICOM": "COL",
  "InstitutionAddress": "Oxfordlaan_55_Maastricht_12C0A2_Limburg_NL_6229_EV",
  "InstitutionName": "Scannexus",
  "InstitutionalDepartmentName": "MRI_7T",
  "MRAcquisitionType": "2D",
  "MagneticFieldStrength": 6.98,
  "Manufacturer": "Siemens",
  "ManufacturersModelName": "Investigational_Device_7T",
  "Modality": "MR",
  "MultibandAccelerationFactor": 2,
  "ParallelReductionFactorInPlane": 3,
  "PartialFourier": 0.75,
  "PatientPosition": "HFS",
  "PercentPhaseFOV": 100,
  "PhaseEncodingDirection": "j",
  "PhaseEncodingSteps": 150,
  "PhaseResolution": 1,
  "PixelBandwidth": 1389,
  "ProcedureStepDescription": "FeDem_Faruk",
  "ProtocolName": "DWI_PA_dir77",
  "PulseSequenceDetails": "%CustomerSeq%_eja_ep2d_diff",
  "ReceiveCoilName": "32Ch_Head_7T",
  "ReconMatrixPE": 200,
  "RepetitionTime": 7.08,
  "SAR": 0.0818346,
  "ScanOptions": "PFP",
  "ScanningSequence": "EP",
  "SequenceName": "ep_b3015#1",
  "SequenceVariant": "SK_SS",
  "SeriesDescription": "DWI_PA_dir77",
  "SeriesNumber": 17,
  "ShimSetting": [111, -167, 449, 521, -43, -6, -123, 43],
  "SliceThickness": 1.05,
  "SliceTiming": [0, 5.2775, 3.4475, 1.615, 6.8925, 5.0625, 3.23, 1.4, 6.6775, 4.8475, 3.015, 1.185, 6.4625, 4.63, 2.8, 0.97, 6.2475, 4.415, 2.585, 0.755, 6.03, 4.2, 2.37, 0.5375, 5.815, 3.985, 2.155, 0.3225, 5.6, 3.77, 1.9375, 0.1075, 5.385, 3.555, 1.7225, 7, 5.17, 3.3375, 1.5075, 6.785, 4.955, 3.1225, 1.2925, 6.57, 4.7375, 2.9075, 1.0775, 6.355, 4.5225, 2.6925, 0.8625, 6.1375, 4.3075, 2.4775, 0.6475, 5.9225, 4.0925, 2.2625, 0.43, 5.7075, 3.8775, 2.0475, 0.215, 5.4925, 3.6625, 1.83, 0, 5.2775, 3.4475, 1.615, 6.8925, 5.0625, 3.23, 1.4, 6.6775, 4.8475, 3.015, 1.185, 6.4625, 4.63, 2.8, 0.97, 6.2475, 4.415, 2.585, 0.755, 6.03, 4.2, 2.37, 0.5375, 5.815, 3.985, 2.155, 0.3225, 5.6, 3.77, 1.9375, 0.1075, 5.385, 3.555, 1.7225, 7, 5.17, 3.3375, 1.5075, 6.785, 4.955, 3.1225, 1.2925, 6.57, 4.7375, 2.9075, 1.0775, 6.355, 4.5225, 2.6925, 0.8625, 6.1375, 4.3075, 2.4775, 0.6475, 5.9225, 4.0925, 2.2625, 0.43, 5.7075, 3.8775, 2.0475, 0.215, 5.4925, 3.6625, 1.83],
  "SoftwareVersions": "syngo_MR_B17",
  "SpacingBetweenSlices": 1.05,
  "StationName": "MRC18930",
  "TotalReadoutTime": 0.0543924,
  "TxRefAmp": 190,
  "dcmmeta_affine": [
    [-1.0494457483291626, 0.02518792450428009, 0.023002099245786667, 100.87516784667969],
    [0.012775213457643986, 0.9467535018920898, -0.45386677980422974, -63.91316223144531],
    [0.0316278450191021, 0.45334678888320923, 0.9465614557266235, -112.8899917602539],
    [0.0, 0.0, 0.0, 1.0]
],
  "dcmmeta_reorient_transform": [
    [0.0, -1.0, 0.0, 199.0],
    [1.0, 0.0, 0.0, 0.0],
    [0.0, 0.0, 1.0, 0.0],
    [0.0, 0.0, 0.0, 1.0]
],
  "dcmmeta_shape": [200, 200, 132, 77],
  "dcmmeta_slice_dim": 2,
  "dcmmeta_version": 0.6,
  "global": {
    "const": {
      "AcquisitionMatrix": [200, 0, 0, 200],
      "AngioFlag": "N",
      "BitsAllocated": 16,
      "BitsStored": 12,
      "Columns": 2400,
      "EchoNumbers": 1,
      "EchoTime": 75.6,
      "EchoTrainLength": 1,
      "FlipAngle": 90.0,
      "HighBit": 11,
      "ImageOrientationPatient": [0.99947218415236, -0.0121668702254, 0.03012175915551, 0.02398850000234, 0.90167002985551, -0.4317588552977],
      "ImagePositionPatient": [-1287.9845976888, -1151.8668829645, 441.21683955625],
      "ImageType": [
        "ORIGINAL",
        "PRIMARY",
        "DIFFUSION",
        "NONE",
        "MB",
        "ND",
        "MOSAIC"
],
      "ImagedNucleus": "1H",
      "ImagingFrequency": 297.205706,
      "InPlanePhaseEncodingDirection": "COL",
      "MRAcquisitionType": "2D",
      "MagneticFieldStrength": 6.98,
      "Manufacturer": "SIEMENS",
      "ManufacturerModelName": "Investigational_Device_7T",
      "Modality": "MR",
      "NumberOfAverages": 1.0,
      "NumberOfPhaseEncodingSteps": 150,
      "PercentPhaseFieldOfView": 100.0,
      "PercentSampling": 100.0,
      "PerformedProcedureStepStartTime": "162733.984000",
      "PhotometricInterpretation": "MONOCHROME2",
      "PixelBandwidth": 1389.0,
      "PixelRepresentation": 0,
      "PixelSpacing": [1.0499999523163, 1.0499999523163],
      "ProtocolName": "DWI_PA_dir77",
      "RepetitionTime": 7080.0,
      "Rows": 2400,
      "SAR": 0.08183460128461,
      "SamplesPerPixel": 1,
      "ScanOptions": "PFP",
      "ScanningSequence": "EP",
      "SequenceVariant": [
        "SK",
        "SS"
],
      "SeriesDescription": "DWI_PA_dir77",
      "SeriesNumber": 17,
      "SeriesTime": "174954.640000",
      "SliceLocation": -71.932210064576,
      "SliceThickness": 1.0499999523163,
      "SmallestImagePixelValue": 0,
      "SoftwareVersions": "syngo MR B17",
      "SpacingBetweenSlices": 1.0500013026339,
      "SpecificCharacterSet": "ISO_IR 100",
      "StudyID": "1",
      "StudyTime": "162733.937000",
      "TransmitCoilName": "32Ch_Head_7T",
      "VariableFlipAngleFlag": "N",
      "WindowCenterWidthExplanation": "Algo1",
      "dBdt": 0.0},
