{
  "AcquisitionMatrixPE": 200,
  "AcquisitionNumber": 1,
  "AcquisitionTime": "18:00:47.295000",
  "BandwidthPerPixelPhaseEncode": 18.293,
  "BaseResolution": 200,
  "ConversionSoftware": "dcm2niix",
  "ConversionSoftwareVersion": "v1.0.20180606 GCC4.8.5",
  "DerivedVendorReportedEchoSpacing": 0.000819986,
  "DeviceSerialNumber": "18930",
  "DwellTime": 1.8e-06,
  "EchoTime": 0.0756,
  "EffectiveEchoSpacing": 0.000273329,
  "FlipAngle": 90,
  "ImageComments": "Unaliased_MB2_PE4_SENSE1",
  "ImageOrientationPatientDICOM": [0.999472, -0.0121668, 0.0301219, 0.0239885, 0.90167, -0.431759],
  "ImageType": [
    "ORIGINAL",
    "PRIMARY",
    "DIFFUSION",
    "NONE",
    "MB",
    "ND",
    "MOSAIC"
],
  "InPlanePhaseEncodingDirectionDICOM": "COL",
  "InstitutionAddress": "Oxfordlaan_55_Maastricht_12C0A2_Limburg_NL_6229_EV",
  "InstitutionName": "Scannexus",
  "InstitutionalDepartmentName": "MRI_7T",
  "MRAcquisitionType": "2D",
  "MagneticFieldStrength": 6.98,
  "Manufacturer": "Siemens",
  "ManufacturersModelName": "Investigational_Device_7T",
  "Modality": "MR",
  "MultibandAccelerationFactor": 2,
  "ParallelReductionFactorInPlane": 3,
  "PartialFourier": 0.75,
  "PatientPosition": "HFS",
  "PercentPhaseFOV": 100,
  "PhaseEncodingDirection": "j-",
  "PhaseEncodingSteps": 150,
  "PhaseResolution": 1,
  "PixelBandwidth": 1389,
  "ProcedureStepDescription": "FeDem_Faruk",
  "ProtocolName": "DWI_AP_dir78",
  "PulseSequenceDetails": "%CustomerSeq%_eja_ep2d_diff",
  "ReceiveCoilName": "32Ch_Head_7T",
  "ReconMatrixPE": 200,
  "RepetitionTime": 7.08,
  "SAR": 0.0817383,
  "ScanOptions": "PFP",
  "ScanningSequence": "EP",
  "SequenceName": "ep_b60#1",
  "SequenceVariant": "SK_SS",
  "SeriesDescription": "DWI_AP_dir78",
  "SeriesNumber": 19,
  "ShimSetting": [111, -167, 449, 521, -43, -6, -123, 43],
  "SliceThickness": 1.05,
  "SliceTiming": [0, 5.2775, 3.4475, 1.6175, 6.8925, 5.0625, 3.2325, 1.4, 6.6775, 4.8475, 3.0175, 1.185, 6.4625, 4.6325, 2.8, 0.97, 6.2475, 4.4175, 2.585, 0.755, 6.0325, 4.2, 2.37, 0.54, 5.8175, 3.985, 2.155, 0.325, 5.6, 3.77, 1.94, 0.11, 5.385, 3.555, 1.725, 7, 5.17, 3.34, 1.51, 6.785, 4.955, 3.125, 1.2925, 6.57, 4.74, 2.91, 1.0775, 6.355, 4.525, 2.6925, 0.8625, 6.14, 4.31, 2.4775, 0.6475, 5.925, 4.0925, 2.2625, 0.4325, 5.71, 3.8775, 2.0475, 0.2175, 5.4925, 3.6625, 1.8325, 0, 5.2775, 3.4475, 1.6175, 6.8925, 5.0625, 3.2325, 1.4, 6.6775, 4.8475, 3.0175, 1.185, 6.4625, 4.6325, 2.8, 0.97, 6.2475, 4.4175, 2.585, 0.755, 6.0325, 4.2, 2.37, 0.54, 5.8175, 3.985, 2.155, 0.325, 5.6, 3.77, 1.94, 0.11, 5.385, 3.555, 1.725, 7, 5.17, 3.34, 1.51, 6.785, 4.955, 3.125, 1.2925, 6.57, 4.74, 2.91, 1.0775, 6.355, 4.525, 2.6925, 0.8625, 6.14, 4.31, 2.4775, 0.6475, 5.925, 4.0925, 2.2625, 0.4325, 5.71, 3.8775, 2.0475, 0.2175, 5.4925, 3.6625, 1.8325],
  "SoftwareVersions": "syngo_MR_B17",
  "SpacingBetweenSlices": 1.05,
  "StationName": "MRC18930",
  "TotalReadoutTime": 0.0543924,
  "TxRefAmp": 190,
  "dcmmeta_affine": [
    [-1.0494457483291626, 0.02518787607550621, 0.023002291098237038, 100.87516784667969],
    [0.012775087729096413, 0.9467535018920898, -0.45386675000190735, -63.913150787353516],
    [0.031627997756004333, 0.45334675908088684, 0.9465614557266235, -112.89000701904297],
    [0.0, 0.0, 0.0, 1.0]
],
  "dcmmeta_reorient_transform": [
    [0.0, -1.0, 0.0, 199.0],
    [1.0, 0.0, 0.0, 0.0],
    [0.0, 0.0, 1.0, 0.0],
    [0.0, 0.0, 0.0, 1.0]
],
  "dcmmeta_shape": [200, 200, 132, 78],
  "dcmmeta_slice_dim": 2,
  "dcmmeta_version": 0.6,
  "global": {
    "const": {
      "AcquisitionMatrix": [200, 0, 0, 200],
      "AngioFlag": "N",
      "BitsAllocated": 16,
      "BitsStored": 12,
      "Columns": 2400,
      "EchoNumbers": 1,
      "EchoTime": 75.6,
      "EchoTrainLength": 1,
      "FlipAngle": 90.0,
      "HighBit": 11,
      "ImageOrientationPatient": [0.99947218126133, -0.0121667504527, 0.03012190346139, 0.02398845393778, 0.90167003964422, -0.4317588374147],
      "ImagePositionPatient": [-1287.9845360047, -1151.8670462117, 441.21663519822],
      "ImageType": [
        "ORIGINAL",
        "PRIMARY",
        "DIFFUSION",
        "NONE",
        "MB",
        "ND",
        "MOSAIC"
],
      "ImagedNucleus": "1H",
      "ImagingFrequency": 297.205781,
      "InPlanePhaseEncodingDirection": "COL",
      "MRAcquisitionType": "2D",
      "MagneticFieldStrength": 6.98,
      "Manufacturer": "SIEMENS",
      "ManufacturerModelName": "Investigational_Device_7T",
      "Modality": "MR",
      "NumberOfAverages": 1.0,
      "NumberOfPhaseEncodingSteps": 150,
      "PercentPhaseFieldOfView": 100.0,
      "PercentSampling": 100.0,
      "PerformedProcedureStepStartTime": "162733.984000",
      "PhotometricInterpretation": "MONOCHROME2",
      "PixelBandwidth": 1389.0,
      "PixelRepresentation": 0,
      "PixelSpacing": [1.0499999523163, 1.0499999523163],
      "ProtocolName": "DWI_AP_dir78",
      "RepetitionTime": 7080.0,
      "Rows": 2400,
      "SAR": 0.08173833969254,
      "SamplesPerPixel": 1,
      "ScanOptions": "PFP",
      "ScanningSequence": "EP",
      "SequenceVariant": [
        "SK",
        "SS"
],
      "SeriesDescription": "DWI_AP_dir78",
      "SeriesNumber": 19,
      "SeriesTime": "180109.015000",
      "SliceLocation": -71.932210064576,
      "SliceThickness": 1.0499999523163,
      "SmallestImagePixelValue": 0,
      "SoftwareVersions": "syngo MR B17",
      "SpacingBetweenSlices": 1.0500013026339,
      "SpecificCharacterSet": "ISO_IR 100",
      "StudyID": "1",
      "StudyTime": "162733.937000",
      "TransmitCoilName": "32Ch_Head_7T",
      "VariableFlipAngleFlag": "N",
      "WindowCenterWidthExplanation": "Algo1",
      "dBdt": 0.0},
