{
  "AcquisitionMatrixPE": 200,
  "AcquisitionNumber": 1,
  "AcquisitionTime": "09:04:16.765000",
  "BandwidthPerPixelPhaseEncode": 18.293,
  "BaseResolution": 200,
  "ConversionSoftware": "dcm2niix",
  "ConversionSoftwareVersion": "v1.0.20180606 GCC4.8.5",
  "DerivedVendorReportedEchoSpacing": 0.000819986,
  "DeviceSerialNumber": "18930",
  "DwellTime": 1.8e-06,
  "EchoTime": 0.076,
  "EffectiveEchoSpacing": 0.000273329,
  "FlipAngle": 90,
  "ImageComments": "Unaliased_MB2_PE4_LB_SENSE1",
  "ImageOrientationPatientDICOM": [0.999994, 0.00110814, 0.0033958, -5.19229e-08, 0.950667, -0.310212],
  "ImageType": [
    "ORIGINAL",
    "PRIMARY",
    "DIFFUSION",
    "NONE",
    "MB",
    "ND",
    "MOSAIC"
],
  "InPlanePhaseEncodingDirectionDICOM": "COL",
  "InstitutionAddress": "Oxfordlaan_55_Maastricht_22AAA2_Limburg_NL_6229_EV",
  "InstitutionName": "Scannexus",
  "InstitutionalDepartmentName": "MRI_7T",
  "MRAcquisitionType": "2D",
  "MagneticFieldStrength": 6.98,
  "Manufacturer": "Siemens",
  "ManufacturersModelName": "Investigational_Device_7T",
  "Modality": "MR",
  "MultibandAccelerationFactor": 2,
  "ParallelReductionFactorInPlane": 3,
  "PartialFourier": 0.75,
  "PatientPosition": "HFS",
  "PercentPhaseFOV": 100,
  "PhaseEncodingDirection": "j-",
  "PhaseEncodingSteps": 150,
  "PhaseResolution": 1,
  "PixelBandwidth": 1389,
  "ProcedureStepDescription": "FeDem_Faruk",
  "ProtocolName": "hcp_v2_mbep2d_diff_AP_76",
  "PulseSequenceDetails": "%CustomerSeq%/federico_hcp_v2_mbep2d_diff",
  "ReceiveCoilName": "32Ch_Head_7T",
  "ReconMatrixPE": 200,
  "RepetitionTime": 7.776,
  "SAR": 0.0648746,
  "ScanOptions": "PFP",
  "ScanningSequence": "EP",
  "SequenceName": "ep_b60#1",
  "SequenceVariant": "SK_SS",
  "SeriesDescription": "hcp_v2_mbep2d_diff_AP_76",
  "SeriesNumber": 10,
  "ShimSetting": [-9, -115, 272, 499, -411, -39, 342, 12],
  "SliceThickness": 1.05,
  "SliceTiming": [0, 5.7975, 3.785, 1.775, 7.57, 5.56, 3.55, 1.54, 7.335, 5.325, 3.3125, 1.3025, 7.0975, 5.0875, 3.0775, 1.065, 6.8625, 4.85, 2.84, 0.83, 6.625, 4.615, 2.6025, 0.5925, 6.3875, 4.3775, 2.3675, 0.355, 6.1525, 4.14, 2.13, 0.12, 5.915, 3.905, 1.8925, 7.69, 5.6775, 3.6675, 1.6575, 7.4525, 5.4425, 3.4325, 1.42, 7.2175, 5.205, 3.195, 1.185, 6.98, 4.97, 2.9575, 0.9475, 6.7425, 4.7325, 2.7225, 0.71, 6.5075, 4.495, 2.485, 0.475, 6.27, 4.26, 2.2475, 0.2375, 6.0325, 4.0225, 2.0125, 0, 5.7975, 3.785, 1.775, 7.57, 5.56, 3.55, 1.54, 7.335, 5.325, 3.3125, 1.3025, 7.0975, 5.0875, 3.0775, 1.065, 6.8625, 4.85, 2.84, 0.83, 6.625, 4.615, 2.6025, 0.5925, 6.3875, 4.3775, 2.3675, 0.355, 6.1525, 4.14, 2.13, 0.12, 5.915, 3.905, 1.8925, 7.69, 5.6775, 3.6675, 1.6575, 7.4525, 5.4425, 3.4325, 1.42, 7.2175, 5.205, 3.195, 1.185, 6.98, 4.97, 2.9575, 0.9475, 6.7425, 4.7325, 2.7225, 0.71, 6.5075, 4.495, 2.485, 0.475, 6.27, 4.26, 2.2475, 0.2375, 6.0325, 4.0225, 2.0125],
  "SoftwareVersions": "syngo_MR_B17",
  "SpacingBetweenSlices": 1.05,
  "StationName": "MRC18930",
  "TotalReadoutTime": 0.0543924,
  "TxRefAmp": 178,
  "dcmmeta_affine": [
    [-1.0499932765960693, -5.4519063041880145e-08, 0.0037506355438381433, 104.73551177978516],
    [-0.001163545181043446, 0.9982005953788757, -0.325720876455307, -75.79420471191406],
    [0.0035655894316732883, 0.32572293281555176, 0.9981942772865295, -102.81641387939453],
    [0.0, 0.0, 0.0, 1.0]
],
  "dcmmeta_reorient_transform": [
    [0.0, -1.0, 0.0, 199.0],
    [1.0, 0.0, 0.0, 0.0],
    [0.0, 0.0, 1.0, 0.0],
    [0.0, 0.0, 0.0, 1.0]
],
  "dcmmeta_shape": [200, 200, 132, 76],
  "dcmmeta_slice_dim": 2,
  "dcmmeta_version": 0.6,
  "global": {
    "const": {
      "AcquisitionMatrix": [200, 0, 0, 200],
      "AngioFlag": "N",
      "BitsAllocated": 16,
      "BitsStored": 12,
      "Columns": 2400,
      "EchoNumbers": 1,
      "EchoTime": 76.0,
      "EchoTrainLength": 1,
      "FlipAngle": 90.0,
      "HighBit": 11,
      "ImageOrientationPatient": [0.99999362026663, 0.00110813832051, 0.00339579968553, -5.19229186e-08, 0.95066729677299, -0.3102123318734],
      "ImagePositionPatient": [-1259.7280190495, -1222.1482982307, 316.37552564702],
      "ImageType": [
        "ORIGINAL",
        "PRIMARY",
        "DIFFUSION",
        "NONE",
        "MB",
        "ND",
        "MOSAIC"
],
      "ImagedNucleus": "1H",
      "ImagingFrequency": 297.205662,
      "InPlanePhaseEncodingDirection": "COL",
      "MRAcquisitionType": "2D",
      "MagneticFieldStrength": 6.98,
      "Manufacturer": "SIEMENS",
      "ManufacturerModelName": "Investigational_Device_7T",
      "Modality": "MR",
      "NumberOfAverages": 1.0,
      "NumberOfPhaseEncodingSteps": 150,
      "PercentPhaseFieldOfView": 100.0,
      "PercentSampling": 100.0,
      "PerformedProcedureStepStartTime": "082442.187000",
      "PhotometricInterpretation": "MONOCHROME2",
      "PixelBandwidth": 1389.0,
      "PixelRepresentation": 0,
      "PixelSpacing": [1.0499999523163, 1.0499999523163],
      "ProtocolName": "hcp_v2_mbep2d_diff_AP_76",
      "RepetitionTime": 7776.0,
      "Rows": 2400,
      "SAR": 0.06487462040849,
      "SamplesPerPixel": 1,
      "ScanOptions": "PFP",
      "ScanningSequence": "EP",
      "SequenceVariant": [
        "SK",
        "SS"
],
      "SeriesDescription": "hcp_v2_mbep2d_diff_AP_76",
      "SeriesNumber": 10,
      "SeriesTime": "090447.718000",
      "SliceLocation": -73.857316459454,
      "SliceThickness": 1.0499999523163,
      "SmallestImagePixelValue": 0,
      "SoftwareVersions": "syngo MR B17",
      "SpacingBetweenSlices": 1.0500000134898,
      "SpecificCharacterSet": "ISO_IR 100",
      "StudyID": "1",
      "StudyTime": "082442.125000",
      "TransmitCoilName": "32Ch_Head_7T",
      "VariableFlipAngleFlag": "N",
      "WindowCenterWidthExplanation": "Algo1",
      "dBdt": 0.0},
