{
  "AcquisitionMatrixPE": 188,
  "AcquisitionNumber": 1,
  "AcquisitionTime": "18:52:9.010000",
  "BandwidthPerPixelPhaseEncode": 19.46,
  "BaseResolution": 188,
  "ConversionSoftware": "dcm2niix",
  "ConversionSoftwareVersion": "v1.0.20180606 GCC4.8.5",
  "DelayTime": 1.2,
  "DerivedVendorReportedEchoSpacing": 0.000820013,
  "DeviceSerialNumber": "18930",
  "DwellTime": 1.9e-06,
  "EchoTime": 0.02,
  "EffectiveEchoSpacing": 0.000273338,
  "FlipAngle": 80,
  "ImageComments": "Unaliased_MB2_PE2",
  "ImageOrientationPatientDICOM": [0.998691, 0.0104577, -0.0500658, -0.0510267, 0.136815, -0.989282],
  "ImageType": [
    "ORIGINAL",
    "PRIMARY",
    "M",
    "MB",
    "ND",
    "MOSAIC"
],
  "InPlanePhaseEncodingDirectionDICOM": "COL",
  "InstitutionAddress": "Oxfordlaan_55_Maastricht_Limburg_NL_6229_EV",
  "InstitutionName": "Scannexus",
  "InstitutionalDepartmentName": "MRI_7T",
  "MRAcquisitionType": "2D",
  "MagneticFieldStrength": 6.98,
  "Manufacturer": "Siemens",
  "ManufacturersModelName": "Investigational_Device_7T",
  "Modality": "MR",
  "MultibandAccelerationFactor": 2,
  "ParallelReductionFactorInPlane": 3,
  "PartialFourier": 0.75,
  "PatientPosition": "HFS",
  "PercentPhaseFOV": 100,
  "PhaseEncodingDirection": "j-",
  "PhaseEncodingSteps": 141,
  "PhaseResolution": 1,
  "PixelBandwidth": 1400,
  "ProcedureStepDescription": "FeDem_fMRI",
  "ProtocolName": "cmrr_mbep2d_bold_PA",
  "PulseSequenceDetails": "%CustomerSeq%_cmrr_mbep2d_bold",
  "ReceiveCoilName": "32Ch_Head_7T",
  "ReconMatrixPE": 188,
  "RepetitionTime": 2.6,
  "SAR": 0.035204,
  "ScanOptions": "PFP_FS",
  "ScanningSequence": "EP",
  "SequenceName": "epfid2d1_188",
  "SequenceVariant": "SK_SS",
  "SeriesDescription": "cmrr_mbep2d_bold_PA",
  "SeriesNumber": 9,
  "ShimSetting": [55, -94, 530, 314, -232, 380, -108, 83],
  "SliceThickness": 1.1,
  "SliceTiming": [0, 0.7325, 0.06, 0.7925, 0.12, 0.855, 0.1825, 0.915, 0.2425, 0.9775, 0.305, 1.0375, 0.365, 1.1, 0.4275, 1.16, 0.4875, 1.22, 0.55, 1.2825, 0.61, 1.3425, 0.67, 0, 0.7325, 0.06, 0.7925, 0.12, 0.855, 0.1825, 0.915, 0.2425, 0.9775, 0.305, 1.0375, 0.365, 1.1, 0.4275, 1.16, 0.4875, 1.22, 0.55, 1.2825, 0.61, 1.3425, 0.67],
  "SoftwareVersions": "syngo_MR_B17",
  "SpacingBetweenSlices": 1.1,
  "StationName": "MRC18930",
  "TotalReadoutTime": 0.0511141,
  "TxRefAmp": 279,
  "dcmmeta_affine": [
    [-1.0943106412887573, -0.05591224133968353, 0.003845449071377516, 104.14322662353516],
    [-0.011458962224423885, 0.14991405606269836, -1.0895949602127075, 32.81525802612305],
    [-0.05485931411385536, 1.0839999914169312, 0.1508861631155014, -117.40592956542969],
    [0.0, 0.0, 0.0, 1.0]
],
  "dcmmeta_reorient_transform": [
    [0.0, -1.0, 0.0, 187.0],
    [1.0, 0.0, 0.0, 0.0],
    [0.0, 0.0, 1.0, 0.0],
    [0.0, 0.0, 0.0, 1.0]
],
  "dcmmeta_shape": [188, 188, 46, 5],
  "dcmmeta_slice_dim": 2,
  "dcmmeta_version": 0.6,
  "global": {
    "const": {
      "AcquisitionMatrix": [188, 0, 0, 188],
      "AngioFlag": "N",
      "BitsAllocated": 16,
      "BitsStored": 12,
      "Columns": 1316,
      "EchoNumbers": 1,
      "EchoTime": 20.0,
      "EchoTrainLength": 1,
      "FlipAngle": 80.0,
      "HighBit": 11,
      "ImageOrientationPatient": [0.99869117064294, 0.01045769337543, -0.050065780021, -0.0510267048511, 0.1368147702362, -0.9892815544815],
      "ImagePositionPatient": [-679.34430283533, -151.86357330943, 727.6187592293],
      "ImageType": [
        "ORIGINAL",
        "PRIMARY",
        "M",
        "MB",
        "ND",
        "MOSAIC"
],
      "ImagedNucleus": "1H",
      "ImagingFrequency": 297.205538,
      "InPlanePhaseEncodingDirection": "COL",
      "LargestImagePixelValue": 4095,
      "MRAcquisitionType": "2D",
      "MagneticFieldStrength": 6.98,
      "Manufacturer": "SIEMENS",
      "ManufacturerModelName": "Investigational_Device_7T",
      "Modality": "MR",
      "NumberOfAverages": 1.0,
      "NumberOfPhaseEncodingSteps": 141,
      "PercentPhaseFieldOfView": 100.0,
      "PercentSampling": 100.0,
      "PerformedProcedureStepStartTime": "182006.265000",
      "PhotometricInterpretation": "MONOCHROME2",
      "PixelBandwidth": 1400.0,
      "PixelRepresentation": 0,
      "PixelSpacing": [1.0957447290421, 1.0957447290421],
      "ProtocolName": "cmrr_mbep2d_bold_PA",
      "RepetitionTime": 2600.0,
      "Rows": 1316,
      "SAR": 0.03520396489038,
      "SamplesPerPixel": 1,
      "ScanOptions": [
        "PFP",
        "FS"
],
      "ScanningSequence": "EP",
      "SequenceName": "epfid2d1_188",
      "SequenceVariant": [
        "SK",
        "SS"
],
      "SeriesDescription": "cmrr_mbep2d_bold_PA",
      "SeriesNumber": 9,
      "SeriesTime": "185228.593000",
      "SliceLocation": -48.245293648832,
      "SliceThickness": 1.1000000238419,
      "SmallestImagePixelValue": 0,
      "SoftwareVersions": "syngo MR B17",
      "SpacingBetweenSlices": 1.0999993358473,
      "SpecificCharacterSet": "ISO_IR 100",
      "StudyID": "1",
      "StudyTime": "182006.125000",
      "TransmitCoilName": "32Ch_Head_7T",
      "VariableFlipAngleFlag": "N",
      "WindowCenterWidthExplanation": "Algo1",
      "dBdt": 0.0},
    "slices": {}
  },
  "time": {
    "samples": {
      "AcquisitionNumber": [1, 2, 3, 4, 5],
      "AcquisitionTime": ["185209.010000", "185211.620000", "185214.230000", "185216.840000", "185219.450000"],
      "ContentTime": ["185228.593000", "185228.609000", "185228.609000", "185228.609000", "185228.609000"],
      "InstanceCreationTime": ["185228.593000", "185228.609000", "185228.609000", "185228.609000", "185228.609000"],
      "InstanceNumber": [1, 2, 3, 4, 5],
      "WindowCenter": [904.0, 903.0, 904.0, 904.0, 904.0],
      "WindowWidth": [2093.0, 2090.0, 2092.0, 2091.0, 2094.0]
    },
    "slices": {}
  }
}