{
  "AcquisitionMatrixPE": 384,
  "AcquisitionNumber": 1,
  "AcquisitionTime": "16:57:2.475000",
  "BaseResolution": 384,
  "ConversionSoftware": "dcm2niix",
  "ConversionSoftwareVersion": "v1.0.20180606 GCC4.8.5",
  "DeviceSerialNumber": "18930",
  "DwellTime": 7.3e-06,
  "EchoTime": 0.00346,
  "FlipAngle": 4,
  "ImageOrientationPatientDICOM": [0.0210636, 0.93681, -0.349204, 0.0269999, -0.349687, -0.936478],
  "ImageType": [
    "ORIGINAL",
    "PRIMARY",
    "M",
    "ND"
],
  "InPlanePhaseEncodingDirectionDICOM": "ROW",
  "InstitutionAddress": "Oxfordlaan_55_Maastricht_12C0A2_Limburg_NL_6229_EV",
  "InstitutionName": "Scannexus",
  "InstitutionalDepartmentName": "MRI_7T",
  "InversionTime": 0.67,
  "MRAcquisitionType": "3D",
  "MagneticFieldStrength": 6.98,
  "Manufacturer": "Siemens",
  "ManufacturersModelName": "Investigational_Device_7T",
  "Modality": "MR",
  "ParallelReductionFactorInPlane": 3,
  "PartialFourier": 0.75,
  "PatientPosition": "HFS",
  "PercentPhaseFOV": 100,
  "PhaseEncodingSteps": 289,
  "PhaseResolution": 1,
  "PixelBandwidth": 178,
  "ProcedureStepDescription": "FeDem_Faruk",
  "ProtocolName": "t1ShortInv_mpr_sag_pt6mm_1Average",
  "PulseSequenceDetails": "%SiemensSeq%_tfl",
  "ReceiveCoilName": "32Ch_Head_7T",
  "ReconMatrixPE": 384,
  "RepetitionTime": 4.5,
  "SAR": 0.0158646,
  "ScanOptions": "IR_PFP",
  "ScanningSequence": "GR_IR",
  "SequenceName": "_tfl3d1",
  "SequenceVariant": "SP_MP",
  "SeriesDescription": "t1ShortInv_mpr_sag_pt6mm_1Average",
  "SeriesNumber": 7,
  "ShimSetting": [118, -167, 360, 508, -26, -9, -60, 37],
  "SliceThickness": 0.6,
  "SoftwareVersions": "syngo_MR_B17",
  "StationName": "MRC18930",
  "TxRefAmp": 190,
  "dcmmeta_affine": [
    [0.599648118019104, 0.012561394833028316, 0.016101492568850517, -79.75358581542969],
    [-0.006178306881338358, 0.5586706399917603, -0.20853714644908905, -27.980487823486328],
    [-0.019595663994550705, 0.208249032497406, 0.5584723353385925, -154.98326110839844],
    [0.0, 0.0, 0.0, 1.0]
],
  "dcmmeta_reorient_transform": [
    [0.0, 0.0, -1.0, 383.0],
    [0.0, -1.0, 0.0, 383.0],
    [-1.0, 0.0, 0.0, 255.0],
    [0.0, 0.0, 0.0, 1.0]
],
  "dcmmeta_shape": [256, 384, 384],
  "dcmmeta_slice_dim": 0,
  "dcmmeta_version": 0.6,
  "global": {
    "const": {
      "AcquisitionMatrix": [0, 384, 384, 0],
      "AcquisitionNumber": 1,
      "AcquisitionTime": "165702.475000",
      "AngioFlag": "N",
      "BitsAllocated": 16,
      "BitsStored": 12,
      "Columns": 384,
      "EchoNumbers": 1,
      "EchoTime": 3.46,
      "EchoTrainLength": 1,
      "FlipAngle": 4.0,
      "HighBit": 11,
      "ImageOrientationPatient": [0.02106364798366, 0.93681009950637, -0.3492036085101, 0.02699988053063, -0.3496867249318, -0.9364775495749],
      "ImageType": [
        "ORIGINAL",
        "PRIMARY",
        "M",
        "ND"
],
      "ImagedNucleus": "1H",
      "ImagingFrequency": 297.205707,
      "InPlanePhaseEncodingDirection": "ROW",
      "InversionTime": 670.0,
      "MRAcquisitionType": "3D",
      "MagneticFieldStrength": 6.98,
      "Manufacturer": "SIEMENS",
      "ManufacturerModelName": "Investigational_Device_7T",
      "Modality": "MR",
      "NumberOfAverages": 1.0,
      "NumberOfPhaseEncodingSteps": 289,
      "PercentPhaseFieldOfView": 100.0,
      "PercentSampling": 100.0,
      "PerformedProcedureStepStartTime": "162733.984000",
      "PhotometricInterpretation": "MONOCHROME2",
      "PixelBandwidth": 178.0,
      "PixelRepresentation": 0,
      "PixelSpacing": [0.59635418653488, 0.59635418653488],
      "ProtocolName": "t1ShortInv_mpr_sag_pt6mm_1Average",
      "RepetitionTime": 4500.0,
      "Rows": 384,
      "SAR": 0.01586463090367,
      "SamplesPerPixel": 1,
      "ScanOptions": [
        "IR",
        "PFP"
],
      "ScanningSequence": [
        "GR",
        "IR"
],
      "SequenceName": "*tfl3d1",
      "SequenceVariant": [
        "SP",
        "MP"
],
      "SeriesDescription": "t1ShortInv_mpr_sag_pt6mm_1Average",
      "SeriesNumber": 7,
      "SeriesTime": "170547.468000",
      "SliceThickness": 0.60000002384186,
      "SmallestImagePixelValue": 0,
      "SoftwareVersions": "syngo MR B17",
      "SpecificCharacterSet": "ISO_IR 100",
      "StudyID": "1",
      "StudyTime": "162733.937000",
      "TransmitCoilName": "32Ch_Head_7T",
      "VariableFlipAngleFlag": "N",
      "WindowCenterWidthExplanation": "Algo1",
      "dBdt": 0.0},
