{
  "AcquisitionMatrixPE": 188,
  "AcquisitionNumber": 1,
  "AcquisitionTime": "18:41:32.695000",
  "BandwidthPerPixelPhaseEncode": 19.46,
  "BaseResolution": 188,
  "ConversionSoftware": "dcm2niix",
  "ConversionSoftwareVersion": "v1.0.20180606 GCC4.8.5",
  "DerivedVendorReportedEchoSpacing": 0.000820013,
  "DeviceSerialNumber": "18930",
  "DwellTime": 1.9e-06,
  "EchoTime": 0.02,
  "EffectiveEchoSpacing": 0.000273338,
  "FlipAngle": 75,
  "ImageComments": "Unaliased_MB2_PE2",
  "ImageOrientationPatientDICOM": [0.999947, 0.0102506, -3.94425e-07, -0.00294412, 0.287163, -0.957877],
  "ImageType": [
    "ORIGINAL",
    "PRIMARY",
    "M",
    "MB",
    "ND",
    "MOSAIC"
],
  "InPlanePhaseEncodingDirectionDICOM": "COL",
  "InstitutionAddress": "Oxfordlaan_55_Maastricht_12C0A2_Limburg_NL_6229_EV",
  "InstitutionName": "Scannexus",
  "InstitutionalDepartmentName": "MRI_7T",
  "MRAcquisitionType": "2D",
  "MagneticFieldStrength": 6.98,
  "Manufacturer": "Siemens",
  "ManufacturersModelName": "Investigational_Device_7T",
  "Modality": "MR",
  "MultibandAccelerationFactor": 2,
  "ParallelReductionFactorInPlane": 3,
  "PartialFourier": 0.75,
  "PatientPosition": "HFS",
  "PercentPhaseFOV": 100,
  "PhaseEncodingDirection": "j",
  "PhaseEncodingSteps": 141,
  "PhaseResolution": 1,
  "PixelBandwidth": 1400,
  "ProcedureStepDescription": "FeDem_Faruk",
  "ProtocolName": "cmrr_mbep2d_bold_rest",
  "PulseSequenceDetails": "%CustomerSeq%_cmrr_mbep2d_bold",
  "ReceiveCoilName": "32Ch_Head_7T",
  "ReconMatrixPE": 188,
  "RepetitionTime": 1.5,
  "SAR": 0.0721532,
  "ScanOptions": "PFP_FS",
  "ScanningSequence": "EP",
  "SequenceName": "epfid2d1_188",
  "SequenceVariant": "SK_SS",
  "SeriesDescription": "cmrr_mbep2d_bold_rest",
  "SeriesNumber": 26,
  "ShimSetting": [111, -167, 366, 521, -43, -6, -123, 43],
  "SliceThickness": 1.1,
  "SliceTiming": [0, 0.7825, 0.06, 0.8425, 0.12, 0.9025, 0.18, 0.9625, 0.24, 1.0225, 0.3, 1.085, 0.36, 1.145, 0.4225, 1.205, 0.4825, 1.265, 0.5425, 1.325, 0.6025, 1.385, 0.6625, 1.445, 0.7225, 0, 0.7825, 0.06, 0.8425, 0.12, 0.9025, 0.18, 0.9625, 0.24, 1.0225, 0.3, 1.085, 0.36, 1.145, 0.4225, 1.205, 0.4825, 1.265, 0.5425, 1.325, 0.6025, 1.385, 0.6625, 1.445, 0.7225],
  "SoftwareVersions": "syngo_MR_B17",
  "SpacingBetweenSlices": 1.1,
  "StationName": "MRC18930",
  "TaskName": "rest",
  "TotalReadoutTime": 0.0511141,
  "TxRefAmp": 170,
  "dcmmeta_affine": [
    [-1.0956871509552002, -0.0032260040752589703, 0.010800565592944622, 102.925048828125],
    [-0.011232031509280205, 0.3146570324897766, -1.0536097288131714, 26.45060920715332],
    [-4.3218912537668075e-07, 1.0495890378952026, 0.31589558720588684, -117.65704345703125],
    [0.0, 0.0, 0.0, 1.0]
],
  "dcmmeta_reorient_transform": [
    [0.0, -1.0, 0.0, 187.0],
    [1.0, 0.0, 0.0, 0.0],
    [0.0, 0.0, 1.0, 0.0],
    [0.0, 0.0, 0.0, 1.0]
],
  "dcmmeta_shape": [188, 188, 50, 400],
  "dcmmeta_slice_dim": 2,
  "dcmmeta_version": 0.6,
  "global": {
    "const": {
      "AcquisitionMatrix": [188, 0, 0, 188],
      "AngioFlag": "N",
      "BitsAllocated": 16,
      "BitsStored": 12,
      "Columns": 1504,
      "EchoNumbers": 1,
      "EchoTime": 20.0,
      "EchoTrainLength": 1,
      "FlipAngle": 75.0,
      "HighBit": 11,
      "ImageOrientationPatient": [0.99994746130594, 0.01025059157589, -3.94425009e-07, -0.002944120089, 0.28716270434003, -0.9578772955828],
      "ImagePositionPatient": [-821.16122890307, -299.72646837678, 769.24594030544],
      "ImageType": [
        "ORIGINAL",
        "PRIMARY",
        "M",
        "MB",
        "ND",
        "MOSAIC"
],
      "ImagedNucleus": "1H",
      "ImagingFrequency": 297.205813,
      "InPlanePhaseEncodingDirection": "COL",
      "MRAcquisitionType": "2D",
      "MagneticFieldStrength": 6.98,
      "Manufacturer": "SIEMENS",
      "ManufacturerModelName": "Investigational_Device_7T",
      "Modality": "MR",
      "NumberOfAverages": 1.0,
      "NumberOfPhaseEncodingSteps": 141,
      "PercentPhaseFieldOfView": 100.0,
      "PercentSampling": 100.0,
      "PerformedProcedureStepStartTime": "162733.984000",
      "PhotometricInterpretation": "MONOCHROME2",
      "PixelBandwidth": 1400.0,
      "PixelRepresentation": 0,
      "PixelSpacing": [1.0957447290421, 1.0957447290421],
      "ProtocolName": "cmrr_mbep2d_bold_rest",
      "RepetitionTime": 1500.0,
      "Rows": 1504,
      "SAR": 0.07215317797123,
      "SamplesPerPixel": 1,
      "ScanOptions": [
        "PFP",
        "FS"
],
      "ScanningSequence": "EP",
      "SequenceName": "epfid2d1_188",
      "SequenceVariant": [
        "SK",
        "SS"
],
      "SeriesDescription": "cmrr_mbep2d_bold_rest",
      "SeriesNumber": 26,
      "SeriesTime": "184142.906000",
      "SliceLocation": -58.113009324289,
      "SliceThickness": 1.1000000238419,
      "SmallestImagePixelValue": 0,
      "SoftwareVersions": "syngo MR B17",
      "SpacingBetweenSlices": 1.1000000192059,
      "SpecificCharacterSet": "ISO_IR 100",
      "StudyID": "1",
      "StudyTime": "162733.937000",
      "TransmitCoilName": "32Ch_Head_7T",
      "VariableFlipAngleFlag": "N",
      "WindowCenterWidthExplanation": "Algo1",
      "dBdt": 0.0},
