{
  "AcquisitionMatrixPE": 188,
  "AcquisitionNumber": 1,
  "AcquisitionTime": "16:19:45.880000",
  "BandwidthPerPixelPhaseEncode": 19.46,
  "BaseResolution": 188,
  "ConversionSoftware": "dcm2niix",
  "ConversionSoftwareVersion": "v1.0.20180606 GCC4.8.5",
  "DerivedVendorReportedEchoSpacing": 0.000820013,
  "DeviceSerialNumber": "18930",
  "DwellTime": 1.9e-06,
  "EchoTime": 0.0338,
  "EffectiveEchoSpacing": 0.000273338,
  "FlipAngle": 90,
  "ImageComments": "Unaliased_MB2_PE2",
  "ImageOrientationPatientDICOM": [0.999349, 0.0116422, -0.0341468, -0.0360133, 0.265736, -0.963373],
  "ImageType": [
    "ORIGINAL",
    "PRIMARY",
    "M",
    "MB",
    "ND",
    "MOSAIC"
],
  "InPlanePhaseEncodingDirectionDICOM": "COL",
  "InstitutionAddress": "Oxfordlaan_55_Maastricht_753AAF_Limburg_NL_6229_EV",
  "InstitutionName": "Scannexus",
  "InstitutionalDepartmentName": "MRI_7T",
  "MRAcquisitionType": "2D",
  "MagneticFieldStrength": 6.98,
  "Manufacturer": "Siemens",
  "ManufacturersModelName": "Investigational_Device_7T",
  "Modality": "MR",
  "MultibandAccelerationFactor": 2,
  "ParallelReductionFactorInPlane": 3,
  "PartialFourier": 0.75,
  "PatientPosition": "HFS",
  "PercentPhaseFOV": 100,
  "PhaseEncodingDirection": "j-",
  "PhaseEncodingSteps": 141,
  "PhaseResolution": 1,
  "PixelBandwidth": 1400,
  "ProcedureStepDescription": "FeDem_Faruk",
  "ProtocolName": "cmrr_mbep2d_se_PA",
  "PulseSequenceDetails": "%CustomerSeq%_cmrr_mbep2d_se",
  "ReceiveCoilName": "32Ch_Head_7T",
  "ReconMatrixPE": 188,
  "RepetitionTime": 2,
  "SAR": 0.0666567,
  "ScanOptions": "PFP_FS",
  "ScanningSequence": "EP",
  "SequenceName": "epse2d1_188",
  "SequenceVariant": "SK",
  "SeriesDescription": "cmrr_mbep2d_se_PA",
  "SeriesNumber": 25,
  "ShimSetting": [65, -44, 260, 508, -47, 393, 574, 240],
  "SliceThickness": 1.1,
  "SliceTiming": [0, 1.045, 0.08, 1.125, 0.16, 1.205, 0.24, 1.285, 0.3225, 1.365, 0.4025, 1.445, 0.4825, 1.525, 0.5625, 1.605, 0.6425, 1.6875, 0.7225, 1.7675, 0.8025, 1.8475, 0.8825, 1.9275, 0.9625, 0, 1.045, 0.08, 1.125, 0.16, 1.205, 0.24, 1.285, 0.3225, 1.365, 0.4025, 1.445, 0.4825, 1.525, 0.5625, 1.605, 0.6425, 1.6875, 0.7225, 1.7675, 0.8025, 1.8475, 0.8825, 1.9275, 0.9625],
  "SoftwareVersions": "syngo_MR_B17",
  "SpacingBetweenSlices": 1.1,
  "StationName": "MRC18930",
  "TotalReadoutTime": 0.0511141,
  "TxRefAmp": 180,
  "dcmmeta_affine": [
    [-1.0950313806533813, -0.03946137800812721, 0.0023559369146823883, 105.7925796508789],
    [-0.01275687851011753, 0.2911783754825592, -1.0603731870651245, 24.655010223388672],
    [-0.03741617128252983, 1.0556108951568604, 0.2925800681114197, -115.59547424316406],
    [0.0, 0.0, 0.0, 1.0]
],
  "dcmmeta_reorient_transform": [
    [0.0, -1.0, 0.0, 187.0],
    [1.0, 0.0, 0.0, 0.0],
    [0.0, 0.0, 1.0, 0.0],
    [0.0, 0.0, 0.0, 1.0]
],
  "dcmmeta_shape": [188, 188, 50, 5],
  "dcmmeta_slice_dim": 2,
  "dcmmeta_version": 0.6,
  "global": {
    "const": {
      "AcquisitionMatrix": [188, 0, 0, 188],
      "AngioFlag": "N",
      "BitsAllocated": 16,
      "BitsStored": 12,
      "Columns": 1504,
      "EchoNumbers": 1,
      "EchoTime": 33.8,
      "EchoTrainLength": 1,
      "FlipAngle": 90.0,
      "HighBit": 11,
      "ImageOrientationPatient": [0.99934901583153, 0.01164219890298, -0.0341467972329, -0.0360132950049, 0.26573560497756, -0.9633730486318],
      "ImagePositionPatient": [-792.97838884706, -279.09477424602, 801.01561040993],
      "ImageType": [
        "ORIGINAL",
        "PRIMARY",
        "M",
        "MB",
        "ND",
        "MOSAIC"
],
      "ImagedNucleus": "1H",
      "ImagingFrequency": 297.205727,
      "InPlanePhaseEncodingDirection": "COL",
      "MRAcquisitionType": "2D",
      "MagneticFieldStrength": 6.98,
      "Manufacturer": "SIEMENS",
      "ManufacturerModelName": "Investigational_Device_7T",
      "Modality": "MR",
      "NumberOfAverages": 1.0,
      "NumberOfPhaseEncodingSteps": 141,
      "PercentPhaseFieldOfView": 100.0,
      "PercentSampling": 100.0,
      "PerformedProcedureStepStartTime": "142100.687000",
      "PhotometricInterpretation": "MONOCHROME2",
      "PixelBandwidth": 1400.0,
      "PixelRepresentation": 0,
      "PixelSpacing": [1.0957447290421, 1.0957447290421],
      "ProtocolName": "cmrr_mbep2d_se_PA",
      "RepetitionTime": 2000.0,
      "Rows": 1504,
      "SAR": 0.06665667894993,
      "SamplesPerPixel": 1,
      "ScanOptions": [
        "PFP",
        "FS"
],
      "ScanningSequence": "EP",
      "SequenceName": "epse2d1_188",
      "SequenceVariant": "SK",
      "SeriesDescription": "cmrr_mbep2d_se_PA",
      "SeriesNumber": 25,
      "SeriesTime": "161956.500000",
      "SliceLocation": -54.286550070794,
      "SliceThickness": 1.1000000238419,
      "SmallestImagePixelValue": 0,
      "SoftwareVersions": "syngo MR B17",
      "SpacingBetweenSlices": 1.1000000026331,
      "SpecificCharacterSet": "ISO_IR 100",
      "StudyID": "1",
      "StudyTime": "142100.640000",
      "TransmitCoilName": "32Ch_Head_7T",
      "VariableFlipAngleFlag": "N",
      "WindowCenterWidthExplanation": "Algo1",
      "dBdt": 0.0},
    "slices": {}
  },
  "time": {
    "samples": {
      "AcquisitionNumber": [1, 2, 3, 4, 5],
      "AcquisitionTime": ["161945.880000", "161947.887500", "161949.895000", "161951.905000", "161953.912500"],
      "ContentTime": ["161956.500000", "161957.000000", "161957.500000", "161958.500000", "161958.640000"],
      "InstanceCreationTime": ["161956.500000", "161957.000000", "161957.500000", "161958.500000", "161958.640000"],
      "InstanceNumber": [1, 2, 3, 4, 5],
      "LargestImagePixelValue": [4089, 3661, 3501, 3327, 3316],
      "WindowCenter": [555.0, 550.0, 550.0, 548.0, 548.0],
      "WindowWidth": [1178.0, 1169.0, 1170.0, 1166.0, 1165.0]
    },
    "slices": {}
  }
}