{
  "AcquisitionMatrixPE": 188,
  "AcquisitionNumber": 1,
  "AcquisitionTime": "18:33:38.272500",
  "BandwidthPerPixelPhaseEncode": 19.46,
  "BaseResolution": 188,
  "ConversionSoftware": "dcm2niix",
  "ConversionSoftwareVersion": "v1.0.20180606 GCC4.8.5",
  "DerivedVendorReportedEchoSpacing": 0.000820013,
  "DeviceSerialNumber": "18930",
  "DwellTime": 1.9e-06,
  "EchoTime": 0.0338,
  "EffectiveEchoSpacing": 0.000273338,
  "FlipAngle": 90,
  "ImageComments": "Unaliased_MB2_PE2",
  "ImageOrientationPatientDICOM": [0.999247, 0.0204989, -0.0329316, -0.037426, 0.286299, -0.957409],
  "ImageType": [
    "ORIGINAL",
    "PRIMARY",
    "M",
    "MB",
    "ND",
    "MOSAIC"
],
  "InPlanePhaseEncodingDirectionDICOM": "COL",
  "InstitutionAddress": "Oxfordlaan_55_Maastricht_753AAF_Limburg_NL_6229_EV",
  "InstitutionName": "Scannexus",
  "InstitutionalDepartmentName": "MRI_7T",
  "MRAcquisitionType": "2D",
  "MagneticFieldStrength": 6.98,
  "Manufacturer": "Siemens",
  "ManufacturersModelName": "Investigational_Device_7T",
  "Modality": "MR",
  "MultibandAccelerationFactor": 2,
  "ParallelReductionFactorInPlane": 3,
  "PartialFourier": 0.75,
  "PatientPosition": "HFS",
  "PercentPhaseFOV": 100,
  "PhaseEncodingDirection": "j",
  "PhaseEncodingSteps": 141,
  "PhaseResolution": 1,
  "PixelBandwidth": 1400,
  "ProcedureStepDescription": "FeDem_Faruk",
  "ProtocolName": "cmrr_mbep2d_se_AP",
  "PulseSequenceDetails": "%CustomerSeq%_cmrr_mbep2d_se",
  "ReceiveCoilName": "32Ch_Head_7T",
  "ReconMatrixPE": 188,
  "RepetitionTime": 2,
  "SAR": 0.072197,
  "ScanOptions": "PFP_FS",
  "ScanningSequence": "EP",
  "SequenceName": "epse2d1_188",
  "SequenceVariant": "SK",
  "SeriesDescription": "cmrr_mbep2d_se_AP",
  "SeriesNumber": 10,
  "ShimSetting": [117, -256, 552, 270, 8, -144, 276, 73],
  "SliceThickness": 1.1,
  "SliceTiming": [0, 1.0475, 0.0875, 1.135, 0.175, 1.2225, 0.2625, 1.31, 0.35, 1.3975, 0.4375, 1.485, 0.525, 1.5725, 0.6125, 1.66, 0.7, 1.7475, 0.7875, 1.835, 0.875, 1.9225, 0.96, 0, 1.0475, 0.0875, 1.135, 0.175, 1.2225, 0.2625, 1.31, 0.35, 1.3975, 0.4375, 1.485, 0.525, 1.5725, 0.6125, 1.66, 0.7, 1.7475, 0.7875, 1.835, 0.875, 1.9225, 0.96],
  "SoftwareVersions": "syngo_MR_B17",
  "SpacingBetweenSlices": 1.1,
  "StationName": "MRC18930",
  "TotalReadoutTime": 0.0511141,
  "TxRefAmp": 210,
  "dcmmeta_affine": [
    [-1.094920039176941, -0.0410093292593956, 0.011217320337891579, 102.66911315917969],
    [-0.02246156521141529, 0.3137103319168091, -1.0537132024765015, 22.232595443725586],
    [-0.0360846221446991, 1.0490760803222656, 0.3155355155467987, -109.38018798828125],
    [0.0, 0.0, 0.0, 1.0]
],
  "dcmmeta_reorient_transform": [
    [0.0, -1.0, 0.0, 187.0],
    [1.0, 0.0, 0.0, 0.0],
    [0.0, 0.0, 1.0, 0.0],
    [0.0, 0.0, 0.0, 1.0]
],
  "dcmmeta_shape": [188, 188, 46, 5],
  "dcmmeta_slice_dim": 2,
  "dcmmeta_version": 0.6,
  "global": {
    "const": {
      "AcquisitionMatrix": [188, 0, 0, 188],
      "AngioFlag": "N",
      "BitsAllocated": 16,
      "BitsStored": 12,
      "Columns": 1316,
      "EchoNumbers": 1,
      "EchoTime": 33.8,
      "EchoTrainLength": 1,
      "FlipAngle": 90.0,
      "HighBit": 11,
      "ImageOrientationPatient": [0.9992473693272, 0.02049890268295, -0.0329315939711, -0.0374259880807, 0.28629873388358, -0.9574091760542],
      "ImagePositionPatient": [-689.40600947743, -270.49737415605, 698.82765392926],
      "ImageType": [
        "ORIGINAL",
        "PRIMARY",
        "M",
        "MB",
        "ND",
        "MOSAIC"
],
      "ImagedNucleus": "1H",
      "ImagingFrequency": 297.205491,
      "InPlanePhaseEncodingDirection": "COL",
      "MRAcquisitionType": "2D",
      "MagneticFieldStrength": 6.98,
      "Manufacturer": "SIEMENS",
      "ManufacturerModelName": "Investigational_Device_7T",
      "Modality": "MR",
      "NumberOfAverages": 1.0,
      "NumberOfPhaseEncodingSteps": 141,
      "PercentPhaseFieldOfView": 100.0,
      "PercentSampling": 100.0,
      "PerformedProcedureStepStartTime": "181136.593000",
      "PhotometricInterpretation": "MONOCHROME2",
      "PixelBandwidth": 1400.0,
      "PixelRepresentation": 0,
      "PixelSpacing": [1.0957447290421, 1.0957447290421],
      "ProtocolName": "cmrr_mbep2d_se_AP",
      "RepetitionTime": 2000.0,
      "Rows": 1316,
      "SAR": 0.07219704119818,
      "SamplesPerPixel": 1,
      "ScanOptions": [
        "PFP",
        "FS"
],
      "ScanningSequence": "EP",
      "SequenceName": "epse2d1_188",
      "SequenceVariant": "SK",
      "SeriesDescription": "cmrr_mbep2d_se_AP",
      "SeriesNumber": 10,
      "SeriesTime": "183347.562000",
      "SliceLocation": -51.625853982771,
      "SliceThickness": 1.1000000238419,
      "SmallestImagePixelValue": 0,
      "SoftwareVersions": "syngo MR B17",
      "SpacingBetweenSlices": 1.1000000357126,
      "SpecificCharacterSet": "ISO_IR 100",
      "StudyID": "1",
      "StudyTime": "181136.484000",
      "TransmitCoilName": "32Ch_Head_7T",
      "VariableFlipAngleFlag": "N",
      "WindowCenterWidthExplanation": "Algo1",
      "dBdt": 0.0},
    "slices": {}
  },
  "time": {
    "samples": {
      "AcquisitionNumber": [1, 2, 3, 4, 5],
      "AcquisitionTime": ["183338.272500", "183340.282500", "183342.290000", "183344.297500", "183346.305000"],
      "ContentTime": ["183347.562000", "183348.062000", "183348.062000", "183349.062000", "183349.578000"],
      "InstanceCreationTime": ["183347.562000", "183348.062000", "183348.062000", "183349.062000", "183349.578000"],
      "InstanceNumber": [1, 2, 3, 4, 5],
      "LargestImagePixelValue": [3059, 3144, 3158, 3205, 3287],
      "WindowCenter": [573.0, 572.0, 573.0, 572.0, 572.0],
      "WindowWidth": [1218.0, 1217.0, 1217.0, 1217.0, 1216.0]
    },
    "slices": {}
  }
}