{
  "AcquisitionMatrixPE": 188,
  "AcquisitionNumber": 1,
  "AcquisitionTime": "14:55:17.007500",
  "BandwidthPerPixelPhaseEncode": 19.46,
  "BaseResolution": 188,
  "ConversionSoftware": "dcm2niix",
  "ConversionSoftwareVersion": "v1.0.20180606 GCC4.8.5",
  "DelayTime": 1.2,
  "DerivedVendorReportedEchoSpacing": 0.000820013,
  "DeviceSerialNumber": "18930",
  "DwellTime": 1.9e-06,
  "EchoTime": 0.02,
  "EffectiveEchoSpacing": 0.000273338,
  "FlipAngle": 80,
  "ImageComments": "Unaliased_MB2_PE2",
  "ImageOrientationPatientDICOM": [0.997821, 0.028021, -0.0597332, -0.06312, 0.14179, -0.987882],
  "ImageType": [
    "ORIGINAL",
    "PRIMARY",
    "M",
    "MB",
    "ND",
    "MOSAIC"
],
  "InPlanePhaseEncodingDirectionDICOM": "COL",
  "InstitutionAddress": "Oxfordlaan_55_Maastricht_Limburg_NL_6229_EV",
  "InstitutionName": "Scannexus",
  "InstitutionalDepartmentName": "MRI_7T",
  "MRAcquisitionType": "2D",
  "MagneticFieldStrength": 6.98,
  "Manufacturer": "Siemens",
  "ManufacturersModelName": "Investigational_Device_7T",
  "Modality": "MR",
  "MultibandAccelerationFactor": 2,
  "ParallelReductionFactorInPlane": 3,
  "PartialFourier": 0.75,
  "PatientPosition": "HFS",
  "PercentPhaseFOV": 100,
  "PhaseEncodingDirection": "j",
  "PhaseEncodingSteps": 141,
  "PhaseResolution": 1,
  "PixelBandwidth": 1400,
  "ProcedureStepDescription": "FeDem_Faruk",
  "ProtocolName": "cmrr_mbep2d_bold_AP",
  "PulseSequenceDetails": "%CustomerSeq%_cmrr_mbep2d_bold",
  "ReceiveCoilName": "32Ch_Head_7T",
  "ReconMatrixPE": 188,
  "RepetitionTime": 2.6,
  "SAR": 0.0430602,
  "ScanOptions": "PFP_FS",
  "ScanningSequence": "EP",
  "SequenceName": "epfid2d1_188",
  "SequenceVariant": "SK_SS",
  "SeriesDescription": "cmrr_mbep2d_bold_AP",
  "SeriesNumber": 8,
  "ShimSetting": [100, -161, 486, 430, -28, -229, -278, 176],
  "SliceThickness": 1.1,
  "SliceTiming": [0, 0.735, 0.0625, 0.795, 0.1225, 0.8575, 0.185, 0.9175, 0.245, 0.98, 0.3075, 1.04, 0.3675, 1.1, 0.43, 1.1625, 0.49, 1.2225, 0.55, 1.285, 0.6125, 1.345, 0.6725, 0, 0.735, 0.0625, 0.795, 0.1225, 0.8575, 0.185, 0.9175, 0.245, 0.98, 0.3075, 1.04, 0.3675, 1.1, 0.43, 1.1625, 0.49, 1.2225, 0.55, 1.285, 0.6125, 1.345, 0.6725],
  "SoftwareVersions": "syngo_MR_B17",
  "SpacingBetweenSlices": 1.1,
  "StationName": "MRC18930",
  "TotalReadoutTime": 0.0511141,
  "TxRefAmp": 245,
  "dcmmeta_affine": [
    [-1.0933570861816406, -0.06916341930627823, 0.021133068948984146, 104.83399200439453],
    [-0.030703885480761528, 0.1553657054901123, -1.088449239730835, 33.75456619262695],
    [-0.06545233726501465, 1.0824668407440186, 0.15757465362548828, -118.5897445678711],
    [0.0, 0.0, 0.0, 1.0]
],
  "dcmmeta_reorient_transform": [
    [0.0, -1.0, 0.0, 187.0],
    [1.0, 0.0, 0.0, 0.0],
    [0.0, 0.0, 1.0, 0.0],
    [0.0, 0.0, 0.0, 1.0]
],
  "dcmmeta_shape": [188, 188, 46, 5],
  "dcmmeta_slice_dim": 2,
  "dcmmeta_version": 0.6,
  "global": {
    "const": {
      "AcquisitionMatrix": [188, 0, 0, 188],
      "AngioFlag": "N",
      "BitsAllocated": 16,
      "BitsStored": 12,
      "Columns": 1316,
      "EchoNumbers": 1,
      "EchoTime": 20.0,
      "EchoTrainLength": 1,
      "FlipAngle": 80.0,
      "HighBit": 11,
      "ImageOrientationPatient": [0.99782100966385, 0.02802101971216, -0.0597331995436, -0.0631200106673, 0.1417900610645, -0.9878823021174],
      "ImagePositionPatient": [-669.54567872493, -167.7512079547, 731.25795682871],
      "ImageType": [
        "ORIGINAL",
        "PRIMARY",
        "M",
        "MB",
        "ND",
        "MOSAIC"
],
      "ImagedNucleus": "1H",
      "ImagingFrequency": 297.205478,
      "InPlanePhaseEncodingDirection": "COL",
      "LargestImagePixelValue": 4095,
      "MRAcquisitionType": "2D",
      "MagneticFieldStrength": 6.98,
      "Manufacturer": "SIEMENS",
      "ManufacturerModelName": "Investigational_Device_7T",
      "Modality": "MR",
      "NumberOfAverages": 1.0,
      "NumberOfPhaseEncodingSteps": 141,
      "PercentPhaseFieldOfView": 100.0,
      "PercentSampling": 100.0,
      "PerformedProcedureStepStartTime": "142429.390000",
      "PhotometricInterpretation": "MONOCHROME2",
      "PixelBandwidth": 1400.0,
      "PixelRepresentation": 0,
      "PixelSpacing": [1.0957447290421, 1.0957447290421],
      "ProtocolName": "cmrr_mbep2d_bold_AP",
      "RepetitionTime": 2600.0,
      "Rows": 1316,
      "SAR": 0.04306021259192,
      "SamplesPerPixel": 1,
      "ScanOptions": [
        "PFP",
        "FS"
],
      "ScanningSequence": "EP",
      "SequenceName": "epfid2d1_188",
      "SequenceVariant": [
        "SK",
        "SS"
],
      "SeriesDescription": "cmrr_mbep2d_bold_AP",
      "SeriesNumber": 8,
      "SeriesTime": "145536.656000",
      "SliceLocation": -48.374043508033,
      "SliceThickness": 1.1000000238419,
      "SmallestImagePixelValue": 0,
      "SoftwareVersions": "syngo MR B17",
      "SpacingBetweenSlices": 1.0999991725909,
      "SpecificCharacterSet": "ISO_IR 100",
      "StudyID": "1",
      "StudyTime": "142429.359000",
      "TransmitCoilName": "32Ch_Head_7T",
      "VariableFlipAngleFlag": "N",
      "WindowCenterWidthExplanation": "Algo1",
      "dBdt": 0.0},
    "slices": {}
  },
  "time": {
    "samples": {
      "AcquisitionNumber": [1, 2, 3, 4, 5],
      "AcquisitionTime": ["145517.007500", "145519.620000", "145522.230000", "145524.840000", "145527.450000"],
      "ContentTime": ["145536.656000", "145536.671000", "145536.671000", "145536.671000", "145536.671000"],
      "InstanceCreationTime": ["145536.656000", "145536.671000", "145536.671000", "145536.671000", "145536.671000"],
      "InstanceNumber": [1, 2, 3, 4, 5],
      "WindowCenter": [871.0, 870.0, 870.0, 870.0, 870.0],
      "WindowWidth": [1992.0, 1989.0, 1989.0, 1989.0, 1990.0]
    },
    "slices": {}
  }
}