{
  "AcquisitionMatrixPE": 188,
  "AcquisitionNumber": 1,
  "AcquisitionTime": "12:16:27.002500",
  "BandwidthPerPixelPhaseEncode": 19.46,
  "BaseResolution": 188,
  "ConversionSoftware": "dcm2niix",
  "ConversionSoftwareVersion": "v1.0.20180606 GCC4.8.5",
  "DelayTime": 1.2,
  "DerivedVendorReportedEchoSpacing": 0.000820013,
  "DeviceSerialNumber": "18930",
  "DwellTime": 1.9e-06,
  "EchoTime": 0.02,
  "EffectiveEchoSpacing": 0.000273338,
  "FlipAngle": 80,
  "ImageComments": "Unaliased_MB2_PE2",
  "ImageOrientationPatientDICOM": [0.999494, 0.00849252, 0.0306391, 0.0297927, 0.0863519, -0.995819],
  "ImageType": [
    "ORIGINAL",
    "PRIMARY",
    "M",
    "MB",
    "ND",
    "MOSAIC"
],
  "InPlanePhaseEncodingDirectionDICOM": "COL",
  "InstitutionAddress": "Oxfordlaan_55_Maastricht_Limburg_NL_6229_EV",
  "InstitutionName": "Scannexus",
  "InstitutionalDepartmentName": "MRI_7T",
  "MRAcquisitionType": "2D",
  "MagneticFieldStrength": 6.98,
  "Manufacturer": "Siemens",
  "ManufacturersModelName": "Investigational_Device_7T",
  "Modality": "MR",
  "MultibandAccelerationFactor": 2,
  "ParallelReductionFactorInPlane": 3,
  "PartialFourier": 0.75,
  "PatientPosition": "HFS",
  "PercentPhaseFOV": 100,
  "PhaseEncodingDirection": "j-",
  "PhaseEncodingSteps": 141,
  "PhaseResolution": 1,
  "PixelBandwidth": 1400,
  "ProcedureStepDescription": "FeDem_fMRI",
  "ProtocolName": "cmrr_mbep2d_bold_PA_end",
  "PulseSequenceDetails": "%CustomerSeq%_cmrr_mbep2d_bold",
  "ReceiveCoilName": "32Ch_Head_7T",
  "ReconMatrixPE": 188,
  "RepetitionTime": 2.6,
  "SAR": 0.0420136,
  "ScanOptions": "PFP_FS",
  "ScanningSequence": "EP",
  "SequenceName": "epfid2d1_188",
  "SequenceVariant": "SK_SS",
  "SeriesDescription": "cmrr_mbep2d_bold_PA_end",
  "SeriesNumber": 18,
  "ShimSetting": [140, -56, 513, 496, 73, -8, -289, 115],
  "SliceThickness": 1.1,
  "SliceTiming": [0, 0.7325, 0.06, 0.7925, 0.1225, 0.855, 0.1825, 0.915, 0.245, 0.9775, 0.305, 1.0375, 0.365, 1.1, 0.4275, 1.16, 0.4875, 1.2225, 0.55, 1.2825, 0.61, 1.3425, 0.6725, 0, 0.7325, 0.06, 0.7925, 0.1225, 0.855, 0.1825, 0.915, 0.245, 0.9775, 0.305, 1.0375, 0.365, 1.1, 0.4275, 1.16, 0.4875, 1.2225, 0.55, 1.2825, 0.61, 1.3425, 0.6725],
  "SoftwareVersions": "syngo_MR_B17",
  "SpacingBetweenSlices": 1.1,
  "StationName": "MRC18930",
  "TotalReadoutTime": 0.0511141,
  "TxRefAmp": 255,
  "dcmmeta_affine": [
    [-1.0951907634735107, 0.03264519199728966, 0.012213021516799927, 100.59942626953125],
    [-0.009305629879236221, 0.09461967647075653, -1.0958507061004639, 39.60839080810547],
    [0.03357261046767235, 1.0911635160446167, 0.09466072916984558, -125.095947265625],
    [0.0, 0.0, 0.0, 1.0]
],
  "dcmmeta_reorient_transform": [
    [0.0, -1.0, 0.0, 187.0],
    [1.0, 0.0, 0.0, 0.0],
    [0.0, 0.0, 1.0, 0.0],
    [0.0, 0.0, 0.0, 1.0]
],
  "dcmmeta_shape": [188, 188, 46, 5],
  "dcmmeta_slice_dim": 2,
  "dcmmeta_version": 0.6,
  "global": {
    "const": {
      "AcquisitionMatrix": [188, 0, 0, 188],
      "AngioFlag": "N",
      "BitsAllocated": 16,
      "BitsStored": 12,
      "Columns": 1316,
      "EchoNumbers": 1,
      "EchoTime": 20.0,
      "EchoTrainLength": 1,
      "FlipAngle": 80.0,
      "HighBit": 11,
      "ImageOrientationPatient": [0.99949443416212, 0.00849251622165, 0.03063908039032, 0.02979269929881, 0.08635193696883, -0.9958191291847],
      "ImagePositionPatient": [-742.80355485041, -115.91614462086, 675.43293172381],
      "ImageType": [
        "ORIGINAL",
        "PRIMARY",
        "M",
        "MB",
        "ND",
        "MOSAIC"
],
      "ImagedNucleus": "1H",
      "ImagingFrequency": 297.205424,
      "InPlanePhaseEncodingDirection": "COL",
      "LargestImagePixelValue": 4095,
      "MRAcquisitionType": "2D",
      "MagneticFieldStrength": 6.98,
      "Manufacturer": "SIEMENS",
      "ManufacturerModelName": "Investigational_Device_7T",
      "Modality": "MR",
      "NumberOfAverages": 1.0,
      "NumberOfPhaseEncodingSteps": 141,
      "PercentPhaseFieldOfView": 100.0,
      "PercentSampling": 100.0,
      "PerformedProcedureStepStartTime": "101624.203000",
      "PhotometricInterpretation": "MONOCHROME2",
      "PixelBandwidth": 1400.0,
      "PixelRepresentation": 0,
      "PixelSpacing": [1.0957447290421, 1.0957447290421],
      "ProtocolName": "cmrr_mbep2d_bold_PA_end",
      "RepetitionTime": 2600.0,
      "Rows": 1316,
      "SAR": 0.04201356582233,
      "SamplesPerPixel": 1,
      "ScanOptions": [
        "PFP",
        "FS"
],
      "ScanningSequence": "EP",
      "SequenceName": "epfid2d1_188",
      "SequenceVariant": [
        "SK",
        "SS"
],
      "SeriesDescription": "cmrr_mbep2d_bold_PA_end",
      "SeriesNumber": 18,
      "SeriesTime": "121647.171000",
      "SliceLocation": -49.107241272664,
      "SliceThickness": 1.1000000238419,
      "SmallestImagePixelValue": 0,
      "SoftwareVersions": "syngo MR B17",
      "SpacingBetweenSlices": 1.0999993040712,
      "SpecificCharacterSet": "ISO_IR 100",
      "StudyID": "1",
      "StudyTime": "101624.031000",
      "TransmitCoilName": "32Ch_Head_7T",
      "VariableFlipAngleFlag": "N",
      "WindowCenterWidthExplanation": "Algo1",
      "dBdt": 0.0},
    "slices": {}
  },
  "time": {
    "samples": {
      "AcquisitionNumber": [1, 2, 3, 4, 5],
      "AcquisitionTime": ["121627.002500", "121629.612500", "121632.222500", "121634.832500", "121637.442500"],
      "ContentTime": ["121647.171000", "121647.171000", "121647.171000", "121647.187000", "121647.187000"],
      "InstanceCreationTime": ["121647.171000", "121647.171000", "121647.171000", "121647.187000", "121647.187000"],
      "InstanceNumber": [1, 2, 3, 4, 5],
      "WindowCenter": [940.0, 939.0, 937.0, 937.0, 940.0],
      "WindowWidth": [2108.0, 2106.0, 2100.0, 2099.0, 2107.0]
    },
    "slices": {}
  }
}