{
  "AcquisitionMatrixPE": 200,
  "AcquisitionNumber": 1,
  "AcquisitionTime": "16:48:38.677500",
  "BandwidthPerPixelPhaseEncode": 18.293,
  "BaseResolution": 200,
  "ConversionSoftware": "dcm2niix",
  "ConversionSoftwareVersion": "v1.0.20180606 GCC4.8.5",
  "DerivedVendorReportedEchoSpacing": 0.000819986,
  "DeviceSerialNumber": "18930",
  "DwellTime": 1.8e-06,
  "EchoTime": 0.076,
  "EffectiveEchoSpacing": 0.000273329,
  "FlipAngle": 90,
  "ImageComments": "Unaliased_MB2_PE4_LB_SENSE1",
  "ImageOrientationPatientDICOM": [0.998719, -0.0493941, 0.0109505, 0.0505934, 0.975045, -0.216163],
  "ImageType": [
    "ORIGINAL",
    "PRIMARY",
    "DIFFUSION",
    "NONE",
    "MB",
    "ND",
    "MOSAIC"
],
  "InPlanePhaseEncodingDirectionDICOM": "COL",
  "InstitutionAddress": "Oxfordlaan_55_Maastricht_22AAA2_Limburg_NL_6229_EV",
  "InstitutionName": "Scannexus",
  "InstitutionalDepartmentName": "MRI_7T",
  "MRAcquisitionType": "2D",
  "MagneticFieldStrength": 6.98,
  "Manufacturer": "Siemens",
  "ManufacturersModelName": "Investigational_Device_7T",
  "Modality": "MR",
  "MultibandAccelerationFactor": 2,
  "ParallelReductionFactorInPlane": 3,
  "PartialFourier": 0.75,
  "PatientPosition": "HFS",
  "PercentPhaseFOV": 100,
  "PhaseEncodingDirection": "j-",
  "PhaseEncodingSteps": 150,
  "PhaseResolution": 1,
  "PixelBandwidth": 1389,
  "ProcedureStepDescription": "FeDem_Faruk",
  "ProtocolName": "hcp_v2_mbep2d_diff_AP_78",
  "PulseSequenceDetails": "%CustomerSeq%/federico_hcp_v2_mbep2d_diff",
  "ReceiveCoilName": "32Ch_Head_7T",
  "ReconMatrixPE": 200,
  "RepetitionTime": 7.776,
  "SAR": 0.0817142,
  "ScanOptions": "PFP",
  "ScanningSequence": "EP",
  "SequenceName": "ep_b60#1",
  "SequenceVariant": "SK_SS",
  "SeriesDescription": "hcp_v2_mbep2d_diff_AP_78",
  "SeriesNumber": 18,
  "ShimSetting": [73, -51, 257, 555, -138, 205, 537, 102],
  "SliceThickness": 1.05,
  "SliceTiming": [0, 5.7975, 3.785, 1.775, 7.57, 5.56, 3.55, 1.5375, 7.335, 5.3225, 3.3125, 1.3025, 7.0975, 5.0875, 3.075, 1.065, 6.86, 4.85, 2.84, 0.83, 6.625, 4.615, 2.6025, 0.5925, 6.3875, 4.3775, 2.3675, 0.355, 6.1525, 4.14, 2.13, 0.12, 5.915, 3.905, 1.8925, 7.69, 5.6775, 3.6675, 1.6575, 7.4525, 5.4425, 3.43, 1.42, 7.215, 5.205, 3.195, 1.1825, 6.98, 4.9675, 2.9575, 0.9475, 6.7425, 4.7325, 2.7225, 0.71, 6.5075, 4.495, 2.485, 0.475, 6.27, 4.26, 2.2475, 0.2375, 6.0325, 4.0225, 2.0125, 0, 5.7975, 3.785, 1.775, 7.57, 5.56, 3.55, 1.5375, 7.335, 5.3225, 3.3125, 1.3025, 7.0975, 5.0875, 3.075, 1.065, 6.86, 4.85, 2.84, 0.83, 6.625, 4.615, 2.6025, 0.5925, 6.3875, 4.3775, 2.3675, 0.355, 6.1525, 4.14, 2.13, 0.12, 5.915, 3.905, 1.8925, 7.69, 5.6775, 3.6675, 1.6575, 7.4525, 5.4425, 3.43, 1.42, 7.215, 5.205, 3.195, 1.1825, 6.98, 4.9675, 2.9575, 0.9475, 6.7425, 4.7325, 2.7225, 0.71, 6.5075, 4.495, 2.485, 0.475, 6.27, 4.26, 2.2475, 0.2375, 6.0325, 4.0225, 2.0125],
  "SoftwareVersions": "syngo_MR_B17",
  "SpacingBetweenSlices": 1.05,
  "StationName": "MRC18930",
  "TotalReadoutTime": 0.0543924,
  "TxRefAmp": 172.292,
  "dcmmeta_affine": [
    [-1.0486552715301514, 0.053123023360967636, 2.108400565248303e-08, 99.6063461303711],
    [0.05186377838253975, 1.0237977504730225, -0.22726282477378845, -92.56796264648438],
    [0.011498002335429192, 0.22697164118289948, 1.0251110792160034, -86.654052734375],
    [0.0, 0.0, 0.0, 1.0]
],
  "dcmmeta_reorient_transform": [
    [0.0, -1.0, 0.0, 199.0],
    [1.0, 0.0, 0.0, 0.0],
    [0.0, 0.0, 1.0, 0.0],
    [0.0, 0.0, 0.0, 1.0]
],
  "dcmmeta_shape": [200, 200, 132, 78],
  "dcmmeta_slice_dim": 2,
  "dcmmeta_version": 0.6,
  "global": {
    "const": {
      "AcquisitionMatrix": [200, 0, 0, 200],
      "AngioFlag": "N",
      "BitsAllocated": 16,
      "BitsStored": 12,
      "Columns": 2400,
      "EchoNumbers": 1,
      "EchoTime": 76.0,
      "EchoTrainLength": 1,
      "FlipAngle": 90.0,
      "HighBit": 11,
      "ImageOrientationPatient": [0.99871933606147, -0.0493940763996, 0.01095047914799, 0.05059335704363, 0.97504546873233, -0.2161634708446],
      "ImagePositionPatient": [-1322.1339332703, -1180.2950866345, 195.53430017821],
      "ImageType": [
        "ORIGINAL",
        "PRIMARY",
        "DIFFUSION",
        "NONE",
        "MB",
        "ND",
        "MOSAIC"
],
      "ImagedNucleus": "1H",
      "ImagingFrequency": 297.205651,
      "InPlanePhaseEncodingDirection": "COL",
      "MRAcquisitionType": "2D",
      "MagneticFieldStrength": 6.98,
      "Manufacturer": "SIEMENS",
      "ManufacturerModelName": "Investigational_Device_7T",
      "Modality": "MR",
      "NumberOfAverages": 1.0,
      "NumberOfPhaseEncodingSteps": 150,
      "PercentPhaseFieldOfView": 100.0,
      "PercentSampling": 100.0,
      "PerformedProcedureStepStartTime": "150545.421000",
      "PhotometricInterpretation": "MONOCHROME2",
      "PixelBandwidth": 1389.0,
      "PixelRepresentation": 0,
      "PixelSpacing": [1.0499999523163, 1.0499999523163],
      "ProtocolName": "hcp_v2_mbep2d_diff_AP_78",
      "RepetitionTime": 7776.0,
      "Rows": 2400,
      "SAR": 0.08171418724339,
      "SamplesPerPixel": 1,
      "ScanOptions": "PFP",
      "ScanningSequence": "EP",
      "SequenceVariant": [
        "SK",
        "SS"
],
      "SeriesDescription": "hcp_v2_mbep2d_diff_AP_78",
      "SeriesNumber": 18,
      "SeriesTime": "164911.390000",
      "SliceLocation": -64.564509315294,
      "SliceThickness": 1.0499999523163,
      "SmallestImagePixelValue": 0,
      "SoftwareVersions": "syngo MR B17",
      "SpacingBetweenSlices": 1.0500005839179,
      "SpecificCharacterSet": "ISO_IR 100",
      "StudyID": "1",
      "StudyTime": "150545.375000",
      "TransmitCoilName": "32Ch_Head_7T",
      "VariableFlipAngleFlag": "N",
      "WindowCenterWidthExplanation": "Algo1",
      "dBdt": 0.0},
