{
  "AcquisitionMatrixPE": 320,
  "AcquisitionNumber": 1,
  "AcquisitionTime": "17:49:13.150000",
  "BaseResolution": 320,
  "ConversionSoftware": "dcm2niix",
  "ConversionSoftwareVersion": "v1.0.20180606 GCC4.8.5",
  "DeviceSerialNumber": "18930",
  "DwellTime": 8.8e-06,
  "EchoTime": 0.00337,
  "FlipAngle": 4,
  "ImageOrientationPatientDICOM": [-0.0380723, 0.91912, -0.392133, 0.0803395, -0.388332, -0.918011],
  "ImageType": [
    "ORIGINAL",
    "PRIMARY",
    "M",
    "ND"
],
  "InPlanePhaseEncodingDirectionDICOM": "ROW",
  "InstitutionAddress": "Oxfordlaan_55_Maastricht_22AAA2_Limburg_NL_6229_EV",
  "InstitutionName": "Scannexus",
  "InstitutionalDepartmentName": "MRI_7T",
  "InversionTime": 0.67,
  "MRAcquisitionType": "3D",
  "MagneticFieldStrength": 6.98,
  "Manufacturer": "Siemens",
  "ManufacturersModelName": "Investigational_Device_7T",
  "Modality": "MR",
  "ParallelReductionFactorInPlane": 3,
  "PartialFourier": 0.75,
  "PatientPosition": "HFS",
  "PercentPhaseFOV": 100,
  "PhaseEncodingSteps": 240,
  "PhaseResolution": 1,
  "PixelBandwidth": 178,
  "ProcedureStepDescription": "FeDem_Faruk",
  "ProtocolName": "t1ShortInv_mpr_sag_pt7mm_1Average",
  "PulseSequenceDetails": "%SiemensSeq%_tfl",
  "ReceiveCoilName": "32Ch_Head_7T",
  "ReconMatrixPE": 320,
  "RepetitionTime": 4.5,
  "SAR": 0.0138866,
  "ScanOptions": "IR_PFP",
  "ScanningSequence": "GR_IR",
  "SequenceName": "_tfl3d1",
  "SequenceVariant": "SP_MP",
  "SeriesDescription": "t1ShortInv_mpr_sag_pt7mm_1Average",
  "SeriesNumber": 8,
  "ShimSetting": [94, -65, 372, 290, -281, -182, 310, 178],
  "SliceThickness": 0.7,
  "SoftwareVersions": "syngo_MR_B17",
  "StationName": "MRC18930",
  "TxRefAmp": 183.439,
  "dcmmeta_affine": [
    [0.6972281336784363, -0.026650629937648773, 0.05623761937022209, -95.41483306884766],
    [0.046518199145793915, 0.6433842182159424, -0.27183228731155396, -24.70513343811035],
    [-0.041339851915836334, 0.27449312806129456, 0.642607569694519, -149.52401733398438],
    [0.0, 0.0, 0.0, 1.0]
],
  "dcmmeta_reorient_transform": [
    [0.0, 0.0, -1.0, 319.0],
    [0.0, -1.0, 0.0, 319.0],
    [-1.0, 0.0, 0.0, 255.0],
    [0.0, 0.0, 0.0, 1.0]
],
  "dcmmeta_shape": [256, 320, 320],
  "dcmmeta_slice_dim": 0,
  "dcmmeta_version": 0.6,
  "global": {
    "const": {
      "AcquisitionMatrix": [0, 320, 320, 0],
      "AcquisitionNumber": 1,
      "AcquisitionTime": "174913.150000",
      "AngioFlag": "N",
      "BitsAllocated": 16,
      "BitsStored": 12,
      "Columns": 320,
      "EchoNumbers": 1,
      "EchoTime": 3.37,
      "EchoTrainLength": 1,
      "FlipAngle": 4.0,
      "HighBit": 11,
      "ImageOrientationPatient": [-0.0380723299736, 0.91912032041605, -0.3921330568681, 0.08033945943167, -0.3883318512346, -0.918010862994],
      "ImageType": [
        "ORIGINAL",
        "PRIMARY",
        "M",
        "ND"
],
      "ImagedNucleus": "1H",
      "ImagingFrequency": 297.205659,
      "InPlanePhaseEncodingDirection": "ROW",
      "InversionTime": 670.0,
      "MRAcquisitionType": "3D",
      "MagneticFieldStrength": 6.98,
      "Manufacturer": "SIEMENS",
      "ManufacturerModelName": "Investigational_Device_7T",
      "Modality": "MR",
      "NumberOfAverages": 1.0,
      "NumberOfPhaseEncodingSteps": 240,
      "PercentPhaseFieldOfView": 100.0,
      "PercentSampling": 100.0,
      "PerformedProcedureStepStartTime": "171550.375000",
      "PhotometricInterpretation": "MONOCHROME2",
      "PixelBandwidth": 178.0,
      "PixelRepresentation": 0,
      "PixelSpacing": [0.69999998807907, 0.69999998807907],
      "ProtocolName": "t1ShortInv_mpr_sag_pt7mm_1Average",
      "RepetitionTime": 4500.0,
      "Rows": 320,
      "SAR": 0.01388655549734,
      "SamplesPerPixel": 1,
      "ScanOptions": [
        "IR",
        "PFP"
],
      "ScanningSequence": [
        "GR",
        "IR"
],
      "SequenceName": "*tfl3d1",
      "SequenceVariant": [
        "SP",
        "MP"
],
      "SeriesDescription": "t1ShortInv_mpr_sag_pt7mm_1Average",
      "SeriesNumber": 8,
      "SeriesTime": "175646.671000",
      "SliceThickness": 0.69999998807907,
      "SmallestImagePixelValue": 0,
      "SoftwareVersions": "syngo MR B17",
      "SpecificCharacterSet": "ISO_IR 100",
      "StudyID": "1",
      "StudyTime": "171550.328000",
      "TransmitCoilName": "32Ch_Head_7T",
      "VariableFlipAngleFlag": "N",
      "WindowCenterWidthExplanation": "Algo1",
      "dBdt": 0.0},
