{
  "AcquisitionMatrixPE": 320,
  "AcquisitionNumber": 1,
  "AcquisitionTime": "15:41:18.152500",
  "BaseResolution": 320,
  "ConversionSoftware": "dcm2niix",
  "ConversionSoftwareVersion": "v1.0.20180606 GCC4.8.5",
  "DeviceSerialNumber": "18930",
  "DwellTime": 3.3e-06,
  "EchoTime": 0.016,
  "FlipAngle": 5,
  "ImageOrientationPatientDICOM": [-0.0601196, 0.963481, -0.260942, 0.0846497, -0.255552, -0.963082],
  "ImageType": [
    "ORIGINAL",
    "PRIMARY",
    "M",
    "ND"
],
  "InPlanePhaseEncodingDirectionDICOM": "ROW",
  "InstitutionAddress": "Oxfordlaan_55_Maastricht_22AAA2_Limburg_NL_6229_EV",
  "InstitutionName": "Scannexus",
  "InstitutionalDepartmentName": "MRI_7T",
  "MRAcquisitionType": "3D",
  "MagneticFieldStrength": 6.98,
  "Manufacturer": "Siemens",
  "ManufacturersModelName": "Investigational_Device_7T",
  "Modality": "MR",
  "ParallelReductionFactorInPlane": 3,
  "PartialFourier": 0.75,
  "PatientPosition": "HFS",
  "PercentPhaseFOV": 100,
  "PhaseEncodingSteps": 240,
  "PhaseResolution": 1,
  "PixelBandwidth": 473,
  "ProcedureStepDescription": "FeDem_Faruk",
  "ProtocolName": "ey_tfl_T2s_pt7",
  "PulseSequenceDetails": "%CustomerSeq%_ey_tfl",
  "ReceiveCoilName": "32Ch_Head_7T",
  "ReconMatrixPE": 320,
  "RepetitionTime": 4.91,
  "SAR": 0.0020868,
  "ScanOptions": "PFP",
  "ScanningSequence": "GR",
  "SequenceName": "tfl3d1",
  "SequenceVariant": "SP",
  "SeriesDescription": "ey_tfl_T2s_pt7",
  "SeriesNumber": 7,
  "ShimSetting": [62, -170, 305, 555, -138, 205, 537, 102],
  "SliceThickness": 0.7,
  "SoftwareVersions": "syngo_MR_B17",
  "StationName": "MRC18930",
  "TxRefAmp": 172.292,
  "dcmmeta_affine": [
    [0.6962167620658875, -0.042083702981472015, 0.05925482138991356, -88.64852142333984],
    [0.05599213391542435, 0.6744364500045776, -0.17888636887073517, -53.5672607421875],
    [-0.046336300671100616, 0.18265928328037262, 0.6741576194763184, -139.1111297607422],
    [0.0, 0.0, 0.0, 1.0]
],
  "dcmmeta_reorient_transform": [
    [0.0, 0.0, -1.0, 319.0],
    [0.0, -1.0, 0.0, 319.0],
    [-1.0, 0.0, 0.0, 255.0],
    [0.0, 0.0, 0.0, 1.0]
],
  "dcmmeta_shape": [256, 320, 320],
  "dcmmeta_slice_dim": 0,
  "dcmmeta_version": 0.6,
  "global": {
    "const": {
      "AcquisitionMatrix": [0, 320, 320, 0],
      "AcquisitionNumber": 1,
      "AcquisitionTime": "154118.152500",
      "AngioFlag": "N",
      "BitsAllocated": 16,
      "BitsStored": 12,
      "Columns": 320,
      "EchoNumbers": 1,
      "EchoTime": 16.0,
      "EchoTrainLength": 1,
      "FlipAngle": 5.0,
      "HighBit": 11,
      "ImageOrientationPatient": [-0.060119577666, 0.96348066654179, -0.260941835629, 0.08464974403156, -0.255551957244, -0.9630823526491],
      "ImageType": [
        "ORIGINAL",
        "PRIMARY",
        "M",
        "ND"
],
      "ImagedNucleus": "1H",
      "ImagingFrequency": 297.205573,
      "InPlanePhaseEncodingDirection": "ROW",
      "MRAcquisitionType": "3D",
      "MagneticFieldStrength": 6.98,
      "Manufacturer": "SIEMENS",
      "ManufacturerModelName": "Investigational_Device_7T",
      "Modality": "MR",
      "NumberOfAverages": 1.0,
      "NumberOfPhaseEncodingSteps": 240,
      "PercentPhaseFieldOfView": 100.0,
      "PercentSampling": 100.0,
      "PerformedProcedureStepStartTime": "150545.421000",
      "PhotometricInterpretation": "MONOCHROME2",
      "PixelBandwidth": 473.0,
      "PixelRepresentation": 0,
      "PixelSpacing": [0.69999998807907, 0.69999998807907],
      "ProtocolName": "ey_tfl_T2s_pt7",
      "RepetitionTime": 4910.0,
      "Rows": 320,
      "SAR": 0.0020867977588,
      "SamplesPerPixel": 1,
      "ScanOptions": "PFP",
      "ScanningSequence": "GR",
      "SequenceName": "tfl3d1",
      "SequenceVariant": "SP",
      "SeriesDescription": "ey_tfl_T2s_pt7",
      "SeriesNumber": 7,
      "SeriesTime": "154911.609000",
      "SliceThickness": 0.69999998807907,
      "SmallestImagePixelValue": 0,
      "SoftwareVersions": "syngo MR B17",
      "SpecificCharacterSet": "ISO_IR 100",
      "StudyID": "1",
      "StudyTime": "150545.375000",
      "TransmitCoilName": "32Ch_Head_7T",
      "VariableFlipAngleFlag": "N",
      "WindowCenterWidthExplanation": "Algo1",
      "dBdt": 0.0},
