{
  "AcquisitionMatrixPE": 320,
  "AcquisitionNumber": 1,
  "AcquisitionTime": "09:21:14.167500",
  "BaseResolution": 320,
  "ConversionSoftware": "dcm2niix",
  "ConversionSoftwareVersion": "v1.0.20180606 GCC4.8.5",
  "DeviceSerialNumber": "18930",
  "DwellTime": 3.3e-06,
  "EchoTime": 0.016,
  "FlipAngle": 5,
  "ImageOrientationPatientDICOM": [-0.00185027, 0.953198, -0.302341, -0.0457747, -0.302105, -0.952175],
  "ImageType": [
    "ORIGINAL",
    "PRIMARY",
    "M",
    "ND"
],
  "InPlanePhaseEncodingDirectionDICOM": "ROW",
  "InstitutionAddress": "Oxfordlaan_55_Maastricht_22AAA2_Limburg_NL_6229_EV",
  "InstitutionName": "Scannexus",
  "InstitutionalDepartmentName": "MRI_7T",
  "MRAcquisitionType": "3D",
  "MagneticFieldStrength": 6.98,
  "Manufacturer": "Siemens",
  "ManufacturersModelName": "Investigational_Device_7T",
  "Modality": "MR",
  "ParallelReductionFactorInPlane": 3,
  "PartialFourier": 0.75,
  "PatientPosition": "HFS",
  "PercentPhaseFOV": 100,
  "PhaseEncodingSteps": 240,
  "PhaseResolution": 1,
  "PixelBandwidth": 473,
  "ProcedureStepDescription": "FeDem_Faruk",
  "ProtocolName": "ey_tfl_T2s_pt7",
  "PulseSequenceDetails": "%CustomerSeq%_ey_tfl",
  "ReceiveCoilName": "32Ch_Head_7T",
  "ReconMatrixPE": 320,
  "RepetitionTime": 4.91,
  "SAR": 0.00200117,
  "ScanOptions": "PFP",
  "ScanningSequence": "GR",
  "SequenceName": "tfl3d1",
  "SequenceVariant": "SP",
  "SeriesDescription": "ey_tfl_T2s_pt7",
  "SeriesNumber": 7,
  "ShimSetting": [20, -229, 365, 222, -70, -120, 81, 119],
  "SliceThickness": 0.7,
  "SoftwareVersions": "syngo_MR_B17",
  "StationName": "MRC18930",
  "TxRefAmp": 195.764,
  "dcmmeta_affine": [
    [0.6992650628089905, -0.0012951900716871023, -0.032042309641838074, -85.31845092773438],
    [-0.008454451337456703, 0.6672386527061462, -0.21147361397743225, -34.413448333740234],
    [0.030933953821659088, 0.21163858473300934, 0.6665224432945251, -153.6647491455078],
    [0.0, 0.0, 0.0, 1.0]
],
  "dcmmeta_reorient_transform": [
    [0.0, 0.0, -1.0, 319.0],
    [0.0, -1.0, 0.0, 319.0],
    [-1.0, 0.0, 0.0, 255.0],
    [0.0, 0.0, 0.0, 1.0]
],
  "dcmmeta_shape": [256, 320, 320],
  "dcmmeta_slice_dim": 0,
  "dcmmeta_version": 0.6,
  "global": {
    "const": {
      "AcquisitionMatrix": [0, 320, 320, 0],
      "AcquisitionNumber": 1,
      "AcquisitionTime": "092114.167500",
      "AngioFlag": "N",
      "BitsAllocated": 16,
      "BitsStored": 12,
      "Columns": 320,
      "EchoNumbers": 1,
      "EchoTime": 16.0,
      "EchoTrainLength": 1,
      "FlipAngle": 5.0,
      "HighBit": 11,
      "ImageOrientationPatient": [-0.0018502715446, 0.95319808984538, -0.3023408308686, -0.0457747310404, -0.302105161413, -0.9521749552712],
      "ImageType": [
        "ORIGINAL",
        "PRIMARY",
        "M",
        "ND"
],
      "ImagedNucleus": "1H",
      "ImagingFrequency": 297.205571,
      "InPlanePhaseEncodingDirection": "ROW",
      "MRAcquisitionType": "3D",
      "MagneticFieldStrength": 6.98,
      "Manufacturer": "SIEMENS",
      "ManufacturerModelName": "Investigational_Device_7T",
      "Modality": "MR",
      "NumberOfAverages": 1.0,
      "NumberOfPhaseEncodingSteps": 240,
      "PercentPhaseFieldOfView": 100.0,
      "PercentSampling": 100.0,
      "PerformedProcedureStepStartTime": "085406.250000",
      "PhotometricInterpretation": "MONOCHROME2",
      "PixelBandwidth": 473.0,
      "PixelRepresentation": 0,
      "PixelSpacing": [0.69999998807907, 0.69999998807907],
      "ProtocolName": "ey_tfl_T2s_pt7",
      "RepetitionTime": 4910.0,
      "Rows": 320,
      "SAR": 0.00200116735421,
      "SamplesPerPixel": 1,
      "ScanOptions": "PFP",
      "ScanningSequence": "GR",
      "SequenceName": "tfl3d1",
      "SequenceVariant": "SP",
      "SeriesDescription": "ey_tfl_T2s_pt7",
      "SeriesNumber": 7,
      "SeriesTime": "092906.984000",
      "SliceThickness": 0.69999998807907,
      "SmallestImagePixelValue": 0,
      "SoftwareVersions": "syngo MR B17",
      "SpecificCharacterSet": "ISO_IR 100",
      "StudyID": "1",
      "StudyTime": "085406.203000",
      "TransmitCoilName": "32Ch_Head_7T",
      "VariableFlipAngleFlag": "N",
      "WindowCenterWidthExplanation": "Algo1",
      "dBdt": 0.0},
