{
  "AcquisitionMatrixPE": 320,
  "AcquisitionNumber": 1,
  "AcquisitionTime": "12:24:54.145000",
  "BaseResolution": 320,
  "ConversionSoftware": "dcm2niix",
  "ConversionSoftwareVersion": "v1.0.20180606 GCC4.8.5",
  "DeviceSerialNumber": "18930",
  "DwellTime": 3.3e-06,
  "EchoTime": 0.016,
  "FlipAngle": 5,
  "ImageOrientationPatientDICOM": [-0.0373524, 0.955588, -0.292329, 0.0292512, -0.291362, -0.956165],
  "ImageType": [
    "ORIGINAL",
    "PRIMARY",
    "M",
    "ND"
],
  "InPlanePhaseEncodingDirectionDICOM": "ROW",
  "InstitutionAddress": "Oxfordlaan_55_Maastricht_22AAA2_Limburg_NL_6229_EV",
  "InstitutionName": "Scannexus",
  "InstitutionalDepartmentName": "MRI_7T",
  "MRAcquisitionType": "3D",
  "MagneticFieldStrength": 6.98,
  "Manufacturer": "Siemens",
  "ManufacturersModelName": "Investigational_Device_7T",
  "Modality": "MR",
  "ParallelReductionFactorInPlane": 3,
  "PartialFourier": 0.75,
  "PatientPosition": "HFS",
  "PercentPhaseFOV": 100,
  "PhaseEncodingSteps": 240,
  "PhaseResolution": 1,
  "PixelBandwidth": 473,
  "ProcedureStepDescription": "FeDem_Faruk",
  "ProtocolName": "ey_tfl_T2s_pt7",
  "PulseSequenceDetails": "%CustomerSeq%_ey_tfl",
  "ReceiveCoilName": "32Ch_Head_7T",
  "ReconMatrixPE": 320,
  "RepetitionTime": 4.91,
  "SAR": 0.0016053,
  "ScanOptions": "PFP",
  "ScanningSequence": "GR",
  "SequenceName": "tfl3d1",
  "SequenceVariant": "SP",
  "SeriesDescription": "ey_tfl_T2s_pt7",
  "SeriesNumber": 7,
  "ShimSetting": [15, -75, 290, 465, -173, 248, 251, 51],
  "SliceThickness": 0.7,
  "SoftwareVersions": "syngo_MR_B17",
  "StationName": "MRC18930",
  "TxRefAmp": 187,
  "dcmmeta_affine": [
    [0.6992117762565613, -0.026146676391363144, 0.02047581411898136, -85.80597686767578],
    [0.030986225232481956, 0.6689115762710571, -0.20395369827747345, -38.03439712524414],
    [-0.01194828376173973, 0.20463041961193085, 0.669315755367279, -151.4142303466797],
    [0.0, 0.0, 0.0, 1.0]
],
  "dcmmeta_reorient_transform": [
    [0.0, 0.0, -1.0, 319.0],
    [0.0, -1.0, 0.0, 319.0],
    [-1.0, 0.0, 0.0, 255.0],
    [0.0, 0.0, 0.0, 1.0]
],
  "dcmmeta_shape": [256, 320, 320],
  "dcmmeta_slice_dim": 0,
  "dcmmeta_version": 0.6,
  "global": {
    "const": {
      "AcquisitionMatrix": [0, 320, 320, 0],
      "AcquisitionNumber": 1,
      "AcquisitionTime": "122454.145000",
      "AngioFlag": "N",
      "BitsAllocated": 16,
      "BitsStored": 12,
      "Columns": 320,
      "EchoNumbers": 1,
      "EchoTime": 16.0,
      "EchoTrainLength": 1,
      "FlipAngle": 5.0,
      "HighBit": 11,
      "ImageOrientationPatient": [-0.0373523957713, 0.95558801590169, -0.2923291678831, 0.02925116339084, -0.2913624234503, -0.9561654185555],
      "ImageType": [
        "ORIGINAL",
        "PRIMARY",
        "M",
        "ND"
],
      "ImagedNucleus": "1H",
      "ImagingFrequency": 297.205648,
      "InPlanePhaseEncodingDirection": "ROW",
      "MRAcquisitionType": "3D",
      "MagneticFieldStrength": 6.98,
      "Manufacturer": "SIEMENS",
      "ManufacturerModelName": "Investigational_Device_7T",
      "Modality": "MR",
      "NumberOfAverages": 1.0,
      "NumberOfPhaseEncodingSteps": 240,
      "PercentPhaseFieldOfView": 100.0,
      "PercentSampling": 100.0,
      "PerformedProcedureStepStartTime": "120212.343000",
      "PhotometricInterpretation": "MONOCHROME2",
      "PixelBandwidth": 473.0,
      "PixelRepresentation": 0,
      "PixelSpacing": [0.69999998807907, 0.69999998807907],
      "ProtocolName": "ey_tfl_T2s_pt7",
      "RepetitionTime": 4910.0,
      "Rows": 320,
      "SAR": 0.00160530195772,
      "SamplesPerPixel": 1,
      "ScanOptions": "PFP",
      "ScanningSequence": "GR",
      "SequenceName": "tfl3d1",
      "SequenceVariant": "SP",
      "SeriesDescription": "ey_tfl_T2s_pt7",
      "SeriesNumber": 7,
      "SeriesTime": "123246.921000",
      "SliceThickness": 0.69999998807907,
      "SmallestImagePixelValue": 0,
      "SoftwareVersions": "syngo MR B17",
      "SpecificCharacterSet": "ISO_IR 100",
      "StudyID": "1",
      "StudyTime": "120212.281000",
      "TransmitCoilName": "32Ch_Head_7T",
      "VariableFlipAngleFlag": "N",
      "WindowCenterWidthExplanation": "Algo1",
      "dBdt": 0.0},
