{
  "AcquisitionMatrixPE": 200,
  "AcquisitionNumber": 1,
  "AcquisitionTime": "12:52:4.545000",
  "BandwidthPerPixelPhaseEncode": 18.293,
  "BaseResolution": 200,
  "ConversionSoftware": "dcm2niix",
  "ConversionSoftwareVersion": "v1.0.20180606 GCC4.8.5",
  "DerivedVendorReportedEchoSpacing": 0.000819986,
  "DeviceSerialNumber": "18930",
  "DwellTime": 1.8e-06,
  "EchoTime": 0.076,
  "EffectiveEchoSpacing": 0.000273329,
  "FlipAngle": 90,
  "ImageComments": "Unaliased_MB2_PE4_LB_SENSE1",
  "ImageOrientationPatientDICOM": [1, -1.18365e-09, -1.047e-08, -1.18365e-09, 0.974761, -0.22325],
  "ImageType": [
    "ORIGINAL",
    "PRIMARY",
    "DIFFUSION",
    "NONE",
    "MB",
    "ND",
    "MOSAIC"
],
  "InPlanePhaseEncodingDirectionDICOM": "COL",
  "InstitutionAddress": "Oxfordlaan_55_Maastricht_753AAF_Limburg_NL_6229_EV",
  "InstitutionName": "Scannexus",
  "InstitutionalDepartmentName": "MRI_7T",
  "MRAcquisitionType": "2D",
  "MagneticFieldStrength": 6.98,
  "Manufacturer": "Siemens",
  "ManufacturersModelName": "Investigational_Device_7T",
  "Modality": "MR",
  "MultibandAccelerationFactor": 2,
  "ParallelReductionFactorInPlane": 3,
  "PartialFourier": 0.75,
  "PatientPosition": "HFS",
  "PercentPhaseFOV": 100,
  "PhaseEncodingDirection": "j-",
  "PhaseEncodingSteps": 150,
  "PhaseResolution": 1,
  "PixelBandwidth": 1389,
  "ProcedureStepDescription": "FeDem_Faruk",
  "ProtocolName": "hcp_v2_mbep2d_diff_AP_77",
  "PulseSequenceDetails": "%CustomerSeq%/federico_hcp_v2_mbep2d_diff",
  "ReceiveCoilName": "32Ch_Head_7T",
  "ReconMatrixPE": 200,
  "RepetitionTime": 7.776,
  "SAR": 0.109182,
  "ScanOptions": "PFP",
  "ScanningSequence": "EP",
  "SequenceName": "ep_b3010#1",
  "SequenceVariant": "SK_SS",
  "SeriesDescription": "hcp_v2_mbep2d_diff_AP_77",
  "SeriesNumber": 14,
  "ShimSetting": [87, -123, 337, 312, 5, 309, 204, 163],
  "SliceThickness": 1.05,
  "SliceTiming": [0, 5.795, 3.785, 1.7725, 7.57, 5.5575, 3.5475, 1.5375, 7.3325, 5.3225, 3.31, 1.3, 7.095, 5.085, 3.075, 1.0625, 6.86, 4.8475, 2.8375, 0.8275, 6.6225, 4.6125, 2.6025, 0.59, 6.3875, 4.375, 2.365, 0.355, 6.15, 4.14, 2.1275, 0.1175, 5.9125, 3.9025, 1.8925, 7.6875, 5.6775, 3.665, 1.655, 7.45, 5.44, 3.43, 1.4175, 7.215, 5.2025, 3.1925, 1.1825, 6.9775, 4.9675, 2.955, 0.945, 6.74, 4.73, 2.72, 0.71, 6.505, 4.495, 2.4825, 0.4725, 6.2675, 4.2575, 2.2475, 0.235, 6.0325, 4.02, 2.01, 0, 5.795, 3.785, 1.7725, 7.57, 5.5575, 3.5475, 1.5375, 7.3325, 5.3225, 3.31, 1.3, 7.095, 5.085, 3.075, 1.0625, 6.86, 4.8475, 2.8375, 0.8275, 6.6225, 4.6125, 2.6025, 0.59, 6.3875, 4.375, 2.365, 0.355, 6.15, 4.14, 2.1275, 0.1175, 5.9125, 3.9025, 1.8925, 7.6875, 5.6775, 3.665, 1.655, 7.45, 5.44, 3.43, 1.4175, 7.215, 5.2025, 3.1925, 1.1825, 6.9775, 4.9675, 2.955, 0.945, 6.74, 4.73, 2.72, 0.71, 6.505, 4.495, 2.4825, 0.4725, 6.2675, 4.2575, 2.2475, 0.235, 6.0325, 4.02, 2.01],
  "SoftwareVersions": "syngo_MR_B17",
  "SpacingBetweenSlices": 1.05,
  "StationName": "MRC18930",
  "TotalReadoutTime": 0.0543924,
  "TxRefAmp": 209,
  "dcmmeta_affine": [
    [-1.0499999523162842, -1.2428327256230887e-09, -1.0993514543145011e-08, 104.99999237060547],
    [1.2428327256230887e-09, 1.0234993696212769, -0.23441192507743835, -84.8004150390625],
    [-1.099351809585869e-08, 0.23441201448440552, 1.0234990119934082, -95.36338806152344],
    [0.0, 0.0, 0.0, 1.0]
],
  "dcmmeta_reorient_transform": [
    [0.0, -1.0, 0.0, 199.0],
    [1.0, 0.0, 0.0, 0.0],
    [0.0, 0.0, 1.0, 0.0],
    [0.0, 0.0, 0.0, 1.0]
],
  "dcmmeta_shape": [200, 200, 132, 77],
  "dcmmeta_slice_dim": 2,
  "dcmmeta_version": 0.6,
  "global": {
    "const": {
      "AcquisitionMatrix": [200, 0, 0, 200],
      "AngioFlag": "N",
      "BitsAllocated": 16,
      "BitsStored": 12,
      "Columns": 2400,
      "EchoNumbers": 1,
      "EchoTime": 76.0,
      "EchoTrainLength": 1,
      "FlipAngle": 90.0,
      "HighBit": 11,
      "ImageOrientationPatient": [1.0, -1.1836503e-09, -1.0470018e-08, -1.1836503e-09, 0.97476132483773, -0.2232495455776],
      "ImagePositionPatient": [-1259.9999412881, -1244.7252358926, 209.13782689338],
      "ImageType": [
        "ORIGINAL",
        "PRIMARY",
        "DIFFUSION",
        "NONE",
        "MB",
        "ND",
        "MOSAIC"
],
      "ImagedNucleus": "1H",
      "ImagingFrequency": 297.205587,
      "InPlanePhaseEncodingDirection": "COL",
      "MRAcquisitionType": "2D",
      "MagneticFieldStrength": 6.98,
      "Manufacturer": "SIEMENS",
      "ManufacturerModelName": "Investigational_Device_7T",
      "Modality": "MR",
      "NumberOfAverages": 1.0,
      "NumberOfPhaseEncodingSteps": 150,
      "PercentPhaseFieldOfView": 100.0,
      "PercentSampling": 100.0,
      "PerformedProcedureStepStartTime": "114444.750000",
      "PhotometricInterpretation": "MONOCHROME2",
      "PixelBandwidth": 1389.0,
      "PixelRepresentation": 0,
      "PixelSpacing": [1.0499999523163, 1.0499999523163],
      "ProtocolName": "hcp_v2_mbep2d_diff_AP_77",
      "RepetitionTime": 7776.0,
      "Rows": 2400,
      "SAR": 0.1091824624154,
      "SamplesPerPixel": 1,
      "ScanOptions": "PFP",
      "ScanningSequence": "EP",
      "SequenceVariant": [
        "SK",
        "SS"
],
      "SeriesDescription": "hcp_v2_mbep2d_diff_AP_77",
      "SeriesNumber": 14,
      "SeriesTime": "125236.984000",
      "SliceLocation": -74.024891257912,
      "SliceThickness": 1.0499999523163,
      "SmallestImagePixelValue": 0,
      "SoftwareVersions": "syngo MR B17",
      "SpacingBetweenSlices": 1.0499995709944,
      "SpecificCharacterSet": "ISO_IR 100",
      "StudyID": "1",
      "StudyTime": "114444.687000",
      "TransmitCoilName": "32Ch_Head_7T",
      "VariableFlipAngleFlag": "N",
      "WindowCenterWidthExplanation": "Algo1",
      "dBdt": 0.0},
