{
  "AcquisitionMatrixPE": 200,
  "AcquisitionNumber": 1,
  "AcquisitionTime": "13:04:8.560000",
  "BandwidthPerPixelPhaseEncode": 18.293,
  "BaseResolution": 200,
  "ConversionSoftware": "dcm2niix",
  "ConversionSoftwareVersion": "v1.0.20180606 GCC4.8.5",
  "DerivedVendorReportedEchoSpacing": 0.000819986,
  "DeviceSerialNumber": "18930",
  "DwellTime": 1.8e-06,
  "EchoTime": 0.076,
  "EffectiveEchoSpacing": 0.000273329,
  "FlipAngle": 90,
  "ImageComments": "Unaliased_MB2_PE4_LB_SENSE1",
  "ImageOrientationPatientDICOM": [1, 3.55095e-09, 3.14101e-08, 3.55095e-09, 0.974761, -0.223249],
  "ImageType": [
    "ORIGINAL",
    "PRIMARY",
    "DIFFUSION",
    "NONE",
    "MB",
    "ND",
    "MOSAIC"
],
  "InPlanePhaseEncodingDirectionDICOM": "COL",
  "InstitutionAddress": "Oxfordlaan_55_Maastricht_753AAF_Limburg_NL_6229_EV",
  "InstitutionName": "Scannexus",
  "InstitutionalDepartmentName": "MRI_7T",
  "MRAcquisitionType": "2D",
  "MagneticFieldStrength": 6.98,
  "Manufacturer": "Siemens",
  "ManufacturersModelName": "Investigational_Device_7T",
  "Modality": "MR",
  "MultibandAccelerationFactor": 2,
  "ParallelReductionFactorInPlane": 3,
  "PartialFourier": 0.75,
  "PatientPosition": "HFS",
  "PercentPhaseFOV": 100,
  "PhaseEncodingDirection": "j",
  "PhaseEncodingSteps": 150,
  "PhaseResolution": 1,
  "PixelBandwidth": 1389,
  "ProcedureStepDescription": "FeDem_Faruk",
  "ProtocolName": "hcp_v2_mbep2d_diff_PA_77",
  "PulseSequenceDetails": "%CustomerSeq%/federico_hcp_v2_mbep2d_diff",
  "ReceiveCoilName": "32Ch_Head_7T",
  "ReconMatrixPE": 200,
  "RepetitionTime": 7.776,
  "SAR": 0.109674,
  "ScanOptions": "PFP",
  "ScanningSequence": "EP",
  "SequenceName": "ep_b3010#1",
  "SequenceVariant": "SK_SS",
  "SeriesDescription": "hcp_v2_mbep2d_diff_PA_77",
  "SeriesNumber": 16,
  "ShimSetting": [87, -123, 337, 312, 5, 309, 204, 163],
  "SliceThickness": 1.05,
  "SliceTiming": [0, 5.7975, 3.7875, 1.775, 7.5725, 5.56, 3.55, 1.54, 7.335, 5.325, 3.3125, 1.3025, 7.0975, 5.0875, 3.0775, 1.065, 6.8625, 4.85, 2.84, 0.83, 6.625, 4.615, 2.6025, 0.5925, 6.3875, 4.3775, 2.3675, 0.355, 6.1525, 4.14, 2.13, 0.12, 5.915, 3.905, 1.895, 7.69, 5.68, 3.6675, 1.6575, 7.4525, 5.4425, 3.4325, 1.42, 7.2175, 5.205, 3.195, 1.185, 6.98, 4.97, 2.9575, 0.9475, 6.7425, 4.7325, 2.7225, 0.71, 6.5075, 4.495, 2.485, 0.475, 6.27, 4.26, 2.2475, 0.2375, 6.0325, 4.0225, 2.0125, 0, 5.7975, 3.7875, 1.775, 7.5725, 5.56, 3.55, 1.54, 7.335, 5.325, 3.3125, 1.3025, 7.0975, 5.0875, 3.0775, 1.065, 6.8625, 4.85, 2.84, 0.83, 6.625, 4.615, 2.6025, 0.5925, 6.3875, 4.3775, 2.3675, 0.355, 6.1525, 4.14, 2.13, 0.12, 5.915, 3.905, 1.895, 7.69, 5.68, 3.6675, 1.6575, 7.4525, 5.4425, 3.4325, 1.42, 7.2175, 5.205, 3.195, 1.185, 6.98, 4.97, 2.9575, 0.9475, 6.7425, 4.7325, 2.7225, 0.71, 6.5075, 4.495, 2.485, 0.475, 6.27, 4.26, 2.2475, 0.2375, 6.0325, 4.0225, 2.0125],
  "SoftwareVersions": "syngo_MR_B17",
  "SpacingBetweenSlices": 1.05,
  "StationName": "MRC18930",
  "TotalReadoutTime": 0.0543924,
  "TxRefAmp": 209,
  "dcmmeta_affine": [
    [-1.0499999523162842, 3.7284935139325626e-09, 3.2980537412186095e-08, 104.99999237060547],
    [-3.7284935139325626e-09, 1.0234993696212769, -0.2344115674495697, -84.80044555664062],
    [3.298055517575449e-08, 0.23441171646118164, 1.023498773574829, -95.36334228515625],
    [0.0, 0.0, 0.0, 1.0]
],
  "dcmmeta_reorient_transform": [
    [0.0, -1.0, 0.0, 199.0],
    [1.0, 0.0, 0.0, 0.0],
    [0.0, 0.0, 1.0, 0.0],
    [0.0, 0.0, 0.0, 1.0]
],
  "dcmmeta_shape": [200, 200, 132, 77],
  "dcmmeta_slice_dim": 2,
  "dcmmeta_version": 0.6,
  "global": {
    "const": {
      "AcquisitionMatrix": [200, 0, 0, 200],
      "AngioFlag": "N",
      "BitsAllocated": 16,
      "BitsStored": 12,
      "Columns": 2400,
      "EchoNumbers": 1,
      "EchoTime": 76.0,
      "EchoTrainLength": 1,
      "FlipAngle": 90.0,
      "HighBit": 11,
      "ImageOrientationPatient": [1.0, 3.5509462e-09, 3.14100551e-08, 3.5509462e-09, 0.97476139028564, -0.223249259816],
      "ImagePositionPatient": [-1259.9999472537, -1244.7252976197, 209.13743695315],
      "ImageType": [
        "ORIGINAL",
        "PRIMARY",
        "DIFFUSION",
        "NONE",
        "MB",
        "ND",
        "MOSAIC"
],
      "ImagedNucleus": "1H",
      "ImagingFrequency": 297.205605,
      "InPlanePhaseEncodingDirection": "COL",
      "MRAcquisitionType": "2D",
      "MagneticFieldStrength": 6.98,
      "Manufacturer": "SIEMENS",
      "ManufacturerModelName": "Investigational_Device_7T",
      "Modality": "MR",
      "NumberOfAverages": 1.0,
      "NumberOfPhaseEncodingSteps": 150,
      "PercentPhaseFieldOfView": 100.0,
      "PercentSampling": 100.0,
      "PerformedProcedureStepStartTime": "114444.750000",
      "PhotometricInterpretation": "MONOCHROME2",
      "PixelBandwidth": 1389.0,
      "PixelRepresentation": 0,
      "PixelSpacing": [1.0499999523163, 1.0499999523163],
      "ProtocolName": "hcp_v2_mbep2d_diff_PA_77",
      "RepetitionTime": 7776.0,
      "Rows": 2400,
      "SAR": 0.10967375744504,
      "SamplesPerPixel": 1,
      "ScanOptions": "PFP",
      "ScanningSequence": "EP",
      "SequenceVariant": [
        "SK",
        "SS"
],
      "SeriesDescription": "hcp_v2_mbep2d_diff_PA_77",
      "SeriesNumber": 16,
      "SeriesTime": "130440.203000",
      "SliceLocation": -74.024862985993,
      "SliceThickness": 1.0499999523163,
      "SmallestImagePixelValue": 0,
      "SoftwareVersions": "syngo MR B17",
      "SpacingBetweenSlices": 1.0499993226733,
      "SpecificCharacterSet": "ISO_IR 100",
      "StudyID": "1",
      "StudyTime": "114444.687000",
      "TransmitCoilName": "32Ch_Head_7T",
      "VariableFlipAngleFlag": "N",
      "WindowCenterWidthExplanation": "Algo1",
      "dBdt": 0.0},
