{
  "AcquisitionMatrixPE": 320,
  "AcquisitionNumber": 1,
  "AcquisitionTime": "14:44:33.870000",
  "BaseResolution": 320,
  "ConversionSoftware": "dcm2niix",
  "ConversionSoftwareVersion": "v1.0.20180606 GCC4.8.5",
  "DeviceSerialNumber": "18930",
  "DwellTime": 3.3e-06,
  "EchoTime": 0.016,
  "FlipAngle": 5,
  "ImageOrientationPatientDICOM": [-0.0514941, 0.925234, -0.375885, 0.010983, -0.375837, -0.926621],
  "ImageType": [
    "ORIGINAL",
    "PRIMARY",
    "M",
    "ND"
],
  "InPlanePhaseEncodingDirectionDICOM": "ROW",
  "InstitutionAddress": "Oxfordlaan_55_Maastricht_12C0A2_Limburg_NL_6229_EV",
  "InstitutionName": "Scannexus",
  "InstitutionalDepartmentName": "MRI_7T",
  "MRAcquisitionType": "3D",
  "MagneticFieldStrength": 6.98,
  "Manufacturer": "Siemens",
  "ManufacturersModelName": "Investigational_Device_7T",
  "Modality": "MR",
  "ParallelReductionFactorInPlane": 3,
  "PartialFourier": 0.75,
  "PatientPosition": "HFS",
  "PercentPhaseFOV": 100,
  "PhaseEncodingSteps": 240,
  "PhaseResolution": 1,
  "PixelBandwidth": 473,
  "ProcedureStepDescription": "FeDem_fMRI",
  "ProtocolName": "ey_tfl_T2s_pt6",
  "PulseSequenceDetails": "%CustomerSeq%_ey_tfl",
  "ReceiveCoilName": "32Ch_Head_7T",
  "ReconMatrixPE": 320,
  "RepetitionTime": 4.91,
  "SAR": 0.002246,
  "ScanOptions": "PFP",
  "ScanningSequence": "GR",
  "SequenceName": "tfl3d1",
  "SequenceVariant": "SP",
  "SeriesDescription": "ey_tfl_T2s_pt6",
  "SeriesNumber": 7,
  "ShimSetting": [99, -122, 330, 334, 89, 263, -5, 103],
  "SliceThickness": 0.7,
  "SoftwareVersions": "syngo_MR_B17",
  "StationName": "MRC18930",
  "TxRefAmp": 190,
  "dcmmeta_affine": [
    [0.6990290284156799, -0.03604583442211151, 0.007688077632337809, -84.93267059326172],
    [0.03629064932465553, 0.6476640701293945, -0.2630859315395355, -25.41573143005371],
    [0.006434086710214615, 0.2631196081638336, 0.6486344337463379, -160.3830108642578],
    [0.0, 0.0, 0.0, 1.0]
],
  "dcmmeta_reorient_transform": [
    [0.0, 0.0, -1.0, 319.0],
    [0.0, -1.0, 0.0, 319.0],
    [-1.0, 0.0, 0.0, 255.0],
    [0.0, 0.0, 0.0, 1.0]
],
  "dcmmeta_shape": [256, 320, 320],
  "dcmmeta_slice_dim": 0,
  "dcmmeta_version": 0.6,
  "global": {
    "const": {
      "AcquisitionMatrix": [0, 320, 320, 0],
      "AcquisitionNumber": 1,
      "AcquisitionTime": "144433.870000",
      "AngioFlag": "N",
      "BitsAllocated": 16,
      "BitsStored": 12,
      "Columns": 320,
      "EchoNumbers": 1,
      "EchoTime": 16.0,
      "EchoTrainLength": 1,
      "FlipAngle": 5.0,
      "HighBit": 11,
      "ImageOrientationPatient": [-0.0514940489978, 0.92523441191864, -0.3758851499053, 0.01098296816339, -0.3758370723699, -0.9266206718192],
      "ImageType": [
        "ORIGINAL",
        "PRIMARY",
        "M",
        "ND"
],
      "ImagedNucleus": "1H",
      "ImagingFrequency": 297.205756,
      "InPlanePhaseEncodingDirection": "ROW",
      "MRAcquisitionType": "3D",
      "MagneticFieldStrength": 6.98,
      "Manufacturer": "SIEMENS",
      "ManufacturerModelName": "Investigational_Device_7T",
      "Modality": "MR",
      "NumberOfAverages": 1.0,
      "NumberOfPhaseEncodingSteps": 240,
      "PercentPhaseFieldOfView": 100.0,
      "PercentSampling": 100.0,
      "PerformedProcedureStepStartTime": "140749.156000",
      "PhotometricInterpretation": "MONOCHROME2",
      "PixelBandwidth": 473.0,
      "PixelRepresentation": 0,
      "PixelSpacing": [0.69999998807907, 0.69999998807907],
      "ProtocolName": "ey_tfl_T2s_pt6",
      "RepetitionTime": 4910.0,
      "Rows": 320,
      "SAR": 0.00224600309325,
      "SamplesPerPixel": 1,
      "ScanOptions": "PFP",
      "ScanningSequence": "GR",
      "SequenceName": "tfl3d1",
      "SequenceVariant": "SP",
      "SeriesDescription": "ey_tfl_T2s_pt6",
      "SeriesNumber": 7,
      "SeriesTime": "145227.312000",
      "SliceThickness": 0.69999998807907,
      "SmallestImagePixelValue": 0,
      "SoftwareVersions": "syngo MR B17",
      "SpecificCharacterSet": "ISO_IR 100",
      "StudyID": "1",
      "StudyTime": "140749.109000",
      "TransmitCoilName": "32Ch_Head_7T",
      "VariableFlipAngleFlag": "N",
      "WindowCenterWidthExplanation": "Algo1",
      "dBdt": 0.0},
